NUGET
  remote: https://www.nuget.org/api/v2
    Argu (3.7)
      FSharp.Core (>= 4.0.1.7-alpha) - restriction: >= netstandard16
      NETStandard.Library (>= 1.6) - restriction: >= netstandard16
      System.Xml.XDocument (>= 4.0.11) - restriction: >= netstandard16
    Expecto (5.0)
      Argu (>= 3.7)
      FSharp.Core (>= 4.1.12) - restriction: < netstandard16
      FSharp.Core (>= 4.1.17) - restriction: >= netstandard16
      Mono.Cecil (>= 0.10.0-beta5)
      NETStandard.Library (>= 1.6.1) - restriction: >= netstandard16
      System.Diagnostics.FileVersionInfo (>= 4.3) - restriction: >= netstandard16
      System.Diagnostics.TraceSource (>= 4.3) - restriction: >= netstandard16
      System.Linq.Parallel (>= 4.3) - restriction: >= netstandard16
    FAKE (4.61.3)
    FSharp.Core (4.2.1)
      System.Collections (>= 4.0.11) - restriction: >= netstandard16
      System.Console (>= 4.0) - restriction: >= netstandard16
      System.Diagnostics.Debug (>= 4.0.11) - restriction: >= netstandard16
      System.Diagnostics.Tools (>= 4.0.1) - restriction: >= netstandard16
      System.Globalization (>= 4.0.11) - restriction: >= netstandard16
      System.IO (>= 4.1) - restriction: >= netstandard16
      System.Linq (>= 4.1) - restriction: >= netstandard16
      System.Linq.Expressions (>= 4.1) - restriction: >= netstandard16
      System.Linq.Queryable (>= 4.0.1) - restriction: >= netstandard16
      System.Net.Requests (>= 4.0.11) - restriction: >= netstandard16
      System.Reflection (>= 4.1) - restriction: >= netstandard16
      System.Reflection.Extensions (>= 4.0.1) - restriction: >= netstandard16
      System.Resources.ResourceManager (>= 4.0.1) - restriction: >= netstandard16
      System.Runtime (>= 4.1) - restriction: >= netstandard16
      System.Runtime.Extensions (>= 4.1) - restriction: >= netstandard16
      System.Runtime.Numerics (>= 4.0.1) - restriction: >= netstandard16
      System.Text.RegularExpressions (>= 4.1) - restriction: >= netstandard16
      System.Threading (>= 4.0.11) - restriction: >= netstandard16
      System.Threading.Tasks (>= 4.0.11) - restriction: >= netstandard16
      System.Threading.Tasks.Parallel (>= 4.0.1) - restriction: >= netstandard16
      System.Threading.Thread (>= 4.0) - restriction: >= netstandard16
      System.Threading.ThreadPool (>= 4.0.10) - restriction: >= netstandard16
      System.Threading.Timer (>= 4.0.1) - restriction: >= netstandard16
    Microsoft.NETCore.Platforms (1.1) - restriction: || (&& (< net35) (< netstandard12) (>= netstandard13) (< win8)) (&& (< net35) (>= netstandard13) (< netstandard15) (< win8) (< wpa81)) (&& (< net35) (>= netstandard13) (< monoandroid) (< monotouch) (< xamarinios) (< xamarinmac)) (&& (< net35) (>= netstandard15) (< monoandroid) (< monotouch) (< xamarinios) (< xamarinmac)) (&& (>= dnxcore50) (>= netstandard13)) (&& (>= dnxcore50) (>= netstandard15)) (>= netstandard16)
    Microsoft.NETCore.Targets (1.1) - restriction: || (&& (< net35) (< netstandard12) (>= netstandard13) (< win8)) (&& (< net35) (>= netstandard13) (< netstandard15) (< win8) (< wpa81)) (&& (< net35) (>= netstandard13) (< monoandroid) (< monotouch) (< xamarinios) (< xamarinmac)) (&& (< net35) (>= netstandard15) (< monoandroid) (< monotouch) (< xamarinios) (< xamarinmac)) (&& (>= dnxcore50) (>= netstandard13)) (&& (>= dnxcore50) (>= netstandard15)) (&& (>= dnxcore50) (>= netstandard16)) (&& (< netstandard11) (>= netstandard16)) (&& (< netstandard12) (>= netstandard16)) (&& (< netstandard13) (>= netstandard16)) (&& (< netstandard15) (>= netstandard16)) (&& (>= netstandard16) (< monoandroid) (< monotouch) (< xamarinios) (< xamarinmac)) (>= netcore11)
    Microsoft.Win32.Primitives (4.3) - restriction: >= netstandard16
      Microsoft.NETCore.Platforms (>= 1.1) - restriction: && (< net46) (>= netstandard13) (< monoandroid) (< monotouch) (< xamarinios) (< xamarinmac)
      Microsoft.NETCore.Targets (>= 1.1) - restriction: && (< net46) (>= netstandard13) (< monoandroid) (< monotouch) (< xamarinios) (< xamarinmac)
      System.Runtime (>= 4.3) - restriction: && (< net46) (>= netstandard13) (< monoandroid) (< monotouch) (< xamarinios) (< xamarinmac)
    Mono.Cecil (0.10.0-beta6)
      System.Collections (>= 4.0.11) - restriction: && (< net35) (>= netstandard13)
      System.IO.FileSystem (>= 4.0.1) - restriction: && (< net35) (>= netstandard13)
      System.IO.FileSystem.Primitives (>= 4.0.1) - restriction: && (< net35) (>= netstandard13)
      System.Reflection (>= 4.1) - restriction: && (< net35) (>= netstandard13)
      System.Runtime.Extensions (>= 4.1) - restriction: && (< net35) (>= netstandard13)
      System.Security.Cryptography.Algorithms (>= 4.2) - restriction: && (< net35) (>= netstandard13)
      System.Security.Cryptography.Csp (>= 4.0) - restriction: && (< net35) (>= netstandard13)
      System.Threading (>= 4.0.11) - restriction: && (< net35) (>= netstandard13)
    NETStandard.Library (1.6.1) - restriction: >= netstandard16
      Microsoft.NETCore.Platforms (>= 1.1) - restriction: >= netstandard10
      Microsoft.Win32.Primitives (>= 4.3) - restriction: >= netstandard13
      System.AppContext (>= 4.3) - restriction: >= netstandard13
      System.Collections (>= 4.3) - restriction: >= netstandard10
      System.Collections.Concurrent (>= 4.3) - restriction: >= netstandard11
      System.Console (>= 4.3) - restriction: >= netstandard13
      System.Diagnostics.Debug (>= 4.3) - restriction: >= netstandard10
      System.Diagnostics.Tools (>= 4.3) - restriction: >= netstandard10
      System.Diagnostics.Tracing (>= 4.3) - restriction: >= netstandard11
      System.Globalization (>= 4.3) - restriction: >= netstandard10
      System.Globalization.Calendars (>= 4.3) - restriction: >= netstandard13
      System.IO (>= 4.3) - restriction: >= netstandard10
      System.IO.Compression (>= 4.3) - restriction: >= netstandard11
      System.IO.Compression.ZipFile (>= 4.3) - restriction: >= netstandard13
      System.IO.FileSystem (>= 4.3) - restriction: >= netstandard13
      System.IO.FileSystem.Primitives (>= 4.3) - restriction: >= netstandard13
      System.Linq (>= 4.3) - restriction: >= netstandard10
      System.Linq.Expressions (>= 4.3) - restriction: >= netstandard10
      System.Net.Http (>= 4.3) - restriction: >= netstandard11
      System.Net.Primitives (>= 4.3) - restriction: >= netstandard10
      System.Net.Sockets (>= 4.3) - restriction: >= netstandard13
      System.ObjectModel (>= 4.3) - restriction: >= netstandard10
      System.Reflection (>= 4.3) - restriction: >= netstandard10
      System.Reflection.Extensions (>= 4.3) - restriction: >= netstandard10
      System.Reflection.Primitives (>= 4.3) - restriction: >= netstandard10
      System.Resources.ResourceManager (>= 4.3) - restriction: >= netstandard10
      System.Runtime (>= 4.3) - restriction: >= netstandard10
      System.Runtime.Extensions (>= 4.3) - restriction: >= netstandard10
      System.Runtime.Handles (>= 4.3) - restriction: >= netstandard13
      System.Runtime.InteropServices (>= 4.3) - restriction: >= netstandard11
      System.Runtime.InteropServices.RuntimeInformation (>= 4.3) - restriction: >= netstandard11
      System.Runtime.Numerics (>= 4.3) - restriction: >= netstandard11
      System.Security.Cryptography.Algorithms (>= 4.3) - restriction: >= netstandard13
      System.Security.Cryptography.Encoding (>= 4.3) - restriction: >= netstandard13
      System.Security.Cryptography.Primitives (>= 4.3) - restriction: >= netstandard13
      System.Security.Cryptography.X509Certificates (>= 4.3) - restriction: >= netstandard13
      System.Text.Encoding (>= 4.3) - restriction: >= netstandard10
      System.Text.Encoding.Extensions (>= 4.3) - restriction: >= netstandard10
      System.Text.RegularExpressions (>= 4.3) - restriction: >= netstandard10
      System.Threading (>= 4.3) - restriction: >= netstandard10
      System.Threading.Tasks (>= 4.3) - restriction: >= netstandard10
      System.Threading.Timer (>= 4.3) - restriction: >= netstandard12
      System.Xml.ReaderWriter (>= 4.3) - restriction: >= netstandard10
      System.Xml.XDocument (>= 4.3) - restriction: >= netstandard10
    runtime.debian.8-x64.runtime.native.System.Security.Cryptography.OpenSsl (4.3.1) - restriction: || (&& (< net35) (>= netstandard13) (< monoandroid) (< monotouch) (< xamarinios) (< xamarinmac)) (&& (>= netstandard16) (< monoandroid) (< monotouch) (< xamarinios) (< xamarinmac))
    runtime.fedora.23-x64.runtime.native.System.Security.Cryptography.OpenSsl (4.3.1) - restriction: || (&& (< net35) (>= netstandard13) (< monoandroid) (< monotouch) (< xamarinios) (< xamarinmac)) (&& (>= netstandard16) (< monoandroid) (< monotouch) (< xamarinios) (< xamarinmac))
    runtime.fedora.24-x64.runtime.native.System.Security.Cryptography.OpenSsl (4.3.1) - restriction: || (&& (< net35) (>= netstandard13) (< monoandroid) (< monotouch) (< xamarinios) (< xamarinmac)) (&& (>= netstandard16) (< monoandroid) (< monotouch) (< xamarinios) (< xamarinmac))
    runtime.native.System (4.3) - restriction: && (>= netstandard16) (< monoandroid) (< monotouch) (< xamarinios) (< xamarinmac)
      Microsoft.NETCore.Platforms (>= 1.1)
      Microsoft.NETCore.Targets (>= 1.1)
    runtime.native.System.IO.Compression (4.3) - restriction: || (&& (>= dnxcore50) (>= netstandard16)) (&& (>= netstandard16) (< monoandroid) (< monotouch) (< xamarinios) (< xamarinmac))
      Microsoft.NETCore.Platforms (>= 1.1)
      Microsoft.NETCore.Targets (>= 1.1)
    runtime.native.System.Net.Http (4.3) - restriction: && (>= netstandard16) (< monoandroid) (< monotouch) (< xamarinios) (< xamarinmac)
      Microsoft.NETCore.Platforms (>= 1.1)
      Microsoft.NETCore.Targets (>= 1.1)
    runtime.native.System.Security.Cryptography.Apple (4.3) - restriction: && (>= netstandard16) (< monoandroid) (< monotouch) (< xamarinios) (< xamarinmac)
      runtime.osx.10.10-x64.runtime.native.System.Security.Cryptography.Apple (>= 4.3)
    runtime.native.System.Security.Cryptography.OpenSsl (4.3.1) - restriction: || (&& (< net35) (>= netstandard13) (< monoandroid) (< monotouch) (< xamarinios) (< xamarinmac)) (&& (>= netstandard16) (< monoandroid) (< monotouch) (< xamarinios) (< xamarinmac))
      runtime.debian.8-x64.runtime.native.System.Security.Cryptography.OpenSsl (>= 4.3.1)
      runtime.fedora.23-x64.runtime.native.System.Security.Cryptography.OpenSsl (>= 4.3.1)
      runtime.fedora.24-x64.runtime.native.System.Security.Cryptography.OpenSsl (>= 4.3.1)
      runtime.opensuse.13.2-x64.runtime.native.System.Security.Cryptography.OpenSsl (>= 4.3.1)
      runtime.opensuse.42.1-x64.runtime.native.System.Security.Cryptography.OpenSsl (>= 4.3.1)
      runtime.osx.10.10-x64.runtime.native.System.Security.Cryptography.OpenSsl (>= 4.3.1)
      runtime.rhel.7-x64.runtime.native.System.Security.Cryptography.OpenSsl (>= 4.3.1)
      runtime.ubuntu.14.04-x64.runtime.native.System.Security.Cryptography.OpenSsl (>= 4.3.1)
      runtime.ubuntu.16.04-x64.runtime.native.System.Security.Cryptography.OpenSsl (>= 4.3.1)
      runtime.ubuntu.16.10-x64.runtime.native.System.Security.Cryptography.OpenSsl (>= 4.3.1)
    runtime.opensuse.13.2-x64.runtime.native.System.Security.Cryptography.OpenSsl (4.3.1) - restriction: || (&& (< net35) (>= netstandard13) (< monoandroid) (< monotouch) (< xamarinios) (< xamarinmac)) (&& (>= netstandard16) (< monoandroid) (< monotouch) (< xamarinios) (< xamarinmac))
    runtime.opensuse.42.1-x64.runtime.native.System.Security.Cryptography.OpenSsl (4.3.1) - restriction: || (&& (< net35) (>= netstandard13) (< monoandroid) (< monotouch) (< xamarinios) (< xamarinmac)) (&& (>= netstandard16) (< monoandroid) (< monotouch) (< xamarinios) (< xamarinmac))
    runtime.osx.10.10-x64.runtime.native.System.Security.Cryptography.Apple (4.3) - restriction: && (>= netstandard16) (< monoandroid) (< monotouch) (< xamarinios) (< xamarinmac)
    runtime.osx.10.10-x64.runtime.native.System.Security.Cryptography.OpenSsl (4.3.1) - restriction: || (&& (< net35) (>= netstandard13) (< monoandroid) (< monotouch) (< xamarinios) (< xamarinmac)) (&& (>= netstandard16) (< monoandroid) (< monotouch) (< xamarinios) (< xamarinmac))
    runtime.rhel.7-x64.runtime.native.System.Security.Cryptography.OpenSsl (4.3.1) - restriction: || (&& (< net35) (>= netstandard13) (< monoandroid) (< monotouch) (< xamarinios) (< xamarinmac)) (&& (>= netstandard16) (< monoandroid) (< monotouch) (< xamarinios) (< xamarinmac))
    runtime.ubuntu.14.04-x64.runtime.native.System.Security.Cryptography.OpenSsl (4.3.1) - restriction: || (&& (< net35) (>= netstandard13) (< monoandroid) (< monotouch) (< xamarinios) (< xamarinmac)) (&& (>= netstandard16) (< monoandroid) (< monotouch) (< xamarinios) (< xamarinmac))
    runtime.ubuntu.16.04-x64.runtime.native.System.Security.Cryptography.OpenSsl (4.3.1) - restriction: || (&& (< net35) (>= netstandard13) (< monoandroid) (< monotouch) (< xamarinios) (< xamarinmac)) (&& (>= netstandard16) (< monoandroid) (< monotouch) (< xamarinios) (< xamarinmac))
    runtime.ubuntu.16.10-x64.runtime.native.System.Security.Cryptography.OpenSsl (4.3.1) - restriction: || (&& (< net35) (>= netstandard13) (< monoandroid) (< monotouch) (< xamarinios) (< xamarinmac)) (&& (>= netstandard16) (< monoandroid) (< monotouch) (< xamarinios) (< xamarinmac))
    System.AppContext (4.3) - restriction: >= netstandard16
      System.Runtime (>= 4.3) - restriction: || (&& (< net46) (>= netstandard13) (< netstandard16)) (>= dnxcore50) (&& (>= netstandard16) (< monoandroid) (< monotouch) (< xamarinios) (< xamarinmac))
    System.Buffers (4.3) - restriction: || (&& (>= dnxcore50) (>= netstandard16)) (&& (>= netstandard16) (< monoandroid) (< monotouch) (< xamarinios) (< xamarinmac))
      System.Diagnostics.Debug (>= 4.3) - restriction: && (< net45) (>= netstandard11) (< monoandroid) (< monotouch) (< xamarinios) (< xamarinmac) (< win8) (< wpa81)
      System.Diagnostics.Tracing (>= 4.3) - restriction: && (< net45) (>= netstandard11) (< monoandroid) (< monotouch) (< xamarinios) (< xamarinmac) (< win8) (< wpa81)
      System.Resources.ResourceManager (>= 4.3) - restriction: && (< net45) (>= netstandard11) (< monoandroid) (< monotouch) (< xamarinios) (< xamarinmac) (< win8) (< wpa81)
      System.Runtime (>= 4.3) - restriction: && (< net45) (>= netstandard11) (< monoandroid) (< monotouch) (< xamarinios) (< xamarinmac) (< win8) (< wpa81)
      System.Threading (>= 4.3) - restriction: && (< net45) (>= netstandard11) (< monoandroid) (< monotouch) (< xamarinios) (< xamarinmac) (< win8) (< wpa81)
    System.Collections (4.3) - restriction: || (&& (< net35) (>= netstandard13)) (&& (>= dnxcore50) (>= netstandard13)) (>= netstandard16)
      Microsoft.NETCore.Platforms (>= 1.1) - restriction: || (&& (< net45) (>= netstandard10) (< netstandard13) (< win8) (< wp8) (< wpa81)) (&& (< net45) (>= netstandard13) (< monoandroid) (< monotouch) (< xamarinios) (< xamarinmac) (< win8) (< wpa81)) (>= dnxcore50)
      Microsoft.NETCore.Targets (>= 1.1) - restriction: || (&& (< net45) (>= netstandard10) (< netstandard13) (< win8) (< wp8) (< wpa81)) (&& (< net45) (>= netstandard13) (< monoandroid) (< monotouch) (< xamarinios) (< xamarinmac) (< win8) (< wpa81)) (>= dnxcore50)
      System.Runtime (>= 4.3) - restriction: || (&& (< net45) (>= netstandard10) (< netstandard13) (< win8) (< wp8) (< wpa81)) (&& (< net45) (>= netstandard13) (< monoandroid) (< monotouch) (< xamarinios) (< xamarinmac) (< win8) (< wpa81)) (>= dnxcore50)
    System.Collections.Concurrent (4.3) - restriction: || (&& (< net35) (>= netstandard13) (< monoandroid) (< monotouch) (< xamarinios) (< xamarinmac)) (>= netstandard16)
      System.Collections (>= 4.3) - restriction: || (&& (< net45) (>= netstandard13) (< monoandroid) (< monotouch) (< xamarinios) (< xamarinmac) (< win8) (< wpa81)) (>= dnxcore50)
      System.Diagnostics.Debug (>= 4.3) - restriction: || (&& (< net45) (>= netstandard13) (< monoandroid) (< monotouch) (< xamarinios) (< xamarinmac) (< win8) (< wpa81)) (>= dnxcore50)
      System.Diagnostics.Tracing (>= 4.3) - restriction: || (&& (< net45) (>= netstandard13) (< monoandroid) (< monotouch) (< xamarinios) (< xamarinmac) (< win8) (< wpa81)) (>= dnxcore50)
      System.Globalization (>= 4.3) - restriction: || (&& (< net45) (>= netstandard13) (< monoandroid) (< monotouch) (< xamarinios) (< xamarinmac) (< win8) (< wpa81)) (>= dnxcore50)
      System.Reflection (>= 4.3) - restriction: && (< net45) (>= netstandard13) (< monoandroid) (< monotouch) (< xamarinios) (< xamarinmac) (< win8) (< wpa81)
      System.Resources.ResourceManager (>= 4.3) - restriction: || (&& (< net45) (>= netstandard13) (< monoandroid) (< monotouch) (< xamarinios) (< xamarinmac) (< win8) (< wpa81)) (>= dnxcore50)
      System.Runtime (>= 4.3) - restriction: || (&& (< net45) (>= netstandard11) (< netstandard13) (< win8) (< wpa81)) (&& (< net45) (>= netstandard13) (< monoandroid) (< monotouch) (< xamarinios) (< xamarinmac) (< win8) (< wpa81)) (>= dnxcore50)
      System.Runtime.Extensions (>= 4.3) - restriction: || (&& (< net45) (>= netstandard13) (< monoandroid) (< monotouch) (< xamarinios) (< xamarinmac) (< win8) (< wpa81)) (>= dnxcore50)
      System.Threading (>= 4.3) - restriction: || (&& (< net45) (>= netstandard13) (< monoandroid) (< monotouch) (< xamarinios) (< xamarinmac) (< win8) (< wpa81)) (>= dnxcore50)
      System.Threading.Tasks (>= 4.3) - restriction: || (&& (< net45) (>= netstandard11) (< netstandard13) (< win8) (< wpa81)) (&& (< net45) (>= netstandard13) (< monoandroid) (< monotouch) (< xamarinios) (< xamarinmac) (< win8) (< wpa81)) (>= dnxcore50)
    System.Collections.Immutable (1.3.1) - restriction: || (&& (>= net45) (>= netstandard16)) (&& (>= dnxcore50) (>= netstandard16)) (&& (>= dnxcore50) (>= monoandroid)) (&& (>= dnxcore50) (>= monotouch)) (&& (>= dnxcore50) (>= xamarinios)) (&& (>= dnxcore50) (>= xamarinmac)) (&& (< netstandard11) (>= netstandard16) (>= win8)) (&& (>= netstandard16) (< monoandroid) (< monotouch) (< xamarinios) (< xamarinmac)) (&& (>= netstandard16) (>= wpa81))
      System.Collections (>= 4.3) - restriction: && (< net45) (>= netstandard10) (< monoandroid) (< monotouch) (< xamarinios) (< xamarinmac) (< win8) (< wp8) (< wpa81)
      System.Diagnostics.Debug (>= 4.3) - restriction: && (< net45) (>= netstandard10) (< monoandroid) (< monotouch) (< xamarinios) (< xamarinmac) (< win8) (< wp8) (< wpa81)
      System.Globalization (>= 4.3) - restriction: && (< net45) (>= netstandard10) (< monoandroid) (< monotouch) (< xamarinios) (< xamarinmac) (< win8) (< wp8) (< wpa81)
      System.Linq (>= 4.3) - restriction: && (< net45) (>= netstandard10) (< monoandroid) (< monotouch) (< xamarinios) (< xamarinmac) (< win8) (< wp8) (< wpa81)
      System.Resources.ResourceManager (>= 4.3) - restriction: && (< net45) (>= netstandard10) (< monoandroid) (< monotouch) (< xamarinios) (< xamarinmac) (< win8) (< wp8) (< wpa81)
      System.Runtime (>= 4.3) - restriction: && (< net45) (>= netstandard10) (< monoandroid) (< monotouch) (< xamarinios) (< xamarinmac) (< win8) (< wp8) (< wpa81)
      System.Runtime.Extensions (>= 4.3) - restriction: && (< net45) (>= netstandard10) (< monoandroid) (< monotouch) (< xamarinios) (< xamarinmac) (< win8) (< wp8) (< wpa81)
      System.Threading (>= 4.3) - restriction: && (< net45) (>= netstandard10) (< monoandroid) (< monotouch) (< xamarinios) (< xamarinmac) (< win8) (< wp8) (< wpa81)
    System.Console (4.3) - restriction: >= netstandard16
      Microsoft.NETCore.Platforms (>= 1.1) - restriction: && (< net46) (>= netstandard13) (< monoandroid) (< monotouch) (< xamarinios) (< xamarinmac)
      Microsoft.NETCore.Targets (>= 1.1) - restriction: && (< net46) (>= netstandard13) (< monoandroid) (< monotouch) (< xamarinios) (< xamarinmac)
      System.IO (>= 4.3) - restriction: && (< net46) (>= netstandard13) (< monoandroid) (< monotouch) (< xamarinios) (< xamarinmac)
      System.Runtime (>= 4.3) - restriction: && (< net46) (>= netstandard13) (< monoandroid) (< monotouch) (< xamarinios) (< xamarinmac)
      System.Text.Encoding (>= 4.3) - restriction: && (< net46) (>= netstandard13) (< monoandroid) (< monotouch) (< xamarinios) (< xamarinmac)
    System.Diagnostics.Debug (4.3) - restriction: || (&& (< net35) (>= net46) (< netstandard14)) (&& (< net35) (>= net461)) (&& (< net35) (>= netstandard13) (< netstandard14)) (&& (< net35) (>= netstandard13) (< monoandroid) (< monotouch) (< xamarinios) (< xamarinmac) (< win8) (< wpa81)) (&& (< net35) (>= netstandard14) (< monoandroid) (< monotouch) (< xamarinios) (< xamarinmac)) (&& (>= dnxcore50) (>= netstandard13)) (>= netstandard16)
      Microsoft.NETCore.Platforms (>= 1.1) - restriction: || (&& (< net45) (>= netstandard10) (< netstandard13) (< win8) (< wp8) (< wpa81)) (&& (< net45) (>= netstandard13) (< monoandroid) (< monotouch) (< xamarinios) (< xamarinmac) (< win8) (< wpa81)) (>= dnxcore50)
      Microsoft.NETCore.Targets (>= 1.1) - restriction: || (&& (< net45) (>= netstandard10) (< netstandard13) (< win8) (< wp8) (< wpa81)) (&& (< net45) (>= netstandard13) (< monoandroid) (< monotouch) (< xamarinios) (< xamarinmac) (< win8) (< wpa81)) (>= dnxcore50)
      System.Runtime (>= 4.3) - restriction: || (&& (< net45) (>= netstandard10) (< netstandard13) (< win8) (< wp8) (< wpa81)) (&& (< net45) (>= netstandard13) (< monoandroid) (< monotouch) (< xamarinios) (< xamarinmac) (< win8) (< wpa81)) (>= dnxcore50)
    System.Diagnostics.DiagnosticSource (4.3.1) - restriction: || (&& (>= dnxcore50) (>= netstandard16)) (&& (>= netstandard16) (< monoandroid) (< monotouch) (< xamarinios) (< xamarinmac))
      System.Collections (>= 4.3) - restriction: || (&& (< net45) (>= netstandard11) (< netstandard13) (< win8) (< wpa81)) (&& (< net45) (>= netstandard13) (< monoandroid) (< monotouch) (< xamarinios) (< xamarinmac) (< win8) (< wpa81))
      System.Diagnostics.Tracing (>= 4.3) - restriction: || (&& (< net45) (>= netstandard11) (< netstandard13) (< win8) (< wpa81)) (&& (< net45) (>= netstandard13) (< monoandroid) (< monotouch) (< xamarinios) (< xamarinmac) (< win8) (< wpa81))
      System.Reflection (>= 4.3) - restriction: || (&& (< net45) (>= netstandard11) (< netstandard13) (< win8) (< wpa81)) (&& (< net45) (>= netstandard13) (< monoandroid) (< monotouch) (< xamarinios) (< xamarinmac) (< win8) (< wpa81))
      System.Runtime (>= 4.3) - restriction: || (&& (< net45) (>= netstandard11) (< netstandard13) (< win8) (< wpa81)) (&& (< net45) (>= netstandard13) (< monoandroid) (< monotouch) (< xamarinios) (< xamarinmac) (< win8) (< wpa81))
      System.Threading (>= 4.3) - restriction: || (&& (< net45) (>= netstandard11) (< netstandard13) (< win8) (< wpa81)) (&& (< net45) (>= netstandard13) (< monoandroid) (< monotouch) (< xamarinios) (< xamarinmac) (< win8) (< wpa81))
    System.Diagnostics.FileVersionInfo (4.3) - restriction: >= netstandard16
      Microsoft.NETCore.Platforms (>= 1.1) - restriction: || (&& (< net46) (>= netstandard13) (< monoandroid) (< monotouch) (< xamarinios) (< xamarinmac)) (>= dnxcore50)
      System.Globalization (>= 4.3) - restriction: && (< net46) (>= netstandard13) (< monoandroid) (< monotouch) (< xamarinios) (< xamarinmac)
      System.IO (>= 4.3) - restriction: || (&& (< net46) (>= netstandard13) (< monoandroid) (< monotouch) (< xamarinios) (< xamarinmac)) (>= dnxcore50)
      System.IO.FileSystem (>= 4.3) - restriction: || (&& (< net46) (>= netstandard13) (< monoandroid) (< monotouch) (< xamarinios) (< xamarinmac)) (>= dnxcore50)
      System.IO.FileSystem.Primitives (>= 4.3) - restriction: || (&& (< net46) (>= netstandard13) (< monoandroid) (< monotouch) (< xamarinios) (< xamarinmac)) (>= dnxcore50)
      System.Reflection.Metadata (>= 1.4.1) - restriction: || (&& (< net46) (>= netstandard13) (< monoandroid) (< monotouch) (< xamarinios) (< xamarinmac)) (>= dnxcore50)
      System.Runtime (>= 4.3) - restriction: || (&& (< net46) (>= netstandard13) (< monoandroid) (< monotouch) (< xamarinios) (< xamarinmac)) (>= dnxcore50)
      System.Runtime.Extensions (>= 4.3) - restriction: || (&& (< net46) (>= netstandard13) (< monoandroid) (< monotouch) (< xamarinios) (< xamarinmac)) (>= dnxcore50)
      System.Runtime.InteropServices (>= 4.3) - restriction: && (< net46) (>= netstandard13) (< monoandroid) (< monotouch) (< xamarinios) (< xamarinmac)
    System.Diagnostics.Tools (4.3) - restriction: >= netstandard16
      Microsoft.NETCore.Platforms (>= 1.1) - restriction: || (&& (< net45) (>= netstandard10) (< monoandroid) (< monotouch) (< xamarinios) (< xamarinmac) (< win8) (< wp8) (< wpa81)) (>= dnxcore50)
      Microsoft.NETCore.Targets (>= 1.1) - restriction: || (&& (< net45) (>= netstandard10) (< monoandroid) (< monotouch) (< xamarinios) (< xamarinmac) (< win8) (< wp8) (< wpa81)) (>= dnxcore50)
      System.Runtime (>= 4.3) - restriction: || (&& (< net45) (>= netstandard10) (< monoandroid) (< monotouch) (< xamarinios) (< xamarinmac) (< win8) (< wp8) (< wpa81)) (>= dnxcore50)
    System.Diagnostics.TraceSource (4.3) - restriction: >= netstandard16
      Microsoft.NETCore.Platforms (>= 1.1) - restriction: && (< net46) (>= netstandard13) (< monoandroid) (< monotouch) (< xamarinios) (< xamarinmac)
      runtime.native.System (>= 4.3) - restriction: && (< net46) (>= netstandard13) (< monoandroid) (< monotouch) (< xamarinios) (< xamarinmac)
      System.Collections (>= 4.3) - restriction: && (< net46) (>= netstandard13) (< monoandroid) (< monotouch) (< xamarinios) (< xamarinmac)
      System.Diagnostics.Debug (>= 4.3) - restriction: && (< net46) (>= netstandard13) (< monoandroid) (< monotouch) (< xamarinios) (< xamarinmac)
      System.Globalization (>= 4.3) - restriction: && (< net46) (>= netstandard13) (< monoandroid) (< monotouch) (< xamarinios) (< xamarinmac)
      System.Resources.ResourceManager (>= 4.3) - restriction: && (< net46) (>= netstandard13) (< monoandroid) (< monotouch) (< xamarinios) (< xamarinmac)
      System.Runtime (>= 4.3) - restriction: && (< net46) (>= netstandard13) (< monoandroid) (< monotouch) (< xamarinios) (< xamarinmac)
      System.Runtime.Extensions (>= 4.3) - restriction: && (< net46) (>= netstandard13) (< monoandroid) (< monotouch) (< xamarinios) (< xamarinmac)
      System.Threading (>= 4.3) - restriction: && (< net46) (>= netstandard13) (< monoandroid) (< monotouch) (< xamarinios) (< xamarinmac)
    System.Diagnostics.Tracing (4.3) - restriction: || (&& (< net35) (>= netstandard13) (< monoandroid) (< monotouch) (< xamarinios) (< xamarinmac) (< win8) (< wpa81)) (&& (>= dnxcore50) (>= netstandard13)) (>= netstandard16)
      Microsoft.NETCore.Platforms (>= 1.1) - restriction: || (&& (< net45) (>= netstandard11) (< netstandard12) (< win8)) (&& (< net45) (>= netstandard12) (< netstandard13) (< win8) (< wpa81)) (&& (< net45) (>= netstandard13) (< netstandard15) (< win8) (< wpa81)) (&& (< net45) (>= netstandard15) (< monoandroid) (< monotouch) (< xamarinios) (< xamarinmac)) (>= dnxcore50)
      Microsoft.NETCore.Targets (>= 1.1) - restriction: || (&& (< net45) (>= netstandard11) (< netstandard12) (< win8)) (&& (< net45) (>= netstandard12) (< netstandard13) (< win8) (< wpa81)) (&& (< net45) (>= netstandard13) (< netstandard15) (< win8) (< wpa81)) (&& (< net45) (>= netstandard15) (< monoandroid) (< monotouch) (< xamarinios) (< xamarinmac)) (>= dnxcore50)
      System.Runtime (>= 4.3) - restriction: || (&& (< net45) (>= netstandard11) (< netstandard12) (< win8)) (&& (< net45) (>= netstandard12) (< netstandard13) (< win8) (< wpa81)) (&& (< net45) (>= netstandard13) (< netstandard15) (< win8) (< wpa81)) (&& (< net45) (>= netstandard15) (< monoandroid) (< monotouch) (< xamarinios) (< xamarinmac)) (>= dnxcore50)
    System.Globalization (4.3) - restriction: || (&& (< net35) (>= net46) (< netstandard14)) (&& (< net35) (>= net461)) (&& (< net35) (>= netstandard13) (< netstandard14)) (&& (< net35) (>= netstandard13) (< monoandroid) (< monotouch) (< xamarinios) (< xamarinmac) (< win8) (< wpa81)) (&& (< net35) (>= netstandard14) (< monoandroid) (< monotouch) (< xamarinios) (< xamarinmac)) (&& (>= dnxcore50) (>= netstandard13)) (>= netstandard16)
      Microsoft.NETCore.Platforms (>= 1.1) - restriction: || (&& (< net45) (>= netstandard10) (< netstandard13) (< win8) (< wp8) (< wpa81)) (&& (< net45) (>= netstandard13) (< monoandroid) (< monotouch) (< xamarinios) (< xamarinmac) (< win8) (< wpa81)) (>= dnxcore50)
      Microsoft.NETCore.Targets (>= 1.1) - restriction: || (&& (< net45) (>= netstandard10) (< netstandard13) (< win8) (< wp8) (< wpa81)) (&& (< net45) (>= netstandard13) (< monoandroid) (< monotouch) (< xamarinios) (< xamarinmac) (< win8) (< wpa81)) (>= dnxcore50)
      System.Runtime (>= 4.3) - restriction: || (&& (< net45) (>= netstandard10) (< netstandard13) (< win8) (< wp8) (< wpa81)) (&& (< net45) (>= netstandard13) (< monoandroid) (< monotouch) (< xamarinios) (< xamarinmac) (< win8) (< wpa81)) (>= dnxcore50)
    System.Globalization.Calendars (4.3) - restriction: >= netstandard16
      Microsoft.NETCore.Platforms (>= 1.1) - restriction: && (< net46) (>= netstandard13) (< monoandroid) (< monotouch) (< xamarinios) (< xamarinmac)
      Microsoft.NETCore.Targets (>= 1.1) - restriction: && (< net46) (>= netstandard13) (< monoandroid) (< monotouch) (< xamarinios) (< xamarinmac)
      System.Globalization (>= 4.3) - restriction: && (< net46) (>= netstandard13) (< monoandroid) (< monotouch) (< xamarinios) (< xamarinmac)
      System.Runtime (>= 4.3) - restriction: && (< net46) (>= netstandard13) (< monoandroid) (< monotouch) (< xamarinios) (< xamarinmac)
    System.Globalization.Extensions (4.3) - restriction: && (>= netstandard16) (< monoandroid) (< monotouch) (< xamarinios) (< xamarinmac)
      Microsoft.NETCore.Platforms (>= 1.1) - restriction: && (< net46) (>= netstandard13) (< monoandroid) (< monotouch) (< xamarinios) (< xamarinmac)
      System.Globalization (>= 4.3) - restriction: && (< net46) (>= netstandard13) (< monoandroid) (< monotouch) (< xamarinios) (< xamarinmac)
      System.Resources.ResourceManager (>= 4.3) - restriction: && (< net46) (>= netstandard13) (< monoandroid) (< monotouch) (< xamarinios) (< xamarinmac)
      System.Runtime (>= 4.3) - restriction: && (< net46) (>= netstandard13) (< monoandroid) (< monotouch) (< xamarinios) (< xamarinmac)
      System.Runtime.Extensions (>= 4.3) - restriction: && (< net46) (>= netstandard13) (< monoandroid) (< monotouch) (< xamarinios) (< xamarinmac)
      System.Runtime.InteropServices (>= 4.3) - restriction: && (< net46) (>= netstandard13) (< monoandroid) (< monotouch) (< xamarinios) (< xamarinmac)
    System.IO (4.3) - restriction: || (&& (< net35) (>= net463)) (&& (< net35) (>= netstandard13) (< netstandard14)) (&& (< net35) (>= netstandard13) (< netstandard15) (< win8) (< wpa81)) (&& (< net35) (>= netstandard13) (< monoandroid) (< monotouch) (< xamarinios) (< xamarinmac)) (&& (< net35) (>= netstandard14)) (&& (< net35) (>= netstandard15) (< monoandroid) (< monotouch) (< xamarinios) (< xamarinmac)) (&& (>= dnxcore50) (>= netstandard13)) (>= netstandard16)
      Microsoft.NETCore.Platforms (>= 1.1) - restriction: || (&& (< net45) (>= netstandard10) (< netstandard13) (< win8) (< wp8) (< wpa81)) (&& (< net45) (>= netstandard13) (< netstandard15) (< win8) (< wpa81)) (&& (< net45) (>= netstandard15) (< monoandroid) (< monotouch) (< xamarinios) (< xamarinmac)) (>= dnxcore50)
      Microsoft.NETCore.Targets (>= 1.1) - restriction: || (&& (< net45) (>= netstandard10) (< netstandard13) (< win8) (< wp8) (< wpa81)) (&& (< net45) (>= netstandard13) (< netstandard15) (< win8) (< wpa81)) (&& (< net45) (>= netstandard15) (< monoandroid) (< monotouch) (< xamarinios) (< xamarinmac)) (>= dnxcore50)
      System.Runtime (>= 4.3) - restriction: || (&& (< net45) (>= netstandard10) (< netstandard13) (< win8) (< wp8) (< wpa81)) (&& (< net45) (>= netstandard13) (< netstandard15) (< win8) (< wpa81)) (&& (< net45) (>= netstandard15) (< monoandroid) (< monotouch) (< xamarinios) (< xamarinmac)) (>= dnxcore50)
      System.Text.Encoding (>= 4.3) - restriction: || (&& (< net45) (>= netstandard10) (< netstandard13) (< win8) (< wp8) (< wpa81)) (&& (< net45) (>= netstandard13) (< netstandard15) (< win8) (< wpa81)) (&& (< net45) (>= netstandard15) (< monoandroid) (< monotouch) (< xamarinios) (< xamarinmac)) (>= dnxcore50)
      System.Threading.Tasks (>= 4.3) - restriction: || (&& (< net45) (>= netstandard10) (< netstandard13) (< win8) (< wp8) (< wpa81)) (&& (< net45) (>= netstandard13) (< netstandard15) (< win8) (< wpa81)) (&& (< net45) (>= netstandard15) (< monoandroid) (< monotouch) (< xamarinios) (< xamarinmac)) (>= dnxcore50)
    System.IO.Compression (4.3) - restriction: >= netstandard16
      Microsoft.NETCore.Platforms (>= 1.1) - restriction: && (< net45) (>= netstandard13) (< monoandroid) (< monotouch) (< xamarinios) (< xamarinmac) (< win8) (< wpa81)
      runtime.native.System (>= 4.3) - restriction: && (< net45) (>= netstandard13) (< monoandroid) (< monotouch) (< xamarinios) (< xamarinmac) (< win8) (< wpa81)
      runtime.native.System.IO.Compression (>= 4.3) - restriction: || (&& (< net45) (>= netstandard13) (< monoandroid) (< monotouch) (< xamarinios) (< xamarinmac) (< win8) (< wpa81)) (>= dnxcore50)
      System.Buffers (>= 4.3) - restriction: || (&& (< net45) (>= netstandard13) (< monoandroid) (< monotouch) (< xamarinios) (< xamarinmac) (< win8) (< wpa81)) (>= dnxcore50)
      System.Collections (>= 4.3) - restriction: || (&& (< net45) (>= netstandard13) (< monoandroid) (< monotouch) (< xamarinios) (< xamarinmac) (< win8) (< wpa81)) (>= dnxcore50)
      System.Diagnostics.Debug (>= 4.3) - restriction: || (&& (< net45) (>= netstandard13) (< monoandroid) (< monotouch) (< xamarinios) (< xamarinmac) (< win8) (< wpa81)) (>= dnxcore50)
      System.IO (>= 4.3) - restriction: || (&& (< net45) (>= netstandard11) (< netstandard13) (< win8) (< wpa81)) (&& (< net45) (>= netstandard13) (< monoandroid) (< monotouch) (< xamarinios) (< xamarinmac) (< win8) (< wpa81)) (>= dnxcore50)
      System.Resources.ResourceManager (>= 4.3) - restriction: || (&& (< net45) (>= netstandard13) (< monoandroid) (< monotouch) (< xamarinios) (< xamarinmac) (< win8) (< wpa81)) (>= dnxcore50)
      System.Runtime (>= 4.3) - restriction: || (&& (< net45) (>= netstandard11) (< netstandard13) (< win8) (< wpa81)) (&& (< net45) (>= netstandard13) (< monoandroid) (< monotouch) (< xamarinios) (< xamarinmac) (< win8) (< wpa81)) (>= dnxcore50)
      System.Runtime.Extensions (>= 4.3) - restriction: || (&& (< net45) (>= netstandard13) (< monoandroid) (< monotouch) (< xamarinios) (< xamarinmac) (< win8) (< wpa81)) (>= dnxcore50)
      System.Runtime.Handles (>= 4.3) - restriction: || (&& (< net45) (>= netstandard13) (< monoandroid) (< monotouch) (< xamarinios) (< xamarinmac) (< win8) (< wpa81)) (>= dnxcore50)
      System.Runtime.InteropServices (>= 4.3) - restriction: || (&& (< net45) (>= netstandard13) (< monoandroid) (< monotouch) (< xamarinios) (< xamarinmac) (< win8) (< wpa81)) (>= dnxcore50)
      System.Text.Encoding (>= 4.3) - restriction: || (&& (< net45) (>= netstandard11) (< netstandard13) (< win8) (< wpa81)) (&& (< net45) (>= netstandard13) (< monoandroid) (< monotouch) (< xamarinios) (< xamarinmac) (< win8) (< wpa81)) (>= dnxcore50)
      System.Threading (>= 4.3) - restriction: || (&& (< net45) (>= netstandard13) (< monoandroid) (< monotouch) (< xamarinios) (< xamarinmac) (< win8) (< wpa81)) (>= dnxcore50)
      System.Threading.Tasks (>= 4.3) - restriction: || (&& (< net45) (>= netstandard13) (< monoandroid) (< monotouch) (< xamarinios) (< xamarinmac) (< win8) (< wpa81)) (>= dnxcore50)
    System.IO.Compression.ZipFile (4.3) - restriction: >= netstandard16
      System.Buffers (>= 4.3) - restriction: && (< net46) (>= netstandard13) (< monoandroid) (< monotouch) (< xamarinios) (< xamarinmac)
      System.IO (>= 4.3) - restriction: && (< net46) (>= netstandard13) (< monoandroid) (< monotouch) (< xamarinios) (< xamarinmac)
      System.IO.Compression (>= 4.3) - restriction: && (< net46) (>= netstandard13) (< monoandroid) (< monotouch) (< xamarinios) (< xamarinmac)
      System.IO.FileSystem (>= 4.3) - restriction: && (< net46) (>= netstandard13) (< monoandroid) (< monotouch) (< xamarinios) (< xamarinmac)
      System.IO.FileSystem.Primitives (>= 4.3) - restriction: && (< net46) (>= netstandard13) (< monoandroid) (< monotouch) (< xamarinios) (< xamarinmac)
      System.Resources.ResourceManager (>= 4.3) - restriction: && (< net46) (>= netstandard13) (< monoandroid) (< monotouch) (< xamarinios) (< xamarinmac)
      System.Runtime (>= 4.3) - restriction: && (< net46) (>= netstandard13) (< monoandroid) (< monotouch) (< xamarinios) (< xamarinmac)
      System.Runtime.Extensions (>= 4.3) - restriction: && (< net46) (>= netstandard13) (< monoandroid) (< monotouch) (< xamarinios) (< xamarinmac)
      System.Text.Encoding (>= 4.3) - restriction: && (< net46) (>= netstandard13) (< monoandroid) (< monotouch) (< xamarinios) (< xamarinmac)
    System.IO.FileSystem (4.3) - restriction: || (&& (< net35) (>= netstandard13)) (>= netstandard16)
      Microsoft.NETCore.Platforms (>= 1.1) - restriction: && (< net46) (>= netstandard13) (< monoandroid) (< monotouch) (< xamarinios) (< xamarinmac)
      Microsoft.NETCore.Targets (>= 1.1) - restriction: && (< net46) (>= netstandard13) (< monoandroid) (< monotouch) (< xamarinios) (< xamarinmac)
      System.IO (>= 4.3) - restriction: && (< net46) (>= netstandard13) (< monoandroid) (< monotouch) (< xamarinios) (< xamarinmac)
      System.IO.FileSystem.Primitives (>= 4.3) - restriction: || (>= net46) (&& (>= netstandard13) (< monoandroid) (< monotouch) (< xamarinios) (< xamarinmac))
      System.Runtime (>= 4.3) - restriction: && (< net46) (>= netstandard13) (< monoandroid) (< monotouch) (< xamarinios) (< xamarinmac)
      System.Runtime.Handles (>= 4.3) - restriction: && (< net46) (>= netstandard13) (< monoandroid) (< monotouch) (< xamarinios) (< xamarinmac)
      System.Text.Encoding (>= 4.3) - restriction: && (< net46) (>= netstandard13) (< monoandroid) (< monotouch) (< xamarinios) (< xamarinmac)
      System.Threading.Tasks (>= 4.3) - restriction: && (< net46) (>= netstandard13) (< monoandroid) (< monotouch) (< xamarinios) (< xamarinmac)
    System.IO.FileSystem.Primitives (4.3) - restriction: || (&& (< net35) (>= net46)) (&& (< net35) (>= netstandard13)) (>= netstandard16)
      System.Runtime (>= 4.3) - restriction: && (< net46) (>= netstandard13) (< monoandroid) (< monotouch) (< xamarinios) (< xamarinmac)
    System.Linq (4.3) - restriction: || (&& (< net35) (>= netstandard13) (< monoandroid) (< monotouch) (< xamarinios) (< xamarinmac)) (>= netstandard16)
      System.Collections (>= 4.3) - restriction: || (&& (< net45) (>= netstandard10) (< netstandard16) (< win8) (< wp8) (< wpa81)) (>= dnxcore50) (&& (>= netstandard16) (< monoandroid) (< monotouch) (< xamarinios) (< xamarinmac))
      System.Diagnostics.Debug (>= 4.3) - restriction: || (>= dnxcore50) (&& (>= netstandard16) (< monoandroid) (< monotouch) (< xamarinios) (< xamarinmac))
      System.Resources.ResourceManager (>= 4.3) - restriction: || (>= dnxcore50) (&& (>= netstandard16) (< monoandroid) (< monotouch) (< xamarinios) (< xamarinmac))
      System.Runtime (>= 4.3) - restriction: || (&& (< net45) (>= netstandard10) (< netstandard16) (< win8) (< wp8) (< wpa81)) (>= dnxcore50) (&& (>= netstandard16) (< monoandroid) (< monotouch) (< xamarinios) (< xamarinmac))
      System.Runtime.Extensions (>= 4.3) - restriction: || (>= dnxcore50) (&& (>= netstandard16) (< monoandroid) (< monotouch) (< xamarinios) (< xamarinmac))
    System.Linq.Expressions (4.3) - restriction: >= netstandard16
      System.Collections (>= 4.3) - restriction: || (>= dnxcore50) (&& (>= netstandard16) (< monoandroid) (< monotouch) (< xamarinios) (< xamarinmac))
      System.Diagnostics.Debug (>= 4.3) - restriction: || (>= dnxcore50) (&& (>= netstandard16) (< monoandroid) (< monotouch) (< xamarinios) (< xamarinmac))
      System.Globalization (>= 4.3) - restriction: || (>= dnxcore50) (&& (>= netstandard16) (< monoandroid) (< monotouch) (< xamarinios) (< xamarinmac))
      System.IO (>= 4.3) - restriction: || (>= dnxcore50) (&& (>= netstandard16) (< monoandroid) (< monotouch) (< xamarinios) (< xamarinmac))
      System.Linq (>= 4.3) - restriction: || (>= dnxcore50) (&& (>= netstandard16) (< monoandroid) (< monotouch) (< xamarinios) (< xamarinmac))
      System.ObjectModel (>= 4.3) - restriction: && (>= netstandard16) (< monoandroid) (< monotouch) (< xamarinios) (< xamarinmac)
      System.Reflection (>= 4.3) - restriction: || (&& (< net45) (>= netstandard10) (< netstandard13) (< win8) (< wp8) (< wpa81)) (&& (< net45) (>= netstandard13) (< netstandard16) (< win8) (< wpa81)) (>= dnxcore50) (&& (>= netstandard16) (< monoandroid) (< monotouch) (< xamarinios) (< xamarinmac))
      System.Reflection.Emit (>= 4.3) - restriction: && (>= netstandard16) (< monoandroid) (< monotouch) (< xamarinios) (< xamarinmac)
      System.Reflection.Emit.ILGeneration (>= 4.3) - restriction: || (>= dnxcore50) (&& (>= netstandard16) (< monoandroid) (< monotouch) (< xamarinios) (< xamarinmac))
      System.Reflection.Emit.Lightweight (>= 4.3) - restriction: || (>= dnxcore50) (&& (>= netstandard16) (< monoandroid) (< monotouch) (< xamarinios) (< xamarinmac))
      System.Reflection.Extensions (>= 4.3) - restriction: || (>= dnxcore50) (&& (>= netstandard16) (< monoandroid) (< monotouch) (< xamarinios) (< xamarinmac))
      System.Reflection.Primitives (>= 4.3) - restriction: || (>= dnxcore50) (&& (>= netstandard16) (< monoandroid) (< monotouch) (< xamarinios) (< xamarinmac))
      System.Reflection.TypeExtensions (>= 4.3) - restriction: || (>= dnxcore50) (&& (>= netstandard16) (< monoandroid) (< monotouch) (< xamarinios) (< xamarinmac))
      System.Resources.ResourceManager (>= 4.3) - restriction: || (>= dnxcore50) (&& (>= netstandard16) (< monoandroid) (< monotouch) (< xamarinios) (< xamarinmac))
      System.Runtime (>= 4.3) - restriction: || (&& (< net45) (>= netstandard10) (< netstandard13) (< win8) (< wp8) (< wpa81)) (&& (< net45) (>= netstandard13) (< netstandard16) (< win8) (< wpa81)) (>= dnxcore50) (&& (>= netstandard16) (< monoandroid) (< monotouch) (< xamarinios) (< xamarinmac))
      System.Runtime.Extensions (>= 4.3) - restriction: || (>= dnxcore50) (&& (>= netstandard16) (< monoandroid) (< monotouch) (< xamarinios) (< xamarinmac))
      System.Threading (>= 4.3) - restriction: || (>= dnxcore50) (&& (>= netstandard16) (< monoandroid) (< monotouch) (< xamarinios) (< xamarinmac))
    System.Linq.Parallel (4.3) - restriction: >= netstandard16
      System.Collections (>= 4.3) - restriction: || (&& (< net45) (>= netstandard11) (< netstandard13) (< win8) (< wpa81)) (&& (< net45) (>= netstandard13) (< monoandroid) (< monotouch) (< xamarinios) (< xamarinmac) (< win8) (< wpa81)) (>= dnxcore50)
      System.Collections.Concurrent (>= 4.3) - restriction: || (&& (< net45) (>= netstandard11) (< netstandard13) (< win8) (< wpa81)) (&& (< net45) (>= netstandard13) (< monoandroid) (< monotouch) (< xamarinios) (< xamarinmac) (< win8) (< wpa81)) (>= dnxcore50)
      System.Diagnostics.Debug (>= 4.3) - restriction: || (&& (< net45) (>= netstandard13) (< monoandroid) (< monotouch) (< xamarinios) (< xamarinmac) (< win8) (< wpa81)) (>= dnxcore50)
      System.Diagnostics.Tracing (>= 4.3) - restriction: || (&& (< net45) (>= netstandard13) (< monoandroid) (< monotouch) (< xamarinios) (< xamarinmac) (< win8) (< wpa81)) (>= dnxcore50)
      System.Linq (>= 4.3) - restriction: || (&& (< net45) (>= netstandard11) (< netstandard13) (< win8) (< wpa81)) (&& (< net45) (>= netstandard13) (< monoandroid) (< monotouch) (< xamarinios) (< xamarinmac) (< win8) (< wpa81)) (>= dnxcore50)
      System.Resources.ResourceManager (>= 4.3) - restriction: || (&& (< net45) (>= netstandard13) (< monoandroid) (< monotouch) (< xamarinios) (< xamarinmac) (< win8) (< wpa81)) (>= dnxcore50)
      System.Runtime (>= 4.3) - restriction: || (&& (< net45) (>= netstandard11) (< netstandard13) (< win8) (< wpa81)) (&& (< net45) (>= netstandard13) (< monoandroid) (< monotouch) (< xamarinios) (< xamarinmac) (< win8) (< wpa81)) (>= dnxcore50)
      System.Runtime.Extensions (>= 4.3) - restriction: || (&& (< net45) (>= netstandard13) (< monoandroid) (< monotouch) (< xamarinios) (< xamarinmac) (< win8) (< wpa81)) (>= dnxcore50)
      System.Threading (>= 4.3) - restriction: || (&& (< net45) (>= netstandard13) (< monoandroid) (< monotouch) (< xamarinios) (< xamarinmac) (< win8) (< wpa81)) (>= dnxcore50)
      System.Threading.Tasks (>= 4.3) - restriction: || (&& (< net45) (>= netstandard11) (< netstandard13) (< win8) (< wpa81)) (&& (< net45) (>= netstandard13) (< monoandroid) (< monotouch) (< xamarinios) (< xamarinmac) (< win8) (< wpa81)) (>= dnxcore50)
    System.Linq.Queryable (4.3) - restriction: >= netstandard16
      System.Collections (>= 4.3) - restriction: || (&& (< net45) (>= netstandard13) (< monoandroid) (< monotouch) (< xamarinios) (< xamarinmac) (< win8) (< wpa81)) (>= dnxcore50)
      System.Diagnostics.Debug (>= 4.3) - restriction: || (&& (< net45) (>= netstandard13) (< monoandroid) (< monotouch) (< xamarinios) (< xamarinmac) (< win8) (< wpa81)) (>= dnxcore50)
      System.Linq (>= 4.3) - restriction: || (&& (< net45) (>= netstandard10) (< netstandard13) (< win8) (< wp8) (< wpa81)) (&& (< net45) (>= netstandard13) (< monoandroid) (< monotouch) (< xamarinios) (< xamarinmac) (< win8) (< wpa81)) (>= dnxcore50)
      System.Linq.Expressions (>= 4.3) - restriction: || (&& (< net45) (>= netstandard10) (< netstandard13) (< win8) (< wp8) (< wpa81)) (&& (< net45) (>= netstandard13) (< monoandroid) (< monotouch) (< xamarinios) (< xamarinmac) (< win8) (< wpa81)) (>= dnxcore50)
      System.Reflection (>= 4.3) - restriction: || (&& (< net45) (>= netstandard13) (< monoandroid) (< monotouch) (< xamarinios) (< xamarinmac) (< win8) (< wpa81)) (>= dnxcore50)
      System.Reflection.Extensions (>= 4.3) - restriction: || (&& (< net45) (>= netstandard13) (< monoandroid) (< monotouch) (< xamarinios) (< xamarinmac) (< win8) (< wpa81)) (>= dnxcore50)
      System.Resources.ResourceManager (>= 4.3) - restriction: || (&& (< net45) (>= netstandard13) (< monoandroid) (< monotouch) (< xamarinios) (< xamarinmac) (< win8) (< wpa81)) (>= dnxcore50)
      System.Runtime (>= 4.3) - restriction: || (&& (< net45) (>= netstandard10) (< netstandard13) (< win8) (< wp8) (< wpa81)) (&& (< net45) (>= netstandard13) (< monoandroid) (< monotouch) (< xamarinios) (< xamarinmac) (< win8) (< wpa81)) (>= dnxcore50)
    System.Net.Http (4.3.2) - restriction: >= netstandard16
      Microsoft.NETCore.Platforms (>= 1.1) - restriction: || (&& (< net45) (>= netstandard13) (< netstandard16) (< win8) (< wpa81)) (>= dnxcore50) (&& (>= netstandard16) (< monoandroid) (< monotouch) (< xamarinios) (< xamarinmac))
      runtime.native.System (>= 4.3) - restriction: && (>= netstandard16) (< monoandroid) (< monotouch) (< xamarinios) (< xamarinmac)
      runtime.native.System.Net.Http (>= 4.3) - restriction: && (>= netstandard16) (< monoandroid) (< monotouch) (< xamarinios) (< xamarinmac)
      runtime.native.System.Security.Cryptography.OpenSsl (>= 4.3) - restriction: && (>= netstandard16) (< monoandroid) (< monotouch) (< xamarinios) (< xamarinmac)
      System.Collections (>= 4.3) - restriction: || (&& (< net45) (>= netstandard13) (< netstandard16) (< win8) (< wpa81)) (>= dnxcore50) (&& (>= netstandard16) (< monoandroid) (< monotouch) (< xamarinios) (< xamarinmac))
      System.Diagnostics.Debug (>= 4.3) - restriction: || (&& (< net45) (>= netstandard13) (< netstandard16) (< win8) (< wpa81)) (>= dnxcore50) (&& (>= netstandard16) (< monoandroid) (< monotouch) (< xamarinios) (< xamarinmac))
      System.Diagnostics.DiagnosticSource (>= 4.3) - restriction: || (&& (< net45) (>= netstandard13) (< netstandard16) (< win8) (< wpa81)) (>= dnxcore50) (&& (>= netstandard16) (< monoandroid) (< monotouch) (< xamarinios) (< xamarinmac))
      System.Diagnostics.Tracing (>= 4.3) - restriction: || (&& (< net45) (>= netstandard13) (< netstandard16) (< win8) (< wpa81)) (>= dnxcore50) (&& (>= netstandard16) (< monoandroid) (< monotouch) (< xamarinios) (< xamarinmac))
      System.Globalization (>= 4.3) - restriction: || (&& (< net45) (>= netstandard13) (< netstandard16) (< win8) (< wpa81)) (>= dnxcore50) (&& (>= netstandard16) (< monoandroid) (< monotouch) (< xamarinios) (< xamarinmac))
      System.Globalization.Extensions (>= 4.3) - restriction: && (>= netstandard16) (< monoandroid) (< monotouch) (< xamarinios) (< xamarinmac)
      System.IO (>= 4.3) - restriction: || (&& (< net45) (>= netstandard11) (< netstandard13) (< win8) (< wpa81)) (&& (< net45) (>= netstandard13) (< netstandard16) (< win8) (< wpa81)) (>= dnxcore50) (&& (>= netstandard16) (< monoandroid) (< monotouch) (< xamarinios) (< xamarinmac))
      System.IO.FileSystem (>= 4.3) - restriction: && (>= netstandard16) (< monoandroid) (< monotouch) (< xamarinios) (< xamarinmac)
      System.Net.Primitives (>= 4.3) - restriction: || (&& (< net45) (>= netstandard11) (< netstandard13) (< win8) (< wpa81)) (&& (< net45) (>= netstandard13) (< netstandard16) (< win8) (< wpa81)) (>= dnxcore50) (&& (>= netstandard16) (< monoandroid) (< monotouch) (< xamarinios) (< xamarinmac))
      System.Resources.ResourceManager (>= 4.3) - restriction: || (&& (< net45) (>= netstandard13) (< netstandard16) (< win8) (< wpa81)) (>= dnxcore50) (&& (>= netstandard16) (< monoandroid) (< monotouch) (< xamarinios) (< xamarinmac))
      System.Runtime (>= 4.3) - restriction: || (&& (< net45) (>= netstandard11) (< netstandard13) (< win8) (< wpa81)) (&& (< net45) (>= netstandard13) (< netstandard16) (< win8) (< wpa81)) (>= dnxcore50) (&& (>= netstandard16) (< monoandroid) (< monotouch) (< xamarinios) (< xamarinmac))
      System.Runtime.Extensions (>= 4.3) - restriction: || (&& (< net45) (>= netstandard13) (< netstandard16) (< win8) (< wpa81)) (>= dnxcore50) (&& (>= netstandard16) (< monoandroid) (< monotouch) (< xamarinios) (< xamarinmac))
      System.Runtime.Handles (>= 4.3) - restriction: || (&& (< net45) (>= netstandard13) (< netstandard16) (< win8) (< wpa81)) (&& (>= netstandard16) (< monoandroid) (< monotouch) (< xamarinios) (< xamarinmac))
      System.Runtime.InteropServices (>= 4.3) - restriction: || (&& (< net45) (>= netstandard13) (< netstandard16) (< win8) (< wpa81)) (>= dnxcore50) (&& (>= netstandard16) (< monoandroid) (< monotouch) (< xamarinios) (< xamarinmac))
      System.Security.Cryptography.Algorithms (>= 4.3) - restriction: && (>= netstandard16) (< monoandroid) (< monotouch) (< xamarinios) (< xamarinmac)
      System.Security.Cryptography.Encoding (>= 4.3) - restriction: || (&& (< net45) (>= netstandard13) (< netstandard16) (< win8) (< wpa81)) (&& (>= netstandard16) (< monoandroid) (< monotouch) (< xamarinios) (< xamarinmac))
      System.Security.Cryptography.OpenSsl (>= 4.3) - restriction: && (>= netstandard16) (< monoandroid) (< monotouch) (< xamarinios) (< xamarinmac)
      System.Security.Cryptography.Primitives (>= 4.3) - restriction: && (>= netstandard16) (< monoandroid) (< monotouch) (< xamarinios) (< xamarinmac)
      System.Security.Cryptography.X509Certificates (>= 4.3) - restriction: || (&& (< net45) (>= netstandard13) (< netstandard16) (< win8) (< wpa81)) (>= net46) (>= dnxcore50) (&& (>= netstandard16) (< monoandroid) (< monotouch) (< xamarinios) (< xamarinmac))
      System.Text.Encoding (>= 4.3) - restriction: || (&& (< net45) (>= netstandard11) (< netstandard13) (< win8) (< wpa81)) (&& (< net45) (>= netstandard13) (< netstandard16) (< win8) (< wpa81)) (>= dnxcore50) (&& (>= netstandard16) (< monoandroid) (< monotouch) (< xamarinios) (< xamarinmac))
      System.Threading (>= 4.3) - restriction: || (&& (< net45) (>= netstandard13) (< netstandard16) (< win8) (< wpa81)) (>= dnxcore50) (&& (>= netstandard16) (< monoandroid) (< monotouch) (< xamarinios) (< xamarinmac))
      System.Threading.Tasks (>= 4.3) - restriction: || (&& (< net45) (>= netstandard11) (< netstandard13) (< win8) (< wpa81)) (&& (< net45) (>= netstandard13) (< netstandard16) (< win8) (< wpa81)) (>= dnxcore50) (&& (>= netstandard16) (< monoandroid) (< monotouch) (< xamarinios) (< xamarinmac))
    System.Net.Primitives (4.3) - restriction: >= netstandard16
      Microsoft.NETCore.Platforms (>= 1.1) - restriction: || (&& (< net45) (>= netstandard11) (< netstandard13) (< win8) (< wpa81)) (&& (< net45) (>= netstandard13) (< monoandroid) (< monotouch) (< xamarinios) (< xamarinmac) (< win8) (< wpa81)) (>= dnxcore50) (&& (>= netstandard10) (< netstandard11) (< win8) (< wp8))
      Microsoft.NETCore.Targets (>= 1.1) - restriction: || (&& (< net45) (>= netstandard11) (< netstandard13) (< win8) (< wpa81)) (&& (< net45) (>= netstandard13) (< monoandroid) (< monotouch) (< xamarinios) (< xamarinmac) (< win8) (< wpa81)) (>= dnxcore50) (&& (>= netstandard10) (< netstandard11) (< win8) (< wp8))
      System.Runtime (>= 4.3) - restriction: || (&& (< net45) (>= netstandard11) (< netstandard13) (< win8) (< wpa81)) (&& (< net45) (>= netstandard13) (< monoandroid) (< monotouch) (< xamarinios) (< xamarinmac) (< win8) (< wpa81)) (>= dnxcore50) (&& (>= netstandard10) (< netstandard11) (< win8) (< wp8))
      System.Runtime.Handles (>= 4.3) - restriction: || (&& (< net45) (>= netstandard13) (< monoandroid) (< monotouch) (< xamarinios) (< xamarinmac) (< win8) (< wpa81)) (>= dnxcore50)
    System.Net.Requests (4.3) - restriction: >= netstandard16
      Microsoft.NETCore.Platforms (>= 1.1) - restriction: && (< net45) (>= netstandard13) (< monoandroid) (< monotouch) (< xamarinios) (< xamarinmac) (< win8) (< wpa81)
      System.Collections (>= 4.3) - restriction: || (&& (< net45) (>= netstandard13) (< monoandroid) (< monotouch) (< xamarinios) (< xamarinmac) (< win8) (< wpa81)) (>= dnxcore50)
      System.Diagnostics.Debug (>= 4.3) - restriction: || (&& (< net45) (>= netstandard13) (< monoandroid) (< monotouch) (< xamarinios) (< xamarinmac) (< win8) (< wpa81)) (>= dnxcore50)
      System.Diagnostics.Tracing (>= 4.3) - restriction: || (&& (< net45) (>= netstandard13) (< monoandroid) (< monotouch) (< xamarinios) (< xamarinmac) (< win8) (< wpa81)) (>= dnxcore50)
      System.Globalization (>= 4.3) - restriction: || (&& (< net45) (>= netstandard13) (< monoandroid) (< monotouch) (< xamarinios) (< xamarinmac) (< win8) (< wpa81)) (>= dnxcore50)
      System.IO (>= 4.3) - restriction: || (&& (< net45) (>= netstandard11) (< netstandard13) (< win8) (< wpa81)) (&& (< net45) (>= netstandard13) (< monoandroid) (< monotouch) (< xamarinios) (< xamarinmac) (< win8) (< wpa81)) (>= dnxcore50) (&& (>= netstandard10) (< netstandard11) (< win8) (< wp8))
      System.Net.Http (>= 4.3) - restriction: || (&& (< net45) (>= netstandard13) (< monoandroid) (< monotouch) (< xamarinios) (< xamarinmac) (< win8) (< wpa81)) (>= dnxcore50)
      System.Net.Primitives (>= 4.3) - restriction: || (&& (< net45) (>= netstandard11) (< netstandard13) (< win8) (< wpa81)) (&& (< net45) (>= netstandard13) (< monoandroid) (< monotouch) (< xamarinios) (< xamarinmac) (< win8) (< wpa81)) (>= dnxcore50) (&& (>= netstandard10) (< netstandard11) (< win8) (< wp8))
      System.Net.WebHeaderCollection (>= 4.3) - restriction: || (&& (< net45) (>= netstandard13) (< monoandroid) (< monotouch) (< xamarinios) (< xamarinmac) (< win8) (< wpa81)) (>= dnxcore50)
      System.Resources.ResourceManager (>= 4.3) - restriction: || (&& (< net45) (>= netstandard13) (< monoandroid) (< monotouch) (< xamarinios) (< xamarinmac) (< win8) (< wpa81)) (>= dnxcore50)
      System.Runtime (>= 4.3) - restriction: || (&& (< net45) (>= netstandard11) (< netstandard13) (< win8) (< wpa81)) (&& (< net45) (>= netstandard13) (< monoandroid) (< monotouch) (< xamarinios) (< xamarinmac) (< win8) (< wpa81)) (>= dnxcore50) (&& (>= netstandard10) (< netstandard11) (< win8) (< wp8))
      System.Threading (>= 4.3) - restriction: || (&& (< net45) (>= netstandard13) (< monoandroid) (< monotouch) (< xamarinios) (< xamarinmac) (< win8) (< wpa81)) (>= dnxcore50)
      System.Threading.Tasks (>= 4.3) - restriction: || (&& (< net45) (>= netstandard11) (< netstandard13) (< win8) (< wpa81)) (&& (< net45) (>= netstandard13) (< monoandroid) (< monotouch) (< xamarinios) (< xamarinmac) (< win8) (< wpa81)) (>= dnxcore50)
    System.Net.Sockets (4.3) - restriction: >= netstandard16
      Microsoft.NETCore.Platforms (>= 1.1) - restriction: && (< net46) (>= netstandard13) (< monoandroid) (< monotouch) (< xamarinios) (< xamarinmac)
      Microsoft.NETCore.Targets (>= 1.1) - restriction: && (< net46) (>= netstandard13) (< monoandroid) (< monotouch) (< xamarinios) (< xamarinmac)
      System.IO (>= 4.3) - restriction: && (< net46) (>= netstandard13) (< monoandroid) (< monotouch) (< xamarinios) (< xamarinmac)
      System.Net.Primitives (>= 4.3) - restriction: && (< net46) (>= netstandard13) (< monoandroid) (< monotouch) (< xamarinios) (< xamarinmac)
      System.Runtime (>= 4.3) - restriction: && (< net46) (>= netstandard13) (< monoandroid) (< monotouch) (< xamarinios) (< xamarinmac)
      System.Threading.Tasks (>= 4.3) - restriction: && (< net46) (>= netstandard13) (< monoandroid) (< monotouch) (< xamarinios) (< xamarinmac)
    System.Net.WebHeaderCollection (4.3) - restriction: || (&& (>= dnxcore50) (>= netstandard16)) (&& (>= netstandard16) (< monoandroid) (< monotouch) (< xamarinios) (< xamarinmac))
      System.Collections (>= 4.3) - restriction: && (< net46) (>= netstandard13) (< monoandroid) (< monotouch) (< xamarinios) (< xamarinmac)
      System.Resources.ResourceManager (>= 4.3) - restriction: && (< net46) (>= netstandard13) (< monoandroid) (< monotouch) (< xamarinios) (< xamarinmac)
      System.Runtime (>= 4.3) - restriction: && (< net46) (>= netstandard13) (< monoandroid) (< monotouch) (< xamarinios) (< xamarinmac)
      System.Runtime.Extensions (>= 4.3) - restriction: && (< net46) (>= netstandard13) (< monoandroid) (< monotouch) (< xamarinios) (< xamarinmac)
    System.ObjectModel (4.3) - restriction: >= netstandard16
      System.Collections (>= 4.3) - restriction: || (&& (< net45) (>= netstandard13) (< monoandroid) (< monotouch) (< xamarinios) (< xamarinmac) (< win8) (< wpa81)) (>= dnxcore50)
      System.Diagnostics.Debug (>= 4.3) - restriction: || (&& (< net45) (>= netstandard13) (< monoandroid) (< monotouch) (< xamarinios) (< xamarinmac) (< win8) (< wpa81)) (>= dnxcore50)
      System.Resources.ResourceManager (>= 4.3) - restriction: || (&& (< net45) (>= netstandard13) (< monoandroid) (< monotouch) (< xamarinios) (< xamarinmac) (< win8) (< wpa81)) (>= dnxcore50)
      System.Runtime (>= 4.3) - restriction: || (&& (< net45) (>= netstandard10) (< netstandard13) (< win8) (< wp8) (< wpa81)) (&& (< net45) (>= netstandard13) (< monoandroid) (< monotouch) (< xamarinios) (< xamarinmac) (< win8) (< wpa81)) (>= dnxcore50)
      System.Threading (>= 4.3) - restriction: || (&& (< net45) (>= netstandard13) (< monoandroid) (< monotouch) (< xamarinios) (< xamarinmac) (< win8) (< wpa81)) (>= dnxcore50)
    System.Reflection (4.3) - restriction: || (&& (< net35) (>= netstandard13)) (&& (< net35) (>= netstandard15) (< monoandroid) (< monotouch) (< xamarinios) (< xamarinmac)) (&& (>= dnxcore50) (>= netstandard13)) (>= netstandard16)
      Microsoft.NETCore.Platforms (>= 1.1) - restriction: || (&& (< net45) (>= netstandard10) (< netstandard13) (< win8) (< wp8) (< wpa81)) (&& (< net45) (>= netstandard13) (< netstandard15) (< win8) (< wpa81)) (&& (< net45) (>= netstandard15) (< monoandroid) (< monotouch) (< xamarinios) (< xamarinmac)) (>= dnxcore50)
      Microsoft.NETCore.Targets (>= 1.1) - restriction: || (&& (< net45) (>= netstandard10) (< netstandard13) (< win8) (< wp8) (< wpa81)) (&& (< net45) (>= netstandard13) (< netstandard15) (< win8) (< wpa81)) (&& (< net45) (>= netstandard15) (< monoandroid) (< monotouch) (< xamarinios) (< xamarinmac)) (>= dnxcore50)
      System.IO (>= 4.3) - restriction: || (&& (< net45) (>= netstandard10) (< netstandard13) (< win8) (< wp8) (< wpa81)) (&& (< net45) (>= netstandard13) (< netstandard15) (< win8) (< wpa81)) (&& (< net45) (>= netstandard15) (< monoandroid) (< monotouch) (< xamarinios) (< xamarinmac)) (>= dnxcore50)
      System.Reflection.Primitives (>= 4.3) - restriction: || (&& (< net45) (>= netstandard10) (< netstandard13) (< win8) (< wp8) (< wpa81)) (&& (< net45) (>= netstandard13) (< netstandard15) (< win8) (< wpa81)) (&& (< net45) (>= netstandard15) (< monoandroid) (< monotouch) (< xamarinios) (< xamarinmac)) (>= dnxcore50)
      System.Runtime (>= 4.3) - restriction: || (&& (< net45) (>= netstandard10) (< netstandard13) (< win8) (< wp8) (< wpa81)) (&& (< net45) (>= netstandard13) (< netstandard15) (< win8) (< wpa81)) (&& (< net45) (>= netstandard15) (< monoandroid) (< monotouch) (< xamarinios) (< xamarinmac)) (>= dnxcore50)
    System.Reflection.Emit (4.3) - restriction: && (>= netstandard16) (< monoandroid) (< monotouch) (< xamarinios) (< xamarinmac)
      System.IO (>= 4.3) - restriction: && (< net45) (>= netstandard11) (< monoandroid) (< monotouch) (< xamarinios) (< xamarinmac)
      System.Reflection (>= 4.3) - restriction: && (< net45) (>= netstandard11) (< monoandroid) (< monotouch) (< xamarinios) (< xamarinmac)
      System.Reflection.Emit.ILGeneration (>= 4.3) - restriction: && (< net45) (>= netstandard11) (< monoandroid) (< monotouch) (< xamarinios) (< xamarinmac)
      System.Reflection.Primitives (>= 4.3) - restriction: && (< net45) (>= netstandard11) (< monoandroid) (< monotouch) (< xamarinios) (< xamarinmac)
      System.Runtime (>= 4.3) - restriction: && (< net45) (>= netstandard11) (< monoandroid) (< monotouch) (< xamarinios) (< xamarinmac)
    System.Reflection.Emit.ILGeneration (4.3) - restriction: || (&& (>= dnxcore50) (>= netstandard16)) (&& (>= netstandard16) (< monoandroid) (< monotouch) (< xamarinios) (< xamarinmac))
      System.Reflection (>= 4.3) - restriction: && (< net45) (>= netstandard10) (< monoandroid) (< monotouch) (< xamarinios) (< xamarinmac) (< wp8)
      System.Reflection.Primitives (>= 4.3) - restriction: && (< net45) (>= netstandard10) (< monoandroid) (< monotouch) (< xamarinios) (< xamarinmac) (< wp8)
      System.Runtime (>= 4.3) - restriction: && (< net45) (>= netstandard10) (< monoandroid) (< monotouch) (< xamarinios) (< xamarinmac) (< wp8)
    System.Reflection.Emit.Lightweight (4.3) - restriction: || (&& (>= dnxcore50) (>= netstandard16)) (&& (>= netstandard16) (< monoandroid) (< monotouch) (< xamarinios) (< xamarinmac))
      System.Reflection (>= 4.3) - restriction: && (< net45) (>= netstandard10) (< monoandroid) (< monotouch) (< xamarinios) (< xamarinmac) (< wp8)
      System.Reflection.Emit.ILGeneration (>= 4.3) - restriction: && (< net45) (>= netstandard10) (< monoandroid) (< monotouch) (< xamarinios) (< xamarinmac) (< wp8)
      System.Reflection.Primitives (>= 4.3) - restriction: && (< net45) (>= netstandard10) (< monoandroid) (< monotouch) (< xamarinios) (< xamarinmac) (< wp8)
      System.Runtime (>= 4.3) - restriction: && (< net45) (>= netstandard10) (< monoandroid) (< monotouch) (< xamarinios) (< xamarinmac) (< wp8)
    System.Reflection.Extensions (4.3) - restriction: >= netstandard16
      Microsoft.NETCore.Platforms (>= 1.1) - restriction: || (&& (< net45) (>= netstandard10) (< monoandroid) (< monotouch) (< xamarinios) (< xamarinmac) (< win8) (< wp8) (< wpa81)) (>= dnxcore50)
      Microsoft.NETCore.Targets (>= 1.1) - restriction: || (&& (< net45) (>= netstandard10) (< monoandroid) (< monotouch) (< xamarinios) (< xamarinmac) (< win8) (< wp8) (< wpa81)) (>= dnxcore50)
      System.Reflection (>= 4.3) - restriction: || (&& (< net45) (>= netstandard10) (< monoandroid) (< monotouch) (< xamarinios) (< xamarinmac) (< win8) (< wp8) (< wpa81)) (>= dnxcore50)
      System.Runtime (>= 4.3) - restriction: || (&& (< net45) (>= netstandard10) (< monoandroid) (< monotouch) (< xamarinios) (< xamarinmac) (< win8) (< wp8) (< wpa81)) (>= dnxcore50)
    System.Reflection.Metadata (1.4.2) - restriction: || (&& (>= dnxcore50) (>= netstandard16)) (&& (>= netstandard16) (< monoandroid) (< monotouch) (< xamarinios) (< xamarinmac))
      System.Collections (>= 4.3) - restriction: && (< net45) (>= netstandard11) (< monoandroid) (< monotouch) (< xamarinios) (< xamarinmac) (< win8) (< wpa81)
      System.Collections.Immutable (>= 1.3.1) - restriction: || (>= net45) (&& (>= netstandard11) (< win8)) (&& (< netstandard11) (>= win8)) (>= monoandroid) (>= monotouch) (>= xamarinios) (>= xamarinmac) (>= wpa81)
      System.Diagnostics.Debug (>= 4.3) - restriction: && (< net45) (>= netstandard11) (< monoandroid) (< monotouch) (< xamarinios) (< xamarinmac) (< win8) (< wpa81)
      System.IO (>= 4.3) - restriction: && (< net45) (>= netstandard11) (< monoandroid) (< monotouch) (< xamarinios) (< xamarinmac) (< win8) (< wpa81)
      System.IO.Compression (>= 4.3) - restriction: && (< net45) (>= netstandard11) (< monoandroid) (< monotouch) (< xamarinios) (< xamarinmac) (< win8) (< wpa81)
      System.Linq (>= 4.3) - restriction: && (< net45) (>= netstandard11) (< monoandroid) (< monotouch) (< xamarinios) (< xamarinmac) (< win8) (< wpa81)
      System.Reflection (>= 4.3) - restriction: && (< net45) (>= netstandard11) (< monoandroid) (< monotouch) (< xamarinios) (< xamarinmac) (< win8) (< wpa81)
      System.Reflection.Extensions (>= 4.3) - restriction: && (< net45) (>= netstandard11) (< monoandroid) (< monotouch) (< xamarinios) (< xamarinmac) (< win8) (< wpa81)
      System.Reflection.Primitives (>= 4.3) - restriction: && (< net45) (>= netstandard11) (< monoandroid) (< monotouch) (< xamarinios) (< xamarinmac) (< win8) (< wpa81)
      System.Resources.ResourceManager (>= 4.3) - restriction: && (< net45) (>= netstandard11) (< monoandroid) (< monotouch) (< xamarinios) (< xamarinmac) (< win8) (< wpa81)
      System.Runtime (>= 4.3) - restriction: && (< net45) (>= netstandard11) (< monoandroid) (< monotouch) (< xamarinios) (< xamarinmac) (< win8) (< wpa81)
      System.Runtime.Extensions (>= 4.3) - restriction: && (< net45) (>= netstandard11) (< monoandroid) (< monotouch) (< xamarinios) (< xamarinmac) (< win8) (< wpa81)
      System.Runtime.InteropServices (>= 4.3) - restriction: && (< net45) (>= netstandard11) (< monoandroid) (< monotouch) (< xamarinios) (< xamarinmac) (< win8) (< wpa81)
      System.Text.Encoding (>= 4.3) - restriction: && (< net45) (>= netstandard11) (< monoandroid) (< monotouch) (< xamarinios) (< xamarinmac) (< win8) (< wpa81)
      System.Text.Encoding.Extensions (>= 4.3) - restriction: && (< net45) (>= netstandard11) (< monoandroid) (< monotouch) (< xamarinios) (< xamarinmac) (< win8) (< wpa81)
      System.Threading (>= 4.3) - restriction: && (< net45) (>= netstandard11) (< monoandroid) (< monotouch) (< xamarinios) (< xamarinmac) (< win8) (< wpa81)
    System.Reflection.Primitives (4.3) - restriction: || (&& (< net35) (>= netstandard13) (< netstandard15) (< win8) (< wpa81)) (&& (< net35) (>= netstandard15) (< monoandroid) (< monotouch) (< xamarinios) (< xamarinmac)) (&& (>= dnxcore50) (>= netstandard13)) (>= netstandard16)
      Microsoft.NETCore.Platforms (>= 1.1) - restriction: || (&& (< net45) (>= netstandard10) (< monoandroid) (< monotouch) (< xamarinios) (< xamarinmac) (< win8) (< wp8) (< wpa81)) (>= dnxcore50)
      Microsoft.NETCore.Targets (>= 1.1) - restriction: || (&& (< net45) (>= netstandard10) (< monoandroid) (< monotouch) (< xamarinios) (< xamarinmac) (< win8) (< wp8) (< wpa81)) (>= dnxcore50)
      System.Runtime (>= 4.3) - restriction: || (&& (< net45) (>= netstandard10) (< monoandroid) (< monotouch) (< xamarinios) (< xamarinmac) (< win8) (< wp8) (< wpa81)) (>= dnxcore50)
    System.Reflection.TypeExtensions (4.3) - restriction: || (&& (>= dnxcore50) (>= netstandard16)) (&& (>= netstandard16) (< monoandroid) (< monotouch) (< xamarinios) (< xamarinmac))
      System.Reflection (>= 4.3) - restriction: || (&& (< net46) (>= netstandard13) (< netstandard15)) (&& (< net46) (>= netstandard15) (< monoandroid) (< monotouch) (< xamarinios) (< xamarinmac)) (>= net462) (>= dnxcore50)
      System.Runtime (>= 4.3) - restriction: || (&& (< net46) (>= netstandard13) (< netstandard15)) (&& (< net46) (>= netstandard15) (< monoandroid) (< monotouch) (< xamarinios) (< xamarinmac)) (>= dnxcore50)
    System.Resources.ResourceManager (4.3) - restriction: || (&& (< net35) (>= net46) (< netstandard14)) (&& (< net35) (>= net461)) (&& (< net35) (>= netstandard13) (< netstandard14)) (&& (< net35) (>= netstandard13) (< monoandroid) (< monotouch) (< xamarinios) (< xamarinmac)) (&& (< net35) (>= netstandard14) (< monoandroid) (< monotouch) (< xamarinios) (< xamarinmac)) (&& (>= dnxcore50) (>= netstandard13)) (>= netstandard16)
      Microsoft.NETCore.Platforms (>= 1.1) - restriction: || (&& (< net45) (>= netstandard10) (< monoandroid) (< monotouch) (< xamarinios) (< xamarinmac) (< win8) (< wp8) (< wpa81)) (>= dnxcore50)
      Microsoft.NETCore.Targets (>= 1.1) - restriction: || (&& (< net45) (>= netstandard10) (< monoandroid) (< monotouch) (< xamarinios) (< xamarinmac) (< win8) (< wp8) (< wpa81)) (>= dnxcore50)
      System.Globalization (>= 4.3) - restriction: || (&& (< net45) (>= netstandard10) (< monoandroid) (< monotouch) (< xamarinios) (< xamarinmac) (< win8) (< wp8) (< wpa81)) (>= dnxcore50)
      System.Reflection (>= 4.3) - restriction: || (&& (< net45) (>= netstandard10) (< monoandroid) (< monotouch) (< xamarinios) (< xamarinmac) (< win8) (< wp8) (< wpa81)) (>= dnxcore50)
      System.Runtime (>= 4.3) - restriction: || (&& (< net45) (>= netstandard10) (< monoandroid) (< monotouch) (< xamarinios) (< xamarinmac) (< win8) (< wp8) (< wpa81)) (>= dnxcore50)
    System.Runtime (4.3) - restriction: || (&& (< net35) (>= net463)) (&& (< net35) (>= netstandard13) (< netstandard14)) (&& (< net35) (>= netstandard13) (< netstandard15) (< win8) (< wpa81)) (&& (< net35) (>= netstandard13) (< monoandroid) (< monotouch) (< xamarinios) (< xamarinmac)) (&& (< net35) (>= netstandard14)) (&& (< net35) (>= netstandard15) (< monoandroid) (< monotouch) (< xamarinios) (< xamarinmac)) (&& (>= dnxcore50) (>= netstandard13)) (>= netstandard16)
      Microsoft.NETCore.Platforms (>= 1.1) - restriction: || (&& (< net45) (>= netstandard10) (< netstandard12) (< win8) (< wp8)) (&& (< net45) (>= netstandard12) (< netstandard13) (< win8) (< wpa81)) (&& (< net45) (>= netstandard13) (< netstandard15) (< win8) (< wpa81)) (&& (< net45) (>= netstandard15) (< monoandroid) (< monotouch) (< xamarinios) (< xamarinmac)) (>= dnxcore50)
      Microsoft.NETCore.Targets (>= 1.1) - restriction: || (&& (< net45) (>= netstandard10) (< netstandard12) (< win8) (< wp8)) (&& (< net45) (>= netstandard12) (< netstandard13) (< win8) (< wpa81)) (&& (< net45) (>= netstandard13) (< netstandard15) (< win8) (< wpa81)) (&& (< net45) (>= netstandard15) (< monoandroid) (< monotouch) (< xamarinios) (< xamarinmac)) (>= dnxcore50)
    System.Runtime.Extensions (4.3) - restriction: || (&& (< net35) (>= netstandard13)) (&& (>= dnxcore50) (>= netstandard13)) (>= netstandard16)
      Microsoft.NETCore.Platforms (>= 1.1) - restriction: || (&& (< net45) (>= netstandard10) (< netstandard13) (< win8) (< wp8) (< wpa81)) (&& (< net45) (>= netstandard13) (< netstandard15) (< win8) (< wpa81)) (&& (< net45) (>= netstandard15) (< monoandroid) (< monotouch) (< xamarinios) (< xamarinmac)) (>= dnxcore50)
      Microsoft.NETCore.Targets (>= 1.1) - restriction: || (&& (< net45) (>= netstandard10) (< netstandard13) (< win8) (< wp8) (< wpa81)) (&& (< net45) (>= netstandard13) (< netstandard15) (< win8) (< wpa81)) (&& (< net45) (>= netstandard15) (< monoandroid) (< monotouch) (< xamarinios) (< xamarinmac)) (>= dnxcore50)
      System.Runtime (>= 4.3) - restriction: || (&& (< net45) (>= netstandard10) (< netstandard13) (< win8) (< wp8) (< wpa81)) (&& (< net45) (>= netstandard13) (< netstandard15) (< win8) (< wpa81)) (&& (< net45) (>= netstandard15) (< monoandroid) (< monotouch) (< xamarinios) (< xamarinmac)) (>= dnxcore50)
    System.Runtime.Handles (4.3) - restriction: || (&& (< net35) (>= netstandard13) (< netstandard15) (< win8) (< wpa81)) (&& (< net35) (>= netstandard13) (< monoandroid) (< monotouch) (< xamarinios) (< xamarinmac)) (&& (< net35) (>= netstandard15) (< monoandroid) (< monotouch) (< xamarinios) (< xamarinmac)) (&& (>= dnxcore50) (>= netstandard13)) (>= netstandard16)
      Microsoft.NETCore.Platforms (>= 1.1) - restriction: && (< net46) (>= netstandard13) (< monoandroid) (< monotouch) (< xamarinios) (< xamarinmac)
      Microsoft.NETCore.Targets (>= 1.1) - restriction: && (< net46) (>= netstandard13) (< monoandroid) (< monotouch) (< xamarinios) (< xamarinmac)
      System.Runtime (>= 4.3) - restriction: && (< net46) (>= netstandard13) (< monoandroid) (< monotouch) (< xamarinios) (< xamarinmac)
    System.Runtime.InteropServices (4.3) - restriction: || (&& (< net35) (>= netstandard13) (< monoandroid) (< monotouch) (< xamarinios) (< xamarinmac)) (>= netstandard16)
      Microsoft.NETCore.Platforms (>= 1.1) - restriction: || (&& (< net45) (>= netstandard11) (< netstandard12) (< win8)) (&& (< net45) (>= netstandard12) (< netstandard13) (< win8) (< wpa81)) (&& (< net45) (>= netstandard13) (< netstandard15) (< win8) (< wpa81)) (&& (< net45) (>= netstandard15) (< monoandroid) (< monotouch) (< xamarinios) (< xamarinmac)) (>= dnxcore50) (>= netcore11)
      Microsoft.NETCore.Targets (>= 1.1) - restriction: || (&& (< net45) (>= netstandard11) (< netstandard12) (< win8)) (&& (< net45) (>= netstandard12) (< netstandard13) (< win8) (< wpa81)) (&& (< net45) (>= netstandard13) (< netstandard15) (< win8) (< wpa81)) (&& (< net45) (>= netstandard15) (< monoandroid) (< monotouch) (< xamarinios) (< xamarinmac)) (>= dnxcore50) (>= netcore11)
      System.Reflection (>= 4.3) - restriction: || (&& (< net45) (>= netstandard11) (< netstandard12) (< win8)) (&& (< net45) (>= netstandard12) (< netstandard13) (< win8) (< wpa81)) (&& (< net45) (>= netstandard13) (< netstandard15) (< win8) (< wpa81)) (&& (< net45) (>= netstandard15) (< monoandroid) (< monotouch) (< xamarinios) (< xamarinmac)) (>= dnxcore50) (>= netcore11)
      System.Reflection.Primitives (>= 4.3) - restriction: || (&& (< net45) (>= netstandard11) (< netstandard12) (< win8)) (&& (< net45) (>= netstandard12) (< netstandard13) (< win8) (< wpa81)) (&& (< net45) (>= netstandard13) (< netstandard15) (< win8) (< wpa81)) (&& (< net45) (>= netstandard15) (< monoandroid) (< monotouch) (< xamarinios) (< xamarinmac)) (>= dnxcore50) (>= netcore11)
      System.Runtime (>= 4.3) - restriction: || (&& (< net45) (>= netstandard11) (< netstandard12) (< win8)) (&& (< net45) (>= netstandard12) (< netstandard13) (< win8) (< wpa81)) (&& (< net45) (>= netstandard13) (< netstandard15) (< win8) (< wpa81)) (&& (< net45) (>= netstandard15) (< monoandroid) (< monotouch) (< xamarinios) (< xamarinmac)) (>= net462) (>= dnxcore50) (>= netcore11)
      System.Runtime.Handles (>= 4.3) - restriction: || (&& (< net45) (>= netstandard13) (< netstandard15) (< win8) (< wpa81)) (&& (< net45) (>= netstandard15) (< monoandroid) (< monotouch) (< xamarinios) (< xamarinmac)) (>= dnxcore50) (>= netcore11)
    System.Runtime.InteropServices.RuntimeInformation (4.3) - restriction: >= netstandard16
      runtime.native.System (>= 4.3) - restriction: && (< net45) (>= netstandard11) (< monoandroid) (< monotouch) (< xamarinios) (< xamarinmac) (< win8) (< wpa81)
      System.Reflection (>= 4.3) - restriction: || (&& (< net45) (>= netstandard11) (< monoandroid) (< monotouch) (< xamarinios) (< xamarinmac) (< win8) (< wpa81)) (>= dnxcore50)
      System.Reflection.Extensions (>= 4.3) - restriction: || (&& (< net45) (>= netstandard11) (< monoandroid) (< monotouch) (< xamarinios) (< xamarinmac) (< win8) (< wpa81)) (>= dnxcore50)
      System.Resources.ResourceManager (>= 4.3) - restriction: || (&& (< net45) (>= netstandard11) (< monoandroid) (< monotouch) (< xamarinios) (< xamarinmac) (< win8) (< wpa81)) (>= dnxcore50)
      System.Runtime (>= 4.3) - restriction: || (&& (< net45) (>= netstandard11) (< monoandroid) (< monotouch) (< xamarinios) (< xamarinmac) (< win8) (< wpa81)) (>= dnxcore50)
      System.Runtime.InteropServices (>= 4.3) - restriction: && (< net45) (>= netstandard11) (< monoandroid) (< monotouch) (< xamarinios) (< xamarinmac) (< win8) (< wpa81)
      System.Threading (>= 4.3) - restriction: || (&& (< net45) (>= netstandard11) (< monoandroid) (< monotouch) (< xamarinios) (< xamarinmac) (< win8) (< wpa81)) (>= dnxcore50)
    System.Runtime.Numerics (4.3) - restriction: >= netstandard16
      System.Globalization (>= 4.3) - restriction: || (&& (< net45) (>= netstandard13) (< monoandroid) (< monotouch) (< xamarinios) (< xamarinmac) (< win8) (< wpa81)) (>= dnxcore50)
      System.Resources.ResourceManager (>= 4.3) - restriction: || (&& (< net45) (>= netstandard13) (< monoandroid) (< monotouch) (< xamarinios) (< xamarinmac) (< win8) (< wpa81)) (>= dnxcore50)
      System.Runtime (>= 4.3) - restriction: || (&& (< net45) (>= netstandard11) (< netstandard13) (< win8) (< wpa81)) (&& (< net45) (>= netstandard13) (< monoandroid) (< monotouch) (< xamarinios) (< xamarinmac) (< win8) (< wpa81)) (>= dnxcore50)
      System.Runtime.Extensions (>= 4.3) - restriction: || (&& (< net45) (>= netstandard13) (< monoandroid) (< monotouch) (< xamarinios) (< xamarinmac) (< win8) (< wpa81)) (>= dnxcore50)
    System.Security.Cryptography.Algorithms (4.3) - restriction: || (&& (< net35) (>= net46)) (&& (< net35) (>= netstandard13)) (>= netstandard16)
      Microsoft.NETCore.Platforms (>= 1.1) - restriction: || (>= dnxcore50) (&& (>= netstandard16) (< monoandroid) (< monotouch) (< xamarinios) (< xamarinmac))
      runtime.native.System.Security.Cryptography.Apple (>= 4.3) - restriction: && (>= netstandard16) (< monoandroid) (< monotouch) (< xamarinios) (< xamarinmac)
      runtime.native.System.Security.Cryptography.OpenSsl (>= 4.3) - restriction: && (>= netstandard16) (< monoandroid) (< monotouch) (< xamarinios) (< xamarinmac)
      System.Collections (>= 4.3) - restriction: && (>= netstandard16) (< monoandroid) (< monotouch) (< xamarinios) (< xamarinmac)
      System.IO (>= 4.3) - restriction: || (&& (< net46) (>= netstandard13) (< netstandard14)) (&& (< net46) (>= netstandard14) (< netstandard16)) (>= net463) (>= dnxcore50) (&& (>= netstandard16) (< monoandroid) (< monotouch) (< xamarinios) (< xamarinmac))
      System.Resources.ResourceManager (>= 4.3) - restriction: || (>= dnxcore50) (&& (>= netstandard16) (< monoandroid) (< monotouch) (< xamarinios) (< xamarinmac))
      System.Runtime (>= 4.3) - restriction: || (&& (< net46) (>= netstandard13) (< netstandard14)) (&& (< net46) (>= netstandard14) (< netstandard16)) (>= net463) (>= dnxcore50) (&& (>= netstandard16) (< monoandroid) (< monotouch) (< xamarinios) (< xamarinmac))
      System.Runtime.Extensions (>= 4.3) - restriction: || (>= dnxcore50) (&& (>= netstandard16) (< monoandroid) (< monotouch) (< xamarinios) (< xamarinmac))
      System.Runtime.Handles (>= 4.3) - restriction: || (>= dnxcore50) (&& (>= netstandard16) (< monoandroid) (< monotouch) (< xamarinios) (< xamarinmac))
      System.Runtime.InteropServices (>= 4.3) - restriction: || (>= dnxcore50) (&& (>= netstandard16) (< monoandroid) (< monotouch) (< xamarinios) (< xamarinmac))
      System.Runtime.Numerics (>= 4.3) - restriction: && (>= netstandard16) (< monoandroid) (< monotouch) (< xamarinios) (< xamarinmac)
      System.Security.Cryptography.Encoding (>= 4.3) - restriction: || (>= net463) (>= dnxcore50) (&& (>= netstandard16) (< monoandroid) (< monotouch) (< xamarinios) (< xamarinmac))
      System.Security.Cryptography.Primitives (>= 4.3) - restriction: || (&& (>= net46) (< netstandard14)) (&& (< net46) (>= netstandard13) (< netstandard14)) (&& (< net46) (>= netstandard14) (< netstandard16)) (>= net461) (>= dnxcore50) (&& (>= netstandard16) (< monoandroid) (< monotouch) (< xamarinios) (< xamarinmac))
      System.Text.Encoding (>= 4.3) - restriction: || (>= dnxcore50) (&& (>= netstandard16) (< monoandroid) (< monotouch) (< xamarinios) (< xamarinmac))
    System.Security.Cryptography.Cng (4.3) - restriction: || (&& (>= dnxcore50) (>= netstandard16)) (&& (>= netstandard16) (< monoandroid) (< monotouch) (< xamarinios) (< xamarinmac))
      Microsoft.NETCore.Platforms (>= 1.1) - restriction: || (&& (< net46) (>= netstandard14)) (>= netstandard16)
      System.IO (>= 4.3) - restriction: || (&& (< net46) (>= netstandard13) (< netstandard14)) (&& (< net46) (>= netstandard14)) (>= netstandard16)
      System.Resources.ResourceManager (>= 4.3) - restriction: || (&& (< net46) (>= netstandard14)) (>= netstandard16)
      System.Runtime (>= 4.3) - restriction: || (&& (< net46) (>= netstandard13) (< netstandard14)) (&& (< net46) (>= netstandard14)) (>= netstandard16)
      System.Runtime.Extensions (>= 4.3) - restriction: || (&& (< net46) (>= netstandard14)) (>= netstandard16)
      System.Runtime.Handles (>= 4.3) - restriction: || (&& (< net46) (>= netstandard13) (< netstandard14)) (&& (< net46) (>= netstandard14)) (>= netstandard16)
      System.Runtime.InteropServices (>= 4.3) - restriction: || (&& (< net46) (>= netstandard14)) (>= netstandard16)
      System.Security.Cryptography.Algorithms (>= 4.3) - restriction: || (&& (>= net46) (< netstandard14)) (&& (< net46) (>= netstandard13) (< netstandard14)) (&& (< net46) (>= netstandard14)) (>= net461) (>= netstandard16)
      System.Security.Cryptography.Encoding (>= 4.3) - restriction: || (&& (< net46) (>= netstandard14)) (>= netstandard16)
      System.Security.Cryptography.Primitives (>= 4.3) - restriction: || (&& (>= net46) (< netstandard14)) (&& (< net46) (>= netstandard13) (< netstandard14)) (&& (< net46) (>= netstandard14)) (>= net461) (>= netstandard16)
      System.Text.Encoding (>= 4.3) - restriction: || (&& (< net46) (>= netstandard14)) (>= netstandard16)
    System.Security.Cryptography.Csp (4.3) - restriction: || (&& (< net35) (>= netstandard13)) (&& (>= netstandard16) (< monoandroid) (< monotouch) (< xamarinios) (< xamarinmac))
      Microsoft.NETCore.Platforms (>= 1.1) - restriction: && (< net46) (>= netstandard13) (< monoandroid) (< monotouch) (< xamarinios) (< xamarinmac)
      System.IO (>= 4.3) - restriction: && (< net46) (>= netstandard13) (< monoandroid) (< monotouch) (< xamarinios) (< xamarinmac)
      System.Reflection (>= 4.3) - restriction: && (< net46) (>= netstandard13) (< monoandroid) (< monotouch) (< xamarinios) (< xamarinmac)
      System.Resources.ResourceManager (>= 4.3) - restriction: && (< net46) (>= netstandard13) (< monoandroid) (< monotouch) (< xamarinios) (< xamarinmac)
      System.Runtime (>= 4.3) - restriction: && (< net46) (>= netstandard13) (< monoandroid) (< monotouch) (< xamarinios) (< xamarinmac)
      System.Runtime.Extensions (>= 4.3) - restriction: && (< net46) (>= netstandard13) (< monoandroid) (< monotouch) (< xamarinios) (< xamarinmac)
      System.Runtime.Handles (>= 4.3) - restriction: && (< net46) (>= netstandard13) (< monoandroid) (< monotouch) (< xamarinios) (< xamarinmac)
      System.Runtime.InteropServices (>= 4.3) - restriction: && (< net46) (>= netstandard13) (< monoandroid) (< monotouch) (< xamarinios) (< xamarinmac)
      System.Security.Cryptography.Algorithms (>= 4.3) - restriction: || (>= net46) (&& (>= netstandard13) (< monoandroid) (< monotouch) (< xamarinios) (< xamarinmac))
      System.Security.Cryptography.Encoding (>= 4.3) - restriction: && (< net46) (>= netstandard13) (< monoandroid) (< monotouch) (< xamarinios) (< xamarinmac)
      System.Security.Cryptography.Primitives (>= 4.3) - restriction: || (>= net46) (&& (>= netstandard13) (< monoandroid) (< monotouch) (< xamarinios) (< xamarinmac))
      System.Text.Encoding (>= 4.3) - restriction: && (< net46) (>= netstandard13) (< monoandroid) (< monotouch) (< xamarinios) (< xamarinmac)
      System.Threading (>= 4.3) - restriction: && (< net46) (>= netstandard13) (< monoandroid) (< monotouch) (< xamarinios) (< xamarinmac)
    System.Security.Cryptography.Encoding (4.3) - restriction: || (&& (< net35) (>= netstandard13) (< monoandroid) (< monotouch) (< xamarinios) (< xamarinmac)) (>= netstandard16)
      Microsoft.NETCore.Platforms (>= 1.1) - restriction: && (< net46) (>= netstandard13) (< monoandroid) (< monotouch) (< xamarinios) (< xamarinmac)
      runtime.native.System.Security.Cryptography.OpenSsl (>= 4.3) - restriction: && (< net46) (>= netstandard13) (< monoandroid) (< monotouch) (< xamarinios) (< xamarinmac)
      System.Collections (>= 4.3) - restriction: && (< net46) (>= netstandard13) (< monoandroid) (< monotouch) (< xamarinios) (< xamarinmac)
      System.Collections.Concurrent (>= 4.3) - restriction: && (< net46) (>= netstandard13) (< monoandroid) (< monotouch) (< xamarinios) (< xamarinmac)
      System.Linq (>= 4.3) - restriction: && (< net46) (>= netstandard13) (< monoandroid) (< monotouch) (< xamarinios) (< xamarinmac)
      System.Resources.ResourceManager (>= 4.3) - restriction: && (< net46) (>= netstandard13) (< monoandroid) (< monotouch) (< xamarinios) (< xamarinmac)
      System.Runtime (>= 4.3) - restriction: && (< net46) (>= netstandard13) (< monoandroid) (< monotouch) (< xamarinios) (< xamarinmac)
      System.Runtime.Extensions (>= 4.3) - restriction: && (< net46) (>= netstandard13) (< monoandroid) (< monotouch) (< xamarinios) (< xamarinmac)
      System.Runtime.Handles (>= 4.3) - restriction: && (< net46) (>= netstandard13) (< monoandroid) (< monotouch) (< xamarinios) (< xamarinmac)
      System.Runtime.InteropServices (>= 4.3) - restriction: && (< net46) (>= netstandard13) (< monoandroid) (< monotouch) (< xamarinios) (< xamarinmac)
      System.Security.Cryptography.Primitives (>= 4.3) - restriction: && (< net46) (>= netstandard13) (< monoandroid) (< monotouch) (< xamarinios) (< xamarinmac)
      System.Text.Encoding (>= 4.3) - restriction: && (< net46) (>= netstandard13) (< monoandroid) (< monotouch) (< xamarinios) (< xamarinmac)
    System.Security.Cryptography.OpenSsl (4.3) - restriction: && (>= netstandard16) (< monoandroid) (< monotouch) (< xamarinios) (< xamarinmac)
      runtime.native.System.Security.Cryptography.OpenSsl (>= 4.3) - restriction: || (>= net463) (>= netstandard16)
      System.Collections (>= 4.3) - restriction: && (>= netstandard16) (< monoandroid) (< monotouch) (< xamarinios) (< xamarinmac)
      System.IO (>= 4.3) - restriction: || (>= net463) (&& (>= netstandard16) (< monoandroid) (< monotouch) (< xamarinios) (< xamarinmac))
      System.Resources.ResourceManager (>= 4.3) - restriction: && (>= netstandard16) (< monoandroid) (< monotouch) (< xamarinios) (< xamarinmac)
      System.Runtime (>= 4.3) - restriction: || (>= net463) (&& (>= netstandard16) (< monoandroid) (< monotouch) (< xamarinios) (< xamarinmac))
      System.Runtime.Extensions (>= 4.3) - restriction: || (>= net463) (&& (>= netstandard16) (< monoandroid) (< monotouch) (< xamarinios) (< xamarinmac))
      System.Runtime.Handles (>= 4.3) - restriction: && (>= netstandard16) (< monoandroid) (< monotouch) (< xamarinios) (< xamarinmac)
      System.Runtime.InteropServices (>= 4.3) - restriction: && (>= netstandard16) (< monoandroid) (< monotouch) (< xamarinios) (< xamarinmac)
      System.Runtime.Numerics (>= 4.3) - restriction: && (>= netstandard16) (< monoandroid) (< monotouch) (< xamarinios) (< xamarinmac)
      System.Security.Cryptography.Algorithms (>= 4.3) - restriction: || (>= net463) (&& (>= netstandard16) (< monoandroid) (< monotouch) (< xamarinios) (< xamarinmac))
      System.Security.Cryptography.Encoding (>= 4.3) - restriction: || (>= net463) (&& (>= netstandard16) (< monoandroid) (< monotouch) (< xamarinios) (< xamarinmac))
      System.Security.Cryptography.Primitives (>= 4.3) - restriction: || (>= net463) (&& (>= netstandard16) (< monoandroid) (< monotouch) (< xamarinios) (< xamarinmac))
      System.Text.Encoding (>= 4.3) - restriction: && (>= netstandard16) (< monoandroid) (< monotouch) (< xamarinios) (< xamarinmac)
    System.Security.Cryptography.Primitives (4.3) - restriction: || (&& (< net35) (>= net46)) (&& (< net35) (>= net461)) (&& (< net35) (>= netstandard13) (< netstandard14)) (&& (< net35) (>= netstandard13) (< monoandroid) (< monotouch) (< xamarinios) (< xamarinmac)) (&& (< net35) (>= netstandard14)) (&& (>= dnxcore50) (>= netstandard13)) (>= netstandard16)
      System.Diagnostics.Debug (>= 4.3) - restriction: && (< net46) (>= netstandard13) (< monoandroid) (< monotouch) (< xamarinios) (< xamarinmac)
      System.Globalization (>= 4.3) - restriction: && (< net46) (>= netstandard13) (< monoandroid) (< monotouch) (< xamarinios) (< xamarinmac)
      System.IO (>= 4.3) - restriction: && (< net46) (>= netstandard13) (< monoandroid) (< monotouch) (< xamarinios) (< xamarinmac)
      System.Resources.ResourceManager (>= 4.3) - restriction: && (< net46) (>= netstandard13) (< monoandroid) (< monotouch) (< xamarinios) (< xamarinmac)
      System.Runtime (>= 4.3) - restriction: && (< net46) (>= netstandard13) (< monoandroid) (< monotouch) (< xamarinios) (< xamarinmac)
      System.Threading (>= 4.3) - restriction: && (< net46) (>= netstandard13) (< monoandroid) (< monotouch) (< xamarinios) (< xamarinmac)
      System.Threading.Tasks (>= 4.3) - restriction: && (< net46) (>= netstandard13) (< monoandroid) (< monotouch) (< xamarinios) (< xamarinmac)
    System.Security.Cryptography.X509Certificates (4.3) - restriction: >= netstandard16
      Microsoft.NETCore.Platforms (>= 1.1) - restriction: || (>= dnxcore50) (&& (>= netstandard16) (< monoandroid) (< monotouch) (< xamarinios) (< xamarinmac))
      runtime.native.System (>= 4.3) - restriction: && (>= netstandard16) (< monoandroid) (< monotouch) (< xamarinios) (< xamarinmac)
      runtime.native.System.Net.Http (>= 4.3) - restriction: && (>= netstandard16) (< monoandroid) (< monotouch) (< xamarinios) (< xamarinmac)
      runtime.native.System.Security.Cryptography.OpenSsl (>= 4.3) - restriction: && (>= netstandard16) (< monoandroid) (< monotouch) (< xamarinios) (< xamarinmac)
      System.Collections (>= 4.3) - restriction: || (>= dnxcore50) (&& (>= netstandard16) (< monoandroid) (< monotouch) (< xamarinios) (< xamarinmac))
      System.Diagnostics.Debug (>= 4.3) - restriction: && (>= netstandard16) (< monoandroid) (< monotouch) (< xamarinios) (< xamarinmac)
      System.Globalization (>= 4.3) - restriction: || (>= dnxcore50) (&& (>= netstandard16) (< monoandroid) (< monotouch) (< xamarinios) (< xamarinmac))
      System.Globalization.Calendars (>= 4.3) - restriction: || (>= dnxcore50) (&& (>= netstandard16) (< monoandroid) (< monotouch) (< xamarinios) (< xamarinmac))
      System.IO (>= 4.3) - restriction: || (>= dnxcore50) (&& (>= netstandard16) (< monoandroid) (< monotouch) (< xamarinios) (< xamarinmac))
      System.IO.FileSystem (>= 4.3) - restriction: || (>= dnxcore50) (&& (>= netstandard16) (< monoandroid) (< monotouch) (< xamarinios) (< xamarinmac))
      System.IO.FileSystem.Primitives (>= 4.3) - restriction: && (>= netstandard16) (< monoandroid) (< monotouch) (< xamarinios) (< xamarinmac)
      System.Resources.ResourceManager (>= 4.3) - restriction: || (>= dnxcore50) (&& (>= netstandard16) (< monoandroid) (< monotouch) (< xamarinios) (< xamarinmac))
      System.Runtime (>= 4.3) - restriction: || (&& (< net46) (>= netstandard13) (< netstandard14)) (&& (< net46) (>= netstandard14) (< netstandard16)) (>= dnxcore50) (&& (>= netstandard16) (< monoandroid) (< monotouch) (< xamarinios) (< xamarinmac))
      System.Runtime.Extensions (>= 4.3) - restriction: || (>= dnxcore50) (&& (>= netstandard16) (< monoandroid) (< monotouch) (< xamarinios) (< xamarinmac))
      System.Runtime.Handles (>= 4.3) - restriction: || (&& (< net46) (>= netstandard13) (< netstandard14)) (&& (< net46) (>= netstandard14) (< netstandard16)) (>= dnxcore50) (&& (>= netstandard16) (< monoandroid) (< monotouch) (< xamarinios) (< xamarinmac))
      System.Runtime.InteropServices (>= 4.3) - restriction: || (>= dnxcore50) (&& (>= netstandard16) (< monoandroid) (< monotouch) (< xamarinios) (< xamarinmac))
      System.Runtime.Numerics (>= 4.3) - restriction: || (>= dnxcore50) (&& (>= netstandard16) (< monoandroid) (< monotouch) (< xamarinios) (< xamarinmac))
      System.Security.Cryptography.Algorithms (>= 4.3) - restriction: || (&& (>= net46) (< netstandard14)) (&& (< net46) (>= netstandard13) (< netstandard14)) (&& (< net46) (>= netstandard14) (< netstandard16)) (>= net461) (>= dnxcore50) (&& (>= netstandard16) (< monoandroid) (< monotouch) (< xamarinios) (< xamarinmac))
      System.Security.Cryptography.Cng (>= 4.3) - restriction: || (>= dnxcore50) (&& (>= netstandard16) (< monoandroid) (< monotouch) (< xamarinios) (< xamarinmac))
      System.Security.Cryptography.Csp (>= 4.3) - restriction: && (>= netstandard16) (< monoandroid) (< monotouch) (< xamarinios) (< xamarinmac)
      System.Security.Cryptography.Encoding (>= 4.3) - restriction: || (&& (>= net46) (< netstandard14)) (&& (< net46) (>= netstandard13) (< netstandard14)) (&& (< net46) (>= netstandard14) (< netstandard16)) (>= net461) (>= dnxcore50) (&& (>= netstandard16) (< monoandroid) (< monotouch) (< xamarinios) (< xamarinmac))
      System.Security.Cryptography.OpenSsl (>= 4.3) - restriction: && (>= netstandard16) (< monoandroid) (< monotouch) (< xamarinios) (< xamarinmac)
      System.Security.Cryptography.Primitives (>= 4.3) - restriction: || (>= dnxcore50) (&& (>= netstandard16) (< monoandroid) (< monotouch) (< xamarinios) (< xamarinmac))
      System.Text.Encoding (>= 4.3) - restriction: || (>= dnxcore50) (&& (>= netstandard16) (< monoandroid) (< monotouch) (< xamarinios) (< xamarinmac))
      System.Threading (>= 4.3) - restriction: || (>= dnxcore50) (&& (>= netstandard16) (< monoandroid) (< monotouch) (< xamarinios) (< xamarinmac))
    System.Text.Encoding (4.3) - restriction: || (&& (< net35) (>= netstandard13) (< netstandard15) (< win8) (< wpa81)) (&& (< net35) (>= netstandard13) (< monoandroid) (< monotouch) (< xamarinios) (< xamarinmac)) (&& (< net35) (>= netstandard15) (< monoandroid) (< monotouch) (< xamarinios) (< xamarinmac)) (&& (>= dnxcore50) (>= netstandard13)) (>= netstandard16)
      Microsoft.NETCore.Platforms (>= 1.1) - restriction: || (&& (< net45) (>= netstandard10) (< netstandard13) (< win8) (< wp8) (< wpa81)) (&& (< net45) (>= netstandard13) (< monoandroid) (< monotouch) (< xamarinios) (< xamarinmac) (< win8) (< wpa81)) (>= dnxcore50)
      Microsoft.NETCore.Targets (>= 1.1) - restriction: || (&& (< net45) (>= netstandard10) (< netstandard13) (< win8) (< wp8) (< wpa81)) (&& (< net45) (>= netstandard13) (< monoandroid) (< monotouch) (< xamarinios) (< xamarinmac) (< win8) (< wpa81)) (>= dnxcore50)
      System.Runtime (>= 4.3) - restriction: || (&& (< net45) (>= netstandard10) (< netstandard13) (< win8) (< wp8) (< wpa81)) (&& (< net45) (>= netstandard13) (< monoandroid) (< monotouch) (< xamarinios) (< xamarinmac) (< win8) (< wpa81)) (>= dnxcore50)
    System.Text.Encoding.Extensions (4.3) - restriction: >= netstandard16
      Microsoft.NETCore.Platforms (>= 1.1) - restriction: || (&& (< net45) (>= netstandard10) (< netstandard13) (< win8) (< wp8) (< wpa81)) (&& (< net45) (>= netstandard13) (< monoandroid) (< monotouch) (< xamarinios) (< xamarinmac) (< win8) (< wpa81)) (>= dnxcore50)
      Microsoft.NETCore.Targets (>= 1.1) - restriction: || (&& (< net45) (>= netstandard10) (< netstandard13) (< win8) (< wp8) (< wpa81)) (&& (< net45) (>= netstandard13) (< monoandroid) (< monotouch) (< xamarinios) (< xamarinmac) (< win8) (< wpa81)) (>= dnxcore50)
      System.Runtime (>= 4.3) - restriction: || (&& (< net45) (>= netstandard10) (< netstandard13) (< win8) (< wp8) (< wpa81)) (&& (< net45) (>= netstandard13) (< monoandroid) (< monotouch) (< xamarinios) (< xamarinmac) (< win8) (< wpa81)) (>= dnxcore50)
      System.Text.Encoding (>= 4.3) - restriction: || (&& (< net45) (>= netstandard10) (< netstandard13) (< win8) (< wp8) (< wpa81)) (&& (< net45) (>= netstandard13) (< monoandroid) (< monotouch) (< xamarinios) (< xamarinmac) (< win8) (< wpa81)) (>= dnxcore50)
    System.Text.RegularExpressions (4.3) - restriction: >= netstandard16
      System.Collections (>= 4.3) - restriction: || (>= dnxcore50) (&& (>= netstandard16) (< netcore11) (< monoandroid) (< monotouch) (< xamarinios) (< xamarinmac))
      System.Globalization (>= 4.3) - restriction: || (>= dnxcore50) (&& (>= netstandard16) (< netcore11) (< monoandroid) (< monotouch) (< xamarinios) (< xamarinmac))
      System.Resources.ResourceManager (>= 4.3) - restriction: || (>= dnxcore50) (&& (>= netstandard16) (< netcore11) (< monoandroid) (< monotouch) (< xamarinios) (< xamarinmac))
      System.Runtime (>= 4.3) - restriction: || (&& (< net45) (>= netstandard10) (< netstandard13) (< win8) (< wp8) (< wpa81)) (&& (< net45) (>= netstandard13) (< netstandard16) (< win8) (< wpa81)) (>= dnxcore50) (&& (>= netstandard16) (< monoandroid) (< monotouch) (< xamarinios) (< xamarinmac)) (>= netcore11)
      System.Runtime.Extensions (>= 4.3) - restriction: || (>= dnxcore50) (&& (>= netstandard16) (< netcore11) (< monoandroid) (< monotouch) (< xamarinios) (< xamarinmac))
      System.Threading (>= 4.3) - restriction: || (>= dnxcore50) (&& (>= netstandard16) (< netcore11) (< monoandroid) (< monotouch) (< xamarinios) (< xamarinmac))
    System.Threading (4.3) - restriction: || (&& (< net35) (>= net46) (< netstandard14)) (&& (< net35) (>= net461)) (&& (< net35) (>= netstandard13)) (&& (< net35) (>= netstandard14) (< monoandroid) (< monotouch) (< xamarinios) (< xamarinmac)) (&& (>= dnxcore50) (>= netstandard13)) (>= netstandard16)
      System.Runtime (>= 4.3) - restriction: || (&& (< net45) (>= netstandard10) (< netstandard13) (< win8) (< wp8) (< wpa81)) (&& (< net45) (>= netstandard13) (< monoandroid) (< monotouch) (< xamarinios) (< xamarinmac) (< win8) (< wpa81)) (>= dnxcore50)
      System.Threading.Tasks (>= 4.3) - restriction: || (&& (< net45) (>= netstandard10) (< netstandard13) (< win8) (< wp8) (< wpa81)) (&& (< net45) (>= netstandard13) (< monoandroid) (< monotouch) (< xamarinios) (< xamarinmac) (< win8) (< wpa81)) (>= dnxcore50)
    System.Threading.Tasks (4.3) - restriction: || (&& (< net35) (>= netstandard13) (< netstandard15) (< win8) (< wpa81)) (&& (< net35) (>= netstandard13) (< monoandroid) (< monotouch) (< xamarinios) (< xamarinmac)) (&& (< net35) (>= netstandard15) (< monoandroid) (< monotouch) (< xamarinios) (< xamarinmac)) (&& (>= dnxcore50) (>= netstandard13)) (>= netstandard16)
      Microsoft.NETCore.Platforms (>= 1.1) - restriction: || (&& (< net45) (>= netstandard10) (< netstandard13) (< win8) (< wp8) (< wpa81)) (&& (< net45) (>= netstandard13) (< monoandroid) (< monotouch) (< xamarinios) (< xamarinmac) (< win8) (< wpa81)) (>= dnxcore50)
      Microsoft.NETCore.Targets (>= 1.1) - restriction: || (&& (< net45) (>= netstandard10) (< netstandard13) (< win8) (< wp8) (< wpa81)) (&& (< net45) (>= netstandard13) (< monoandroid) (< monotouch) (< xamarinios) (< xamarinmac) (< win8) (< wpa81)) (>= dnxcore50)
      System.Runtime (>= 4.3) - restriction: || (&& (< net45) (>= netstandard10) (< netstandard13) (< win8) (< wp8) (< wpa81)) (&& (< net45) (>= netstandard13) (< monoandroid) (< monotouch) (< xamarinios) (< xamarinmac) (< win8) (< wpa81)) (>= dnxcore50)
    System.Threading.Tasks.Extensions (4.3) - restriction: || (&& (>= dnxcore50) (>= netstandard16)) (&& (>= netstandard16) (< monoandroid) (< monotouch) (< xamarinios) (< xamarinmac))
      System.Collections (>= 4.3) - restriction: && (< net45) (>= netstandard10) (< monoandroid) (< monotouch) (< xamarinios) (< xamarinmac) (< win8) (< wp8) (< wpa81)
      System.Runtime (>= 4.3) - restriction: && (< net45) (>= netstandard10) (< monoandroid) (< monotouch) (< xamarinios) (< xamarinmac) (< win8) (< wp8) (< wpa81)
      System.Threading.Tasks (>= 4.3) - restriction: && (< net45) (>= netstandard10) (< monoandroid) (< monotouch) (< xamarinios) (< xamarinmac) (< win8) (< wp8) (< wpa81)
    System.Threading.Tasks.Parallel (4.3) - restriction: >= netstandard16
      System.Collections.Concurrent (>= 4.3) - restriction: || (&& (< net45) (>= netstandard11) (< netstandard13) (< win8) (< wpa81)) (&& (< net45) (>= netstandard13) (< monoandroid) (< monotouch) (< xamarinios) (< xamarinmac) (< win8) (< wpa81)) (>= dnxcore50)
      System.Diagnostics.Debug (>= 4.3) - restriction: || (&& (< net45) (>= netstandard13) (< monoandroid) (< monotouch) (< xamarinios) (< xamarinmac) (< win8) (< wpa81)) (>= dnxcore50)
      System.Diagnostics.Tracing (>= 4.3) - restriction: || (&& (< net45) (>= netstandard13) (< monoandroid) (< monotouch) (< xamarinios) (< xamarinmac) (< win8) (< wpa81)) (>= dnxcore50)
      System.Resources.ResourceManager (>= 4.3) - restriction: || (&& (< net45) (>= netstandard13) (< monoandroid) (< monotouch) (< xamarinios) (< xamarinmac) (< win8) (< wpa81)) (>= dnxcore50)
      System.Runtime (>= 4.3) - restriction: || (&& (< net45) (>= netstandard11) (< netstandard13) (< win8) (< wpa81)) (&& (< net45) (>= netstandard13) (< monoandroid) (< monotouch) (< xamarinios) (< xamarinmac) (< win8) (< wpa81)) (>= dnxcore50)
      System.Runtime.Extensions (>= 4.3) - restriction: || (&& (< net45) (>= netstandard13) (< monoandroid) (< monotouch) (< xamarinios) (< xamarinmac) (< win8) (< wpa81)) (>= dnxcore50)
      System.Threading (>= 4.3) - restriction: || (&& (< net45) (>= netstandard13) (< monoandroid) (< monotouch) (< xamarinios) (< xamarinmac) (< win8) (< wpa81)) (>= dnxcore50)
      System.Threading.Tasks (>= 4.3) - restriction: || (&& (< net45) (>= netstandard11) (< netstandard13) (< win8) (< wpa81)) (&& (< net45) (>= netstandard13) (< monoandroid) (< monotouch) (< xamarinios) (< xamarinmac) (< win8) (< wpa81)) (>= dnxcore50)
    System.Threading.Thread (4.3) - restriction: >= netstandard16
      System.Runtime (>= 4.3) - restriction: && (< net46) (>= netstandard13) (< monoandroid) (< monotouch) (< xamarinios) (< xamarinmac)
    System.Threading.ThreadPool (4.3) - restriction: >= netstandard16
      System.Runtime (>= 4.3) - restriction: && (< net46) (>= netstandard13) (< monoandroid) (< monotouch) (< xamarinios) (< xamarinmac)
      System.Runtime.Handles (>= 4.3) - restriction: && (< net46) (>= netstandard13) (< monoandroid) (< monotouch) (< xamarinios) (< xamarinmac)
    System.Threading.Timer (4.3) - restriction: >= netstandard16
      Microsoft.NETCore.Platforms (>= 1.1) - restriction: || (&& (< net451) (>= netstandard12) (< monoandroid) (< monotouch) (< xamarinios) (< xamarinmac) (< win81) (< wpa81)) (>= dnxcore50)
      Microsoft.NETCore.Targets (>= 1.1) - restriction: || (&& (< net451) (>= netstandard12) (< monoandroid) (< monotouch) (< xamarinios) (< xamarinmac) (< win81) (< wpa81)) (>= dnxcore50)
      System.Runtime (>= 4.3) - restriction: || (&& (< net451) (>= netstandard12) (< monoandroid) (< monotouch) (< xamarinios) (< xamarinmac) (< win81) (< wpa81)) (>= dnxcore50)
    System.Xml.ReaderWriter (4.3) - restriction: >= netstandard16
      System.Collections (>= 4.3) - restriction: || (&& (< net45) (>= netstandard13) (< monoandroid) (< monotouch) (< xamarinios) (< xamarinmac) (< win8) (< wpa81)) (>= dnxcore50)
      System.Diagnostics.Debug (>= 4.3) - restriction: || (&& (< net45) (>= netstandard13) (< monoandroid) (< monotouch) (< xamarinios) (< xamarinmac) (< win8) (< wpa81)) (>= dnxcore50)
      System.Globalization (>= 4.3) - restriction: || (&& (< net45) (>= netstandard13) (< monoandroid) (< monotouch) (< xamarinios) (< xamarinmac) (< win8) (< wpa81)) (>= dnxcore50)
      System.IO (>= 4.3) - restriction: || (&& (< net45) (>= netstandard10) (< netstandard13) (< win8) (< wp8) (< wpa81)) (&& (< net45) (>= netstandard13) (< monoandroid) (< monotouch) (< xamarinios) (< xamarinmac) (< win8) (< wpa81)) (>= dnxcore50)
      System.IO.FileSystem (>= 4.3) - restriction: || (&& (< net45) (>= netstandard13) (< monoandroid) (< monotouch) (< xamarinios) (< xamarinmac) (< win8) (< wpa81)) (>= dnxcore50)
      System.IO.FileSystem.Primitives (>= 4.3) - restriction: || (&& (< net45) (>= netstandard13) (< monoandroid) (< monotouch) (< xamarinios) (< xamarinmac) (< win8) (< wpa81)) (>= dnxcore50)
      System.Resources.ResourceManager (>= 4.3) - restriction: || (&& (< net45) (>= netstandard13) (< monoandroid) (< monotouch) (< xamarinios) (< xamarinmac) (< win8) (< wpa81)) (>= dnxcore50)
      System.Runtime (>= 4.3) - restriction: || (&& (< net45) (>= netstandard10) (< netstandard13) (< win8) (< wp8) (< wpa81)) (&& (< net45) (>= netstandard13) (< monoandroid) (< monotouch) (< xamarinios) (< xamarinmac) (< win8) (< wpa81)) (>= dnxcore50)
      System.Runtime.Extensions (>= 4.3) - restriction: || (&& (< net45) (>= netstandard13) (< monoandroid) (< monotouch) (< xamarinios) (< xamarinmac) (< win8) (< wpa81)) (>= dnxcore50)
      System.Runtime.InteropServices (>= 4.3) - restriction: || (&& (< net45) (>= netstandard13) (< monoandroid) (< monotouch) (< xamarinios) (< xamarinmac) (< win8) (< wpa81)) (>= dnxcore50)
      System.Text.Encoding (>= 4.3) - restriction: || (&& (< net45) (>= netstandard10) (< netstandard13) (< win8) (< wp8) (< wpa81)) (&& (< net45) (>= netstandard13) (< monoandroid) (< monotouch) (< xamarinios) (< xamarinmac) (< win8) (< wpa81)) (>= dnxcore50)
      System.Text.Encoding.Extensions (>= 4.3) - restriction: || (&& (< net45) (>= netstandard13) (< monoandroid) (< monotouch) (< xamarinios) (< xamarinmac) (< win8) (< wpa81)) (>= dnxcore50)
      System.Text.RegularExpressions (>= 4.3) - restriction: || (&& (< net45) (>= netstandard13) (< monoandroid) (< monotouch) (< xamarinios) (< xamarinmac) (< win8) (< wpa81)) (>= dnxcore50)
      System.Threading.Tasks (>= 4.3) - restriction: || (&& (< net45) (>= netstandard10) (< netstandard13) (< win8) (< wp8) (< wpa81)) (&& (< net45) (>= netstandard13) (< monoandroid) (< monotouch) (< xamarinios) (< xamarinmac) (< win8) (< wpa81)) (>= dnxcore50)
      System.Threading.Tasks.Extensions (>= 4.3) - restriction: || (&& (< net45) (>= netstandard13) (< monoandroid) (< monotouch) (< xamarinios) (< xamarinmac) (< win8) (< wpa81)) (>= dnxcore50)
    System.Xml.XDocument (4.3) - restriction: >= netstandard16
      System.Collections (>= 4.3) - restriction: || (&& (< net45) (>= netstandard13) (< monoandroid) (< monotouch) (< xamarinios) (< xamarinmac) (< win8) (< wpa81)) (>= dnxcore50)
      System.Diagnostics.Debug (>= 4.3) - restriction: || (&& (< net45) (>= netstandard13) (< monoandroid) (< monotouch) (< xamarinios) (< xamarinmac) (< win8) (< wpa81)) (>= dnxcore50)
      System.Diagnostics.Tools (>= 4.3) - restriction: || (&& (< net45) (>= netstandard13) (< monoandroid) (< monotouch) (< xamarinios) (< xamarinmac) (< win8) (< wpa81)) (>= dnxcore50)
      System.Globalization (>= 4.3) - restriction: || (&& (< net45) (>= netstandard13) (< monoandroid) (< monotouch) (< xamarinios) (< xamarinmac) (< win8) (< wpa81)) (>= dnxcore50)
      System.IO (>= 4.3) - restriction: || (&& (< net45) (>= netstandard10) (< netstandard13) (< win8) (< wp8) (< wpa81)) (&& (< net45) (>= netstandard13) (< monoandroid) (< monotouch) (< xamarinios) (< xamarinmac) (< win8) (< wpa81)) (>= dnxcore50)
      System.Reflection (>= 4.3) - restriction: || (&& (< net45) (>= netstandard13) (< monoandroid) (< monotouch) (< xamarinios) (< xamarinmac) (< win8) (< wpa81)) (>= dnxcore50)
      System.Resources.ResourceManager (>= 4.3) - restriction: || (&& (< net45) (>= netstandard13) (< monoandroid) (< monotouch) (< xamarinios) (< xamarinmac) (< win8) (< wpa81)) (>= dnxcore50)
      System.Runtime (>= 4.3) - restriction: || (&& (< net45) (>= netstandard10) (< netstandard13) (< win8) (< wp8) (< wpa81)) (&& (< net45) (>= netstandard13) (< monoandroid) (< monotouch) (< xamarinios) (< xamarinmac) (< win8) (< wpa81)) (>= dnxcore50)
      System.Runtime.Extensions (>= 4.3) - restriction: || (&& (< net45) (>= netstandard13) (< monoandroid) (< monotouch) (< xamarinios) (< xamarinmac) (< win8) (< wpa81)) (>= dnxcore50)
      System.Text.Encoding (>= 4.3) - restriction: || (&& (< net45) (>= netstandard13) (< monoandroid) (< monotouch) (< xamarinios) (< xamarinmac) (< win8) (< wpa81)) (>= dnxcore50)
      System.Threading (>= 4.3) - restriction: || (&& (< net45) (>= netstandard13) (< monoandroid) (< monotouch) (< xamarinios) (< xamarinmac) (< win8) (< wpa81)) (>= dnxcore50)
      System.Xml.ReaderWriter (>= 4.3) - restriction: || (&& (< net45) (>= netstandard10) (< netstandard13) (< win8) (< wp8) (< wpa81)) (&& (< net45) (>= netstandard13) (< monoandroid) (< monotouch) (< xamarinios) (< xamarinmac) (< win8) (< wpa81)) (>= dnxcore50)

GROUP Runtime
NUGET
  remote: https://www.nuget.org/api/v2
    FSharp.Data (2.3.3)
      Zlib.Portable (>= 1.11) - restriction: || (>= portable-net45+win8+sl5) (>= portable-net45+win8+wp8+wpa81)
    Zlib.Portable (1.11) - restriction: || (>= portable-net45+win8+sl5) (>= portable-net45+win8+wp8+wpa81)

GROUP Testing
NUGET
  remote: https://www.nuget.org/api/v2
    Argu (3.7)
      FSharp.Core (>= 4.0.1.7-alpha) - restriction: || (>= net463) (>= netstandard16)
      NETStandard.Library (>= 1.6) - restriction: || (>= net463) (>= netstandard16)
      System.Xml.XDocument (>= 4.0.11) - restriction: || (>= net463) (>= netstandard16)
    BenchmarkDotNet (0.10.8)
      BenchmarkDotNet.Core (>= 0.10.8) - restriction: || (== netcore11) (>= net46)
      BenchmarkDotNet.Toolchains.Roslyn (>= 0.10.8) - restriction: >= net46
      Microsoft.NETCore.App (>= 1.1.2) - restriction: == netcore11
    BenchmarkDotNet.Core (0.10.8) - restriction: || (== netcore11) (>= net46)
      Microsoft.DotNet.InternalAbstractions (>= 1.0) - restriction: || (== netcore11) (>= net46)
      Microsoft.DotNet.PlatformAbstractions (>= 1.1.1) - restriction: || (== netcore11) (>= net46)
      Microsoft.NETCore.App (>= 1.1.2) - restriction: == netcore11
      Microsoft.Win32.Registry (>= 4.3) - restriction: || (== netcore11) (>= net46)
      System.Reflection.Emit.Lightweight (>= 4.3) - restriction: == netcore11
      System.Runtime.Serialization.Primitives (>= 4.3) - restriction: == netcore11
      System.Threading.Tasks.Extensions (>= 4.3) - restriction: >= net46
      System.ValueTuple (>= 4.3) - restriction: || (== netcore11) (>= net46)
      System.Xml.XPath.XmlDocument (>= 4.3) - restriction: == netcore11
    BenchmarkDotNet.Toolchains.Roslyn (0.10.8) - restriction: >= net46
      BenchmarkDotNet.Core (>= 0.10.8) - restriction: >= net46
      Microsoft.CodeAnalysis.CSharp (>= 2.0) - restriction: >= net46
      System.Threading.Tasks (>= 4.3) - restriction: >= net46
    Expecto (5.0)
      Argu (>= 3.7)
      FSharp.Core (>= 4.1.12) - restriction: || (== netstandard10) (== netstandard11) (== netstandard12) (== netstandard13) (== netstandard14) (== netstandard15) (>= net10)
      FSharp.Core (>= 4.1.17) - restriction: >= netstandard16
      Mono.Cecil (>= 0.10.0-beta5)
      NETStandard.Library (>= 1.6.1) - restriction: >= netstandard16
      System.Diagnostics.FileVersionInfo (>= 4.3) - restriction: >= netstandard16
      System.Diagnostics.TraceSource (>= 4.3) - restriction: >= netstandard16
      System.Linq.Parallel (>= 4.3) - restriction: >= netstandard16
    Expecto.BenchmarkDotNet (5.0)
      BenchmarkDotNet (>= 0.10.5)
      Expecto (>= 5.0)
      FSharp.Core (>= 4.1.12)
    Expecto.FsCheck (5.0)
      Expecto (>= 5.0)
      FsCheck (>= 2.8)
      FSharp.Core (>= 4.1.12)
    FsCheck (2.9)
      FSharp.Core (>= 4.1) - restriction: || (== netstandard10) (== netstandard11) (== netstandard12) (== netstandard13) (== netstandard14) (== netstandard15) (>= net10)
      FSharp.Core (>= 4.1.17) - restriction: >= netstandard16
      NETStandard.Library (>= 1.6.1) - restriction: >= netstandard16
    FSharp.Core (4.2.1)
      System.Collections (>= 4.0.11) - restriction: || (>= net463) (>= netstandard16)
      System.Console (>= 4.0) - restriction: || (>= net463) (>= netstandard16)
      System.Diagnostics.Debug (>= 4.0.11) - restriction: || (>= net463) (>= netstandard16)
      System.Diagnostics.Tools (>= 4.0.1) - restriction: || (>= net463) (>= netstandard16)
      System.Globalization (>= 4.0.11) - restriction: || (>= net463) (>= netstandard16)
      System.IO (>= 4.1) - restriction: || (>= net463) (>= netstandard16)
      System.Linq (>= 4.1) - restriction: || (>= net463) (>= netstandard16)
      System.Linq.Expressions (>= 4.1) - restriction: || (>= net463) (>= netstandard16)
      System.Linq.Queryable (>= 4.0.1) - restriction: || (>= net463) (>= netstandard16)
      System.Net.Requests (>= 4.0.11) - restriction: || (>= net463) (>= netstandard16)
      System.Reflection (>= 4.1) - restriction: || (>= net463) (>= netstandard16)
      System.Reflection.Extensions (>= 4.0.1) - restriction: || (>= net463) (>= netstandard16)
      System.Resources.ResourceManager (>= 4.0.1) - restriction: || (>= net463) (>= netstandard16)
      System.Runtime (>= 4.1) - restriction: || (>= net463) (>= netstandard16)
      System.Runtime.Extensions (>= 4.1) - restriction: || (>= net463) (>= netstandard16)
      System.Runtime.Numerics (>= 4.0.1) - restriction: || (>= net463) (>= netstandard16)
      System.Text.RegularExpressions (>= 4.1) - restriction: || (>= net463) (>= netstandard16)
      System.Threading (>= 4.0.11) - restriction: || (>= net463) (>= netstandard16)
      System.Threading.Tasks (>= 4.0.11) - restriction: || (>= net463) (>= netstandard16)
      System.Threading.Tasks.Parallel (>= 4.0.1) - restriction: || (>= net463) (>= netstandard16)
      System.Threading.Thread (>= 4.0) - restriction: || (>= net463) (>= netstandard16)
      System.Threading.ThreadPool (>= 4.0.10) - restriction: || (>= net463) (>= netstandard16)
      System.Threading.Timer (>= 4.0.1) - restriction: || (>= net463) (>= netstandard16)
    Libuv (1.9.2) - restriction: == netcore11
    Microsoft.CodeAnalysis.Analyzers (1.1) - restriction: >= net46
    Microsoft.CodeAnalysis.Common (2.2) - restriction: || (== netcore11) (>= net46)
      Microsoft.CodeAnalysis.Analyzers (>= 1.1) - restriction: >= netstandard13
      System.AppContext (>= 4.3) - restriction: >= netstandard13
      System.Collections (>= 4.3) - restriction: >= netstandard13
      System.Collections.Concurrent (>= 4.3) - restriction: >= netstandard13
      System.Collections.Immutable (>= 1.3.1) - restriction: >= netstandard13
      System.Console (>= 4.3) - restriction: >= netstandard13
      System.Diagnostics.Debug (>= 4.3) - restriction: >= netstandard13
      System.Diagnostics.FileVersionInfo (>= 4.3) - restriction: >= netstandard13
      System.Diagnostics.StackTrace (>= 4.3) - restriction: >= netstandard13
      System.Diagnostics.Tools (>= 4.3) - restriction: >= netstandard13
      System.Dynamic.Runtime (>= 4.3) - restriction: >= netstandard13
      System.Globalization (>= 4.3) - restriction: >= netstandard13
      System.IO.Compression (>= 4.3) - restriction: >= netstandard13
      System.IO.FileSystem (>= 4.3) - restriction: >= netstandard13
      System.IO.FileSystem.Primitives (>= 4.3) - restriction: >= netstandard13
      System.Linq (>= 4.3) - restriction: >= netstandard13
      System.Linq.Expressions (>= 4.3) - restriction: >= netstandard13
      System.Reflection (>= 4.3) - restriction: >= netstandard13
      System.Reflection.Metadata (>= 1.4.2) - restriction: >= netstandard13
      System.Resources.ResourceManager (>= 4.3) - restriction: >= netstandard13
      System.Runtime (>= 4.3) - restriction: >= netstandard13
      System.Runtime.Extensions (>= 4.3) - restriction: >= netstandard13
      System.Runtime.InteropServices (>= 4.3) - restriction: >= netstandard13
      System.Runtime.Numerics (>= 4.3) - restriction: >= netstandard13
      System.Security.Cryptography.Algorithms (>= 4.3) - restriction: >= netstandard13
      System.Security.Cryptography.Encoding (>= 4.3) - restriction: >= netstandard13
      System.Security.Cryptography.X509Certificates (>= 4.3) - restriction: >= netstandard13
      System.Text.Encoding (>= 4.3) - restriction: >= netstandard13
      System.Text.Encoding.CodePages (>= 4.3) - restriction: >= netstandard13
      System.Text.Encoding.Extensions (>= 4.3) - restriction: >= netstandard13
      System.Threading (>= 4.3) - restriction: >= netstandard13
      System.Threading.Tasks (>= 4.3) - restriction: >= netstandard13
      System.Threading.Tasks.Parallel (>= 4.3) - restriction: >= netstandard13
      System.Threading.Thread (>= 4.3) - restriction: >= netstandard13
      System.ValueTuple (>= 4.3) - restriction: >= netstandard13
      System.Xml.ReaderWriter (>= 4.3) - restriction: >= netstandard13
      System.Xml.XDocument (>= 4.3) - restriction: >= netstandard13
      System.Xml.XmlDocument (>= 4.3) - restriction: >= netstandard13
      System.Xml.XPath.XDocument (>= 4.3) - restriction: >= netstandard13
    Microsoft.CodeAnalysis.CSharp (2.2) - restriction: || (== netcore11) (>= net46)
      Microsoft.CodeAnalysis.Common (2.2)
    Microsoft.CodeAnalysis.VisualBasic (2.2) - restriction: == netcore11
      Microsoft.CodeAnalysis.Common (>= 2.2)
    Microsoft.CSharp (4.3) - restriction: == netcore11
    Microsoft.DiaSymReader.Native (1.5) - restriction: == netcore11
    Microsoft.DotNet.InternalAbstractions (1.0) - restriction: || (== netcore11) (>= net46)
    Microsoft.DotNet.PlatformAbstractions (1.1.2) - restriction: || (== netcore11) (>= net46)
    Microsoft.NETCore.App (1.1.2) - restriction: == netcore11
      Libuv (>= 1.9.1) - restriction: || (== netcore10) (== netcore11)
      Microsoft.CodeAnalysis.CSharp (>= 1.3) - restriction: || (== netcore10) (== netcore11)
      Microsoft.CodeAnalysis.VisualBasic (>= 1.3) - restriction: || (== netcore10) (== netcore11)
      Microsoft.CSharp (>= 4.3) - restriction: == netcore11
      Microsoft.DiaSymReader.Native (>= 1.4.1) - restriction: == netcore11
      Microsoft.NETCore.DotNetHostPolicy (>= 1.1.2) - restriction: == netcore11
      Microsoft.NETCore.Runtime.CoreCLR (>= 1.1.2) - restriction: == netcore11
      Microsoft.VisualBasic (>= 10.1) - restriction: == netcore11
      NETStandard.Library (>= 1.6.1) - restriction: == netcore11
      runtime.native.System.Security.Cryptography.OpenSsl (>= 4.3.1) - restriction: == netcore11
      System.Buffers (>= 4.3) - restriction: == netcore11
      System.Collections.Immutable (>= 1.3) - restriction: == netcore11
      System.ComponentModel (>= 4.3) - restriction: == netcore11
      System.ComponentModel.Annotations (>= 4.3) - restriction: == netcore11
      System.Diagnostics.DiagnosticSource (>= 4.3.1) - restriction: == netcore11
      System.Diagnostics.Process (>= 4.3) - restriction: == netcore11
      System.Dynamic.Runtime (>= 4.3) - restriction: == netcore11
      System.Globalization.Extensions (>= 4.3) - restriction: == netcore11
      System.IO.FileSystem.Watcher (>= 4.3) - restriction: == netcore11
      System.IO.MemoryMappedFiles (>= 4.3) - restriction: == netcore11
      System.IO.UnmanagedMemoryStream (>= 4.3) - restriction: == netcore11
      System.Linq.Expressions (>= 4.3) - restriction: == netcore11
      System.Linq.Parallel (>= 4.3) - restriction: == netcore11
      System.Linq.Queryable (>= 4.3) - restriction: == netcore11
      System.Net.Http (>= 4.3.2) - restriction: == netcore11
      System.Net.NameResolution (>= 4.3) - restriction: == netcore11
      System.Net.Requests (>= 4.3) - restriction: == netcore11
      System.Net.Security (>= 4.3.1) - restriction: == netcore11
      System.Net.WebHeaderCollection (>= 4.3) - restriction: == netcore11
      System.Numerics.Vectors (>= 4.3) - restriction: == netcore11
      System.Reflection.DispatchProxy (>= 4.3) - restriction: == netcore11
      System.Reflection.Metadata (>= 1.4.1) - restriction: == netcore11
      System.Reflection.TypeExtensions (>= 4.3) - restriction: == netcore11
      System.Resources.Reader (>= 4.3) - restriction: == netcore11
      System.Runtime.Loader (>= 4.3) - restriction: == netcore11
      System.Security.Cryptography.Algorithms (>= 4.3) - restriction: == netcore11
      System.Security.Cryptography.Encoding (>= 4.3) - restriction: == netcore11
      System.Security.Cryptography.Primitives (>= 4.3) - restriction: == netcore11
      System.Security.Cryptography.X509Certificates (>= 4.3) - restriction: == netcore11
      System.Threading.Tasks.Dataflow (>= 4.7) - restriction: == netcore11
      System.Threading.Tasks.Extensions (>= 4.3) - restriction: == netcore11
      System.Threading.Tasks.Parallel (>= 4.3) - restriction: == netcore11
      System.Threading.Thread (>= 4.3) - restriction: == netcore11
      System.Threading.ThreadPool (>= 4.3) - restriction: == netcore11
    Microsoft.NETCore.DotNetHost (1.1) - restriction: == netcore11
    Microsoft.NETCore.DotNetHostPolicy (1.1.2) - restriction: == netcore11
      Microsoft.NETCore.DotNetHostResolver (>= 1.1)
    Microsoft.NETCore.DotNetHostResolver (1.1) - restriction: == netcore11
      Microsoft.NETCore.DotNetHost (>= 1.1)
    Microsoft.NETCore.Jit (1.1.2) - restriction: == netcore11
    Microsoft.NETCore.Platforms (1.1) - restriction: >= netstandard13
    Microsoft.NETCore.Runtime.CoreCLR (1.1.2) - restriction: == netcore11
      Microsoft.NETCore.Jit (>= 1.1.2)
      Microsoft.NETCore.Windows.ApiSets (>= 1.0.1)
    Microsoft.NETCore.Targets (1.1) - restriction: >= netstandard13
    Microsoft.NETCore.Windows.ApiSets (1.0.1) - restriction: == netcore11
    Microsoft.VisualBasic (10.1) - restriction: == netcore11
    Microsoft.Win32.Primitives (4.3) - restriction: || (>= net463) (>= netstandard16)
      Microsoft.NETCore.Platforms (>= 1.1) - restriction: >= netstandard13
      Microsoft.NETCore.Targets (>= 1.1) - restriction: >= netstandard13
      System.Runtime (>= 4.3) - restriction: >= netstandard13
    Microsoft.Win32.Registry (4.3) - restriction: || (== netcore11) (>= net46)
    Mono.Cecil (0.10.0-beta6)
      System.Collections (>= 4.0.11) - restriction: >= netstandard13
      System.IO.FileSystem (>= 4.0.1) - restriction: >= netstandard13
      System.IO.FileSystem.Primitives (>= 4.0.1) - restriction: >= netstandard13
      System.Reflection (>= 4.1) - restriction: >= netstandard13
      System.Runtime.Extensions (>= 4.1) - restriction: >= netstandard13
      System.Security.Cryptography.Algorithms (>= 4.2) - restriction: >= netstandard13
      System.Security.Cryptography.Csp (>= 4.0) - restriction: >= netstandard13
      System.Threading (>= 4.0.11) - restriction: >= netstandard13
    NETStandard.Library (1.6.1) - restriction: || (>= net463) (>= netstandard16)
      Microsoft.NETCore.Platforms (>= 1.1) - restriction: >= netstandard10
      Microsoft.Win32.Primitives (>= 4.3) - restriction: >= netstandard13
      System.AppContext (>= 4.3) - restriction: >= netstandard13
      System.Collections (>= 4.3) - restriction: >= netstandard10
      System.Collections.Concurrent (>= 4.3) - restriction: >= netstandard11
      System.Console (>= 4.3) - restriction: >= netstandard13
      System.Diagnostics.Debug (>= 4.3) - restriction: >= netstandard10
      System.Diagnostics.Tools (>= 4.3) - restriction: >= netstandard10
      System.Diagnostics.Tracing (>= 4.3) - restriction: >= netstandard11
      System.Globalization (>= 4.3) - restriction: >= netstandard10
      System.Globalization.Calendars (>= 4.3) - restriction: >= netstandard13
      System.IO (>= 4.3) - restriction: >= netstandard10
      System.IO.Compression (>= 4.3) - restriction: >= netstandard11
      System.IO.Compression.ZipFile (>= 4.3) - restriction: >= netstandard13
      System.IO.FileSystem (>= 4.3) - restriction: >= netstandard13
      System.IO.FileSystem.Primitives (>= 4.3) - restriction: >= netstandard13
      System.Linq (>= 4.3) - restriction: >= netstandard10
      System.Linq.Expressions (>= 4.3) - restriction: >= netstandard10
      System.Net.Http (>= 4.3) - restriction: >= netstandard11
      System.Net.Primitives (>= 4.3) - restriction: >= netstandard10
      System.Net.Sockets (>= 4.3) - restriction: >= netstandard13
      System.ObjectModel (>= 4.3) - restriction: >= netstandard10
      System.Reflection (>= 4.3) - restriction: >= netstandard10
      System.Reflection.Extensions (>= 4.3) - restriction: >= netstandard10
      System.Reflection.Primitives (>= 4.3) - restriction: >= netstandard10
      System.Resources.ResourceManager (>= 4.3) - restriction: >= netstandard10
      System.Runtime (>= 4.3) - restriction: >= netstandard10
      System.Runtime.Extensions (>= 4.3) - restriction: >= netstandard10
      System.Runtime.Handles (>= 4.3) - restriction: >= netstandard13
      System.Runtime.InteropServices (>= 4.3) - restriction: >= netstandard11
      System.Runtime.InteropServices.RuntimeInformation (>= 4.3) - restriction: >= netstandard11
      System.Runtime.Numerics (>= 4.3) - restriction: >= netstandard11
      System.Security.Cryptography.Algorithms (>= 4.3) - restriction: >= netstandard13
      System.Security.Cryptography.Encoding (>= 4.3) - restriction: >= netstandard13
      System.Security.Cryptography.Primitives (>= 4.3) - restriction: >= netstandard13
      System.Security.Cryptography.X509Certificates (>= 4.3) - restriction: >= netstandard13
      System.Text.Encoding (>= 4.3) - restriction: >= netstandard10
      System.Text.Encoding.Extensions (>= 4.3) - restriction: >= netstandard10
      System.Text.RegularExpressions (>= 4.3) - restriction: >= netstandard10
      System.Threading (>= 4.3) - restriction: >= netstandard10
      System.Threading.Tasks (>= 4.3) - restriction: >= netstandard10
      System.Threading.Timer (>= 4.3) - restriction: >= netstandard12
      System.Xml.ReaderWriter (>= 4.3) - restriction: >= netstandard10
      System.Xml.XDocument (>= 4.3) - restriction: >= netstandard10
    runtime.debian.8-x64.runtime.native.System.Security.Cryptography.OpenSsl (4.3.1) - restriction: >= netstandard13
    runtime.fedora.23-x64.runtime.native.System.Security.Cryptography.OpenSsl (4.3.1) - restriction: >= netstandard13
    runtime.fedora.24-x64.runtime.native.System.Security.Cryptography.OpenSsl (4.3.1) - restriction: >= netstandard13
    runtime.native.System (4.3) - restriction: || (>= net46) (>= netstandard16)
      Microsoft.NETCore.Platforms (>= 1.1)
      Microsoft.NETCore.Targets (>= 1.1)
    runtime.native.System.IO.Compression (4.3) - restriction: || (>= net46) (>= netstandard16)
      Microsoft.NETCore.Platforms (>= 1.1)
      Microsoft.NETCore.Targets (>= 1.1)
    runtime.native.System.Net.Http (4.3) - restriction: || (>= net46) (>= netstandard16)
      Microsoft.NETCore.Platforms (>= 1.1)
      Microsoft.NETCore.Targets (>= 1.1)
    runtime.native.System.Security.Cryptography.Apple (4.3) - restriction: || (>= net46) (>= netstandard16)
      runtime.osx.10.10-x64.runtime.native.System.Security.Cryptography.Apple (>= 4.3)
    runtime.native.System.Security.Cryptography.OpenSsl (4.3.1) - restriction: >= netstandard13
      runtime.debian.8-x64.runtime.native.System.Security.Cryptography.OpenSsl (>= 4.3.1)
      runtime.fedora.23-x64.runtime.native.System.Security.Cryptography.OpenSsl (>= 4.3.1)
      runtime.fedora.24-x64.runtime.native.System.Security.Cryptography.OpenSsl (>= 4.3.1)
      runtime.opensuse.13.2-x64.runtime.native.System.Security.Cryptography.OpenSsl (>= 4.3.1)
      runtime.opensuse.42.1-x64.runtime.native.System.Security.Cryptography.OpenSsl (>= 4.3.1)
      runtime.osx.10.10-x64.runtime.native.System.Security.Cryptography.OpenSsl (>= 4.3.1)
      runtime.rhel.7-x64.runtime.native.System.Security.Cryptography.OpenSsl (>= 4.3.1)
      runtime.ubuntu.14.04-x64.runtime.native.System.Security.Cryptography.OpenSsl (>= 4.3.1)
      runtime.ubuntu.16.04-x64.runtime.native.System.Security.Cryptography.OpenSsl (>= 4.3.1)
      runtime.ubuntu.16.10-x64.runtime.native.System.Security.Cryptography.OpenSsl (>= 4.3.1)
    runtime.opensuse.13.2-x64.runtime.native.System.Security.Cryptography.OpenSsl (4.3.1) - restriction: >= netstandard13
    runtime.opensuse.42.1-x64.runtime.native.System.Security.Cryptography.OpenSsl (4.3.1) - restriction: >= netstandard13
    runtime.osx.10.10-x64.runtime.native.System.Security.Cryptography.Apple (4.3) - restriction: || (>= net46) (>= netstandard16)
    runtime.osx.10.10-x64.runtime.native.System.Security.Cryptography.OpenSsl (4.3.1) - restriction: >= netstandard13
    runtime.rhel.7-x64.runtime.native.System.Security.Cryptography.OpenSsl (4.3.1) - restriction: >= netstandard13
    runtime.ubuntu.14.04-x64.runtime.native.System.Security.Cryptography.OpenSsl (4.3.1) - restriction: >= netstandard13
    runtime.ubuntu.16.04-x64.runtime.native.System.Security.Cryptography.OpenSsl (4.3.1) - restriction: >= netstandard13
    runtime.ubuntu.16.10-x64.runtime.native.System.Security.Cryptography.OpenSsl (4.3.1) - restriction: >= netstandard13
    System.AppContext (4.3) - restriction: || (>= net46) (>= netstandard16)
      System.Runtime (>= 4.3) - restriction: || (== dnxcore50) (== netstandard13) (>= netstandard16)
    System.Buffers (4.3) - restriction: || (>= net46) (>= netstandard16)
    System.Collections (4.3) - restriction: >= netstandard13
      Microsoft.NETCore.Platforms (>= 1.1) - restriction: || (== dnxcore50) (== netstandard10) (>= netstandard13)
      Microsoft.NETCore.Targets (>= 1.1) - restriction: || (== dnxcore50) (== netstandard10) (>= netstandard13)
      System.Runtime (>= 4.3) - restriction: || (== dnxcore50) (== netstandard10) (>= netstandard13)
    System.Collections.Concurrent (4.3) - restriction: >= netstandard13
      System.Collections (>= 4.3) - restriction: || (== dnxcore50) (>= netstandard13)
      System.Diagnostics.Debug (>= 4.3) - restriction: || (== dnxcore50) (>= netstandard13)
      System.Diagnostics.Tracing (>= 4.3) - restriction: || (== dnxcore50) (>= netstandard13)
      System.Globalization (>= 4.3) - restriction: || (== dnxcore50) (>= netstandard13)
      System.Reflection (>= 4.3) - restriction: >= netstandard13
      System.Resources.ResourceManager (>= 4.3) - restriction: || (== dnxcore50) (>= netstandard13)
      System.Runtime (>= 4.3) - restriction: || (== dnxcore50) (== netstandard11) (>= netstandard13)
      System.Runtime.Extensions (>= 4.3) - restriction: || (== dnxcore50) (>= netstandard13)
      System.Threading (>= 4.3) - restriction: || (== dnxcore50) (>= netstandard13)
      System.Threading.Tasks (>= 4.3) - restriction: || (== dnxcore50) (== netstandard11) (>= netstandard13)
    System.Collections.Immutable (1.3.1) - restriction: || (>= net46) (>= netstandard16)
      System.Collections (>= 4.3) - restriction: >= netstandard10
      System.Diagnostics.Debug (>= 4.3) - restriction: >= netstandard10
      System.Globalization (>= 4.3) - restriction: >= netstandard10
      System.Linq (>= 4.3) - restriction: >= netstandard10
      System.Resources.ResourceManager (>= 4.3) - restriction: >= netstandard10
      System.Runtime (>= 4.3) - restriction: >= netstandard10
      System.Runtime.Extensions (>= 4.3) - restriction: >= netstandard10
      System.Threading (>= 4.3) - restriction: >= netstandard10
    System.ComponentModel (4.3) - restriction: == netcore11
    System.ComponentModel.Annotations (4.3) - restriction: == netcore11
    System.Console (4.3) - restriction: || (>= net46) (>= netstandard16)
      Microsoft.NETCore.Platforms (>= 1.1) - restriction: >= netstandard13
      Microsoft.NETCore.Targets (>= 1.1) - restriction: >= netstandard13
      System.IO (>= 4.3) - restriction: >= netstandard13
      System.Runtime (>= 4.3) - restriction: >= netstandard13
      System.Text.Encoding (>= 4.3) - restriction: >= netstandard13
    System.Diagnostics.Debug (4.3) - restriction: >= netstandard13
      Microsoft.NETCore.Platforms (>= 1.1) - restriction: || (== dnxcore50) (== netstandard10) (>= netstandard13)
      Microsoft.NETCore.Targets (>= 1.1) - restriction: || (== dnxcore50) (== netstandard10) (>= netstandard13)
      System.Runtime (>= 4.3) - restriction: || (== dnxcore50) (== netstandard10) (>= netstandard13)
    System.Diagnostics.DiagnosticSource (4.3.1) - restriction: || (>= net463) (>= netstandard16)
    System.Diagnostics.FileVersionInfo (4.3) - restriction: || (>= net46) (>= netstandard16)
      Microsoft.NETCore.Platforms (>= 1.1) - restriction: || (== dnxcore50) (>= netstandard13)
      System.Globalization (>= 4.3) - restriction: >= netstandard13
      System.IO (>= 4.3) - restriction: || (== dnxcore50) (>= netstandard13)
      System.IO.FileSystem (>= 4.3) - restriction: || (== dnxcore50) (>= netstandard13)
      System.IO.FileSystem.Primitives (>= 4.3) - restriction: || (== dnxcore50) (>= netstandard13)
      System.Reflection.Metadata (>= 1.4.1) - restriction: || (== dnxcore50) (>= netstandard13)
      System.Runtime (>= 4.3) - restriction: || (== dnxcore50) (>= netstandard13)
      System.Runtime.Extensions (>= 4.3) - restriction: || (== dnxcore50) (>= netstandard13)
      System.Runtime.InteropServices (>= 4.3) - restriction: >= netstandard13
    System.Diagnostics.Process (4.3) - restriction: == netcore11
    System.Diagnostics.StackTrace (4.3) - restriction: >= net46
    System.Diagnostics.Tools (4.3) - restriction: || (>= net46) (>= netstandard16)
      Microsoft.NETCore.Platforms (>= 1.1) - restriction: || (== dnxcore50) (>= netstandard10)
      Microsoft.NETCore.Targets (>= 1.1) - restriction: || (== dnxcore50) (>= netstandard10)
      System.Runtime (>= 4.3) - restriction: || (== dnxcore50) (>= netstandard10)
    System.Diagnostics.TraceSource (4.3) - restriction: >= netstandard16
      Microsoft.NETCore.Platforms (>= 1.1) - restriction: >= netstandard13
      runtime.native.System (>= 4.3) - restriction: >= netstandard13
      System.Collections (>= 4.3) - restriction: >= netstandard13
      System.Diagnostics.Debug (>= 4.3) - restriction: >= netstandard13
      System.Globalization (>= 4.3) - restriction: >= netstandard13
      System.Resources.ResourceManager (>= 4.3) - restriction: >= netstandard13
      System.Runtime (>= 4.3) - restriction: >= netstandard13
      System.Runtime.Extensions (>= 4.3) - restriction: >= netstandard13
      System.Threading (>= 4.3) - restriction: >= netstandard13
    System.Diagnostics.Tracing (4.3) - restriction: >= netstandard13
      Microsoft.NETCore.Platforms (>= 1.1) - restriction: || (== dnxcore50) (== netstandard11) (== netstandard12) (== netstandard13) (>= netstandard15)
      Microsoft.NETCore.Targets (>= 1.1) - restriction: || (== dnxcore50) (== netstandard11) (== netstandard12) (== netstandard13) (>= netstandard15)
      System.Runtime (>= 4.3) - restriction: || (== dnxcore50) (== netstandard11) (== netstandard12) (== netstandard13) (>= netstandard15)
    System.Dynamic.Runtime (4.3) - restriction: || (== netcore11) (>= net46)
    System.Globalization (4.3) - restriction: >= netstandard13
      Microsoft.NETCore.Platforms (>= 1.1) - restriction: || (== dnxcore50) (== netstandard10) (>= netstandard13)
      Microsoft.NETCore.Targets (>= 1.1) - restriction: || (== dnxcore50) (== netstandard10) (>= netstandard13)
      System.Runtime (>= 4.3) - restriction: || (== dnxcore50) (== netstandard10) (>= netstandard13)
    System.Globalization.Calendars (4.3) - restriction: || (>= net46) (>= netstandard16)
      Microsoft.NETCore.Platforms (>= 1.1) - restriction: >= netstandard13
      Microsoft.NETCore.Targets (>= 1.1) - restriction: >= netstandard13
      System.Globalization (>= 4.3) - restriction: >= netstandard13
      System.Runtime (>= 4.3) - restriction: >= netstandard13
    System.Globalization.Extensions (4.3) - restriction: || (>= net463) (>= netstandard16)
    System.IO (4.3) - restriction: >= netstandard13
      Microsoft.NETCore.Platforms (>= 1.1) - restriction: || (== dnxcore50) (== netstandard10) (== netstandard13) (>= netstandard15)
      Microsoft.NETCore.Targets (>= 1.1) - restriction: || (== dnxcore50) (== netstandard10) (== netstandard13) (>= netstandard15)
      System.Runtime (>= 4.3) - restriction: || (== dnxcore50) (== netstandard10) (== netstandard13) (>= netstandard15)
      System.Text.Encoding (>= 4.3) - restriction: || (== dnxcore50) (== netstandard10) (== netstandard13) (>= netstandard15)
      System.Threading.Tasks (>= 4.3) - restriction: || (== dnxcore50) (== netstandard10) (== netstandard13) (>= netstandard15)
    System.IO.Compression (4.3) - restriction: || (>= net46) (>= netstandard16)
      Microsoft.NETCore.Platforms (>= 1.1) - restriction: >= netstandard13
      runtime.native.System (>= 4.3) - restriction: >= netstandard13
      runtime.native.System.IO.Compression (>= 4.3) - restriction: || (== dnxcore50) (>= netstandard13)
      System.Buffers (>= 4.3) - restriction: || (== dnxcore50) (>= netstandard13)
      System.Collections (>= 4.3) - restriction: || (== dnxcore50) (>= netstandard13)
      System.Diagnostics.Debug (>= 4.3) - restriction: || (== dnxcore50) (>= netstandard13)
      System.IO (>= 4.3) - restriction: || (== dnxcore50) (== netstandard11) (>= netstandard13)
      System.Resources.ResourceManager (>= 4.3) - restriction: || (== dnxcore50) (>= netstandard13)
      System.Runtime (>= 4.3) - restriction: || (== dnxcore50) (== netstandard11) (>= netstandard13)
      System.Runtime.Extensions (>= 4.3) - restriction: || (== dnxcore50) (>= netstandard13)
      System.Runtime.Handles (>= 4.3) - restriction: || (== dnxcore50) (>= netstandard13)
      System.Runtime.InteropServices (>= 4.3) - restriction: || (== dnxcore50) (>= netstandard13)
      System.Text.Encoding (>= 4.3) - restriction: || (== dnxcore50) (== netstandard11) (>= netstandard13)
      System.Threading (>= 4.3) - restriction: || (== dnxcore50) (>= netstandard13)
      System.Threading.Tasks (>= 4.3) - restriction: || (== dnxcore50) (>= netstandard13)
    System.IO.Compression.ZipFile (4.3) - restriction: || (>= net463) (>= netstandard16)
      System.Buffers (>= 4.3) - restriction: >= netstandard13
      System.IO (>= 4.3) - restriction: >= netstandard13
      System.IO.Compression (>= 4.3) - restriction: >= netstandard13
      System.IO.FileSystem (>= 4.3) - restriction: >= netstandard13
      System.IO.FileSystem.Primitives (>= 4.3) - restriction: >= netstandard13
      System.Resources.ResourceManager (>= 4.3) - restriction: >= netstandard13
      System.Runtime (>= 4.3) - restriction: >= netstandard13
      System.Runtime.Extensions (>= 4.3) - restriction: >= netstandard13
      System.Text.Encoding (>= 4.3) - restriction: >= netstandard13
    System.IO.FileSystem (4.3) - restriction: >= netstandard13
      Microsoft.NETCore.Platforms (>= 1.1) - restriction: >= netstandard13
      Microsoft.NETCore.Targets (>= 1.1) - restriction: >= netstandard13
      System.IO (>= 4.3) - restriction: >= netstandard13
      System.IO.FileSystem.Primitives (>= 4.3) - restriction: >= netstandard13
      System.Runtime (>= 4.3) - restriction: >= netstandard13
      System.Runtime.Handles (>= 4.3) - restriction: >= netstandard13
      System.Text.Encoding (>= 4.3) - restriction: >= netstandard13
      System.Threading.Tasks (>= 4.3) - restriction: >= netstandard13
    System.IO.FileSystem.Primitives (4.3) - restriction: >= netstandard13
      System.Runtime (>= 4.3) - restriction: >= netstandard13
    System.IO.FileSystem.Watcher (4.3) - restriction: == netcore11
    System.IO.MemoryMappedFiles (4.3) - restriction: == netcore11
    System.IO.UnmanagedMemoryStream (4.3) - restriction: == netcore11
    System.Linq (4.3) - restriction: >= netstandard13
      System.Collections (>= 4.3) - restriction: || (== dnxcore50) (== netstandard10) (>= netstandard16)
      System.Diagnostics.Debug (>= 4.3) - restriction: || (== dnxcore50) (>= netstandard16)
      System.Resources.ResourceManager (>= 4.3) - restriction: || (== dnxcore50) (>= netstandard16)
      System.Runtime (>= 4.3) - restriction: || (== dnxcore50) (== netstandard10) (>= netstandard16)
      System.Runtime.Extensions (>= 4.3) - restriction: || (== dnxcore50) (>= netstandard16)
    System.Linq.Expressions (4.3) - restriction: || (>= net46) (>= netstandard16)
      System.Collections (>= 4.3) - restriction: || (== dnxcore50) (>= netstandard16)
      System.Diagnostics.Debug (>= 4.3) - restriction: || (== dnxcore50) (>= netstandard16)
      System.Globalization (>= 4.3) - restriction: || (== dnxcore50) (>= netstandard16)
      System.IO (>= 4.3) - restriction: || (== dnxcore50) (>= netstandard16)
      System.Linq (>= 4.3) - restriction: || (== dnxcore50) (>= netstandard16)
      System.ObjectModel (>= 4.3) - restriction: >= netstandard16
      System.Reflection (>= 4.3) - restriction: || (== dnxcore50) (== netstandard10) (== netstandard13) (>= netstandard16)
      System.Reflection.Emit (>= 4.3) - restriction: >= netstandard16
      System.Reflection.Emit.ILGeneration (>= 4.3) - restriction: || (== dnxcore50) (>= netstandard16)
      System.Reflection.Emit.Lightweight (>= 4.3) - restriction: || (== dnxcore50) (>= netstandard16)
      System.Reflection.Extensions (>= 4.3) - restriction: || (== dnxcore50) (>= netstandard16)
      System.Reflection.Primitives (>= 4.3) - restriction: || (== dnxcore50) (>= netstandard16)
      System.Reflection.TypeExtensions (>= 4.3) - restriction: || (== dnxcore50) (>= netstandard16)
      System.Resources.ResourceManager (>= 4.3) - restriction: || (== dnxcore50) (>= netstandard16)
      System.Runtime (>= 4.3) - restriction: || (== dnxcore50) (== netstandard10) (== netstandard13) (>= netstandard16)
      System.Runtime.Extensions (>= 4.3) - restriction: || (== dnxcore50) (>= netstandard16)
      System.Threading (>= 4.3) - restriction: || (== dnxcore50) (>= netstandard16)
    System.Linq.Parallel (4.3) - restriction: >= netstandard16
      System.Collections (>= 4.3) - restriction: || (== dnxcore50) (== netstandard11) (>= netstandard13)
      System.Collections.Concurrent (>= 4.3) - restriction: || (== dnxcore50) (== netstandard11) (>= netstandard13)
      System.Diagnostics.Debug (>= 4.3) - restriction: || (== dnxcore50) (>= netstandard13)
      System.Diagnostics.Tracing (>= 4.3) - restriction: || (== dnxcore50) (>= netstandard13)
      System.Linq (>= 4.3) - restriction: || (== dnxcore50) (== netstandard11) (>= netstandard13)
      System.Resources.ResourceManager (>= 4.3) - restriction: || (== dnxcore50) (>= netstandard13)
      System.Runtime (>= 4.3) - restriction: || (== dnxcore50) (== netstandard11) (>= netstandard13)
      System.Runtime.Extensions (>= 4.3) - restriction: || (== dnxcore50) (>= netstandard13)
      System.Threading (>= 4.3) - restriction: || (== dnxcore50) (>= netstandard13)
      System.Threading.Tasks (>= 4.3) - restriction: || (== dnxcore50) (== netstandard11) (>= netstandard13)
    System.Linq.Queryable (4.3) - restriction: || (>= net463) (>= netstandard16)
      System.Collections (>= 4.3) - restriction: || (== dnxcore50) (>= netstandard13)
      System.Diagnostics.Debug (>= 4.3) - restriction: || (== dnxcore50) (>= netstandard13)
      System.Linq (>= 4.3) - restriction: || (== dnxcore50) (== netstandard10) (>= netstandard13)
      System.Linq.Expressions (>= 4.3) - restriction: || (== dnxcore50) (== netstandard10) (>= netstandard13)
      System.Reflection (>= 4.3) - restriction: || (== dnxcore50) (>= netstandard13)
      System.Reflection.Extensions (>= 4.3) - restriction: || (== dnxcore50) (>= netstandard13)
      System.Resources.ResourceManager (>= 4.3) - restriction: || (== dnxcore50) (>= netstandard13)
      System.Runtime (>= 4.3) - restriction: || (== dnxcore50) (== netstandard10) (>= netstandard13)
    System.Net.Http (4.3.2) - restriction: || (>= net463) (>= netstandard16)
      Microsoft.NETCore.Platforms (>= 1.1) - restriction: || (== dnxcore50) (== netstandard13) (>= netstandard16)
      runtime.native.System (>= 4.3) - restriction: >= netstandard16
      runtime.native.System.Net.Http (>= 4.3) - restriction: >= netstandard16
      runtime.native.System.Security.Cryptography.OpenSsl (>= 4.3) - restriction: >= netstandard16
      System.Collections (>= 4.3) - restriction: || (== dnxcore50) (== netstandard13) (>= netstandard16)
      System.Diagnostics.Debug (>= 4.3) - restriction: || (== dnxcore50) (== netstandard13) (>= netstandard16)
      System.Diagnostics.DiagnosticSource (>= 4.3) - restriction: || (== dnxcore50) (== netstandard13) (>= netstandard16)
      System.Diagnostics.Tracing (>= 4.3) - restriction: || (== dnxcore50) (== netstandard13) (>= netstandard16)
      System.Globalization (>= 4.3) - restriction: || (== dnxcore50) (== netstandard13) (>= netstandard16)
      System.Globalization.Extensions (>= 4.3) - restriction: >= netstandard16
      System.IO (>= 4.3) - restriction: || (== dnxcore50) (== netstandard11) (== netstandard13) (>= netstandard16)
      System.IO.FileSystem (>= 4.3) - restriction: >= netstandard16
      System.Net.Primitives (>= 4.3) - restriction: || (== dnxcore50) (== netstandard11) (== netstandard13) (>= netstandard16)
      System.Resources.ResourceManager (>= 4.3) - restriction: || (== dnxcore50) (== netstandard13) (>= netstandard16)
      System.Runtime (>= 4.3) - restriction: || (== dnxcore50) (== netstandard11) (== netstandard13) (>= netstandard16)
      System.Runtime.Extensions (>= 4.3) - restriction: || (== dnxcore50) (== netstandard13) (>= netstandard16)
      System.Runtime.Handles (>= 4.3) - restriction: || (== netstandard13) (>= netstandard16)
      System.Runtime.InteropServices (>= 4.3) - restriction: || (== dnxcore50) (== netstandard13) (>= netstandard16)
      System.Security.Cryptography.Algorithms (>= 4.3) - restriction: >= netstandard16
      System.Security.Cryptography.Encoding (>= 4.3) - restriction: || (== netstandard13) (>= netstandard16)
      System.Security.Cryptography.OpenSsl (>= 4.3) - restriction: >= netstandard16
      System.Security.Cryptography.Primitives (>= 4.3) - restriction: >= netstandard16
      System.Security.Cryptography.X509Certificates (>= 4.3) - restriction: || (== dnxcore50) (== netstandard13) (>= net46) (>= netstandard16)
      System.Text.Encoding (>= 4.3) - restriction: || (== dnxcore50) (== netstandard11) (== netstandard13) (>= netstandard16)
      System.Threading (>= 4.3) - restriction: || (== dnxcore50) (== netstandard13) (>= netstandard16)
      System.Threading.Tasks (>= 4.3) - restriction: || (== dnxcore50) (== netstandard11) (== netstandard13) (>= netstandard16)
    System.Net.NameResolution (4.3) - restriction: == netcore11
    System.Net.Primitives (4.3) - restriction: || (>= net463) (>= netstandard16)
      Microsoft.NETCore.Platforms (>= 1.1) - restriction: || (== dnxcore50) (== netstandard10) (== netstandard11) (>= netstandard13)
      Microsoft.NETCore.Targets (>= 1.1) - restriction: || (== dnxcore50) (== netstandard10) (== netstandard11) (>= netstandard13)
      System.Runtime (>= 4.3) - restriction: || (== dnxcore50) (== netstandard10) (== netstandard11) (>= netstandard13)
      System.Runtime.Handles (>= 4.3) - restriction: || (== dnxcore50) (>= netstandard13)
    System.Net.Requests (4.3) - restriction: || (>= net463) (>= netstandard16)
      Microsoft.NETCore.Platforms (>= 1.1) - restriction: >= netstandard13
      System.Collections (>= 4.3) - restriction: || (== dnxcore50) (>= netstandard13)
      System.Diagnostics.Debug (>= 4.3) - restriction: || (== dnxcore50) (>= netstandard13)
      System.Diagnostics.Tracing (>= 4.3) - restriction: || (== dnxcore50) (>= netstandard13)
      System.Globalization (>= 4.3) - restriction: || (== dnxcore50) (>= netstandard13)
      System.IO (>= 4.3) - restriction: || (== dnxcore50) (== netstandard10) (== netstandard11) (>= netstandard13)
      System.Net.Http (>= 4.3) - restriction: || (== dnxcore50) (>= netstandard13)
      System.Net.Primitives (>= 4.3) - restriction: || (== dnxcore50) (== netstandard10) (== netstandard11) (>= netstandard13)
      System.Net.WebHeaderCollection (>= 4.3) - restriction: || (== dnxcore50) (>= netstandard13)
      System.Resources.ResourceManager (>= 4.3) - restriction: || (== dnxcore50) (>= netstandard13)
      System.Runtime (>= 4.3) - restriction: || (== dnxcore50) (== netstandard10) (== netstandard11) (>= netstandard13)
      System.Threading (>= 4.3) - restriction: || (== dnxcore50) (>= netstandard13)
      System.Threading.Tasks (>= 4.3) - restriction: || (== dnxcore50) (== netstandard11) (>= netstandard13)
    System.Net.Security (4.3.1) - restriction: == netcore11
    System.Net.Sockets (4.3) - restriction: || (>= net463) (>= netstandard16)
      Microsoft.NETCore.Platforms (>= 1.1) - restriction: >= netstandard13
      Microsoft.NETCore.Targets (>= 1.1) - restriction: >= netstandard13
      System.IO (>= 4.3) - restriction: >= netstandard13
      System.Net.Primitives (>= 4.3) - restriction: >= netstandard13
      System.Runtime (>= 4.3) - restriction: >= netstandard13
      System.Threading.Tasks (>= 4.3) - restriction: >= netstandard13
    System.Net.WebHeaderCollection (4.3) - restriction: || (>= net463) (>= netstandard16)
    System.Numerics.Vectors (4.3) - restriction: == netcore11
    System.ObjectModel (4.3) - restriction: || (>= net46) (>= netstandard16)
      System.Collections (>= 4.3) - restriction: || (== dnxcore50) (>= netstandard13)
      System.Diagnostics.Debug (>= 4.3) - restriction: || (== dnxcore50) (>= netstandard13)
      System.Resources.ResourceManager (>= 4.3) - restriction: || (== dnxcore50) (>= netstandard13)
      System.Runtime (>= 4.3) - restriction: || (== dnxcore50) (== netstandard10) (>= netstandard13)
      System.Threading (>= 4.3) - restriction: || (== dnxcore50) (>= netstandard13)
    System.Reflection (4.3) - restriction: >= netstandard13
      Microsoft.NETCore.Platforms (>= 1.1) - restriction: || (== dnxcore50) (== netstandard10) (== netstandard13) (>= netstandard15)
      Microsoft.NETCore.Targets (>= 1.1) - restriction: || (== dnxcore50) (== netstandard10) (== netstandard13) (>= netstandard15)
      System.IO (>= 4.3) - restriction: || (== dnxcore50) (== netstandard10) (== netstandard13) (>= netstandard15)
      System.Reflection.Primitives (>= 4.3) - restriction: || (== dnxcore50) (== netstandard10) (== netstandard13) (>= netstandard15)
      System.Runtime (>= 4.3) - restriction: || (== dnxcore50) (== netstandard10) (== netstandard13) (>= netstandard15)
    System.Reflection.DispatchProxy (4.3) - restriction: == netcore11
    System.Reflection.Emit (4.3) - restriction: || (>= net46) (>= netstandard16)
      System.IO (>= 4.3) - restriction: >= netstandard11
      System.Reflection (>= 4.3) - restriction: >= netstandard11
      System.Reflection.Emit.ILGeneration (>= 4.3) - restriction: >= netstandard11
      System.Reflection.Primitives (>= 4.3) - restriction: >= netstandard11
      System.Runtime (>= 4.3) - restriction: >= netstandard11
    System.Reflection.Emit.ILGeneration (4.3) - restriction: || (>= net46) (>= netstandard16)
      System.Reflection (>= 4.3) - restriction: >= netstandard10
      System.Reflection.Primitives (>= 4.3) - restriction: >= netstandard10
      System.Runtime (>= 4.3) - restriction: >= netstandard10
    System.Reflection.Emit.Lightweight (4.3) - restriction: || (>= net46) (>= netstandard16)
    System.Reflection.Extensions (4.3) - restriction: || (>= net46) (>= netstandard16)
      Microsoft.NETCore.Platforms (>= 1.1) - restriction: || (== dnxcore50) (>= netstandard10)
      Microsoft.NETCore.Targets (>= 1.1) - restriction: || (== dnxcore50) (>= netstandard10)
      System.Reflection (>= 4.3) - restriction: || (== dnxcore50) (>= netstandard10)
      System.Runtime (>= 4.3) - restriction: || (== dnxcore50) (>= netstandard10)
    System.Reflection.Metadata (1.4.2) - restriction: || (>= net46) (>= netstandard16)
      System.Collections (>= 4.3) - restriction: >= netstandard11
      System.Collections.Immutable (>= 1.3.1) - restriction: || (== win8) (>= netstandard11)
      System.Diagnostics.Debug (>= 4.3) - restriction: >= netstandard11
      System.IO (>= 4.3) - restriction: >= netstandard11
      System.IO.Compression (>= 4.3) - restriction: >= netstandard11
      System.Linq (>= 4.3) - restriction: >= netstandard11
      System.Reflection (>= 4.3) - restriction: >= netstandard11
      System.Reflection.Extensions (>= 4.3) - restriction: >= netstandard11
      System.Reflection.Primitives (>= 4.3) - restriction: >= netstandard11
      System.Resources.ResourceManager (>= 4.3) - restriction: >= netstandard11
      System.Runtime (>= 4.3) - restriction: >= netstandard11
      System.Runtime.Extensions (>= 4.3) - restriction: >= netstandard11
      System.Runtime.InteropServices (>= 4.3) - restriction: >= netstandard11
      System.Text.Encoding (>= 4.3) - restriction: >= netstandard11
      System.Text.Encoding.Extensions (>= 4.3) - restriction: >= netstandard11
      System.Threading (>= 4.3) - restriction: >= netstandard11
    System.Reflection.Primitives (4.3) - restriction: || (== netstandard13) (>= net46) (>= netstandard15)
      Microsoft.NETCore.Platforms (>= 1.1) - restriction: || (== dnxcore50) (>= netstandard10)
      Microsoft.NETCore.Targets (>= 1.1) - restriction: || (== dnxcore50) (>= netstandard10)
      System.Runtime (>= 4.3) - restriction: || (== dnxcore50) (>= netstandard10)
    System.Reflection.TypeExtensions (4.3) - restriction: || (>= net46) (>= netstandard16)
    System.Resources.Reader (4.3) - restriction: == netcore11
    System.Resources.ResourceManager (4.3) - restriction: >= netstandard13
      Microsoft.NETCore.Platforms (>= 1.1) - restriction: || (== dnxcore50) (>= netstandard10)
      Microsoft.NETCore.Targets (>= 1.1) - restriction: || (== dnxcore50) (>= netstandard10)
      System.Globalization (>= 4.3) - restriction: || (== dnxcore50) (>= netstandard10)
      System.Reflection (>= 4.3) - restriction: || (== dnxcore50) (>= netstandard10)
      System.Runtime (>= 4.3) - restriction: || (== dnxcore50) (>= netstandard10)
    System.Runtime (4.3) - restriction: >= netstandard13
      Microsoft.NETCore.Platforms (>= 1.1) - restriction: || (== dnxcore50) (== netstandard10) (== netstandard12) (== netstandard13) (>= netstandard15)
      Microsoft.NETCore.Targets (>= 1.1) - restriction: || (== dnxcore50) (== netstandard10) (== netstandard12) (== netstandard13) (>= netstandard15)
    System.Runtime.Extensions (4.3) - restriction: >= netstandard13
      Microsoft.NETCore.Platforms (>= 1.1) - restriction: || (== dnxcore50) (== netstandard10) (== netstandard13) (>= netstandard15)
      Microsoft.NETCore.Targets (>= 1.1) - restriction: || (== dnxcore50) (== netstandard10) (== netstandard13) (>= netstandard15)
      System.Runtime (>= 4.3) - restriction: || (== dnxcore50) (== netstandard10) (== netstandard13) (>= netstandard15)
    System.Runtime.Handles (4.3) - restriction: >= netstandard13
      Microsoft.NETCore.Platforms (>= 1.1) - restriction: >= netstandard13
      Microsoft.NETCore.Targets (>= 1.1) - restriction: >= netstandard13
      System.Runtime (>= 4.3) - restriction: >= netstandard13
    System.Runtime.InteropServices (4.3) - restriction: >= netstandard13
      Microsoft.NETCore.Platforms (>= 1.1) - restriction: || (== dnxcore50) (== netstandard11) (== netstandard12) (== netstandard13) (>= netstandard15)
      Microsoft.NETCore.Targets (>= 1.1) - restriction: || (== dnxcore50) (== netstandard11) (== netstandard12) (== netstandard13) (>= netstandard15)
      System.Reflection (>= 4.3) - restriction: || (== dnxcore50) (== netstandard11) (== netstandard12) (== netstandard13) (>= netstandard15)
      System.Reflection.Primitives (>= 4.3) - restriction: || (== dnxcore50) (== netstandard11) (== netstandard12) (== netstandard13) (>= netstandard15)
      System.Runtime (>= 4.3) - restriction: || (== dnxcore50) (== netstandard11) (== netstandard12) (== netstandard13) (>= netstandard15)
      System.Runtime.Handles (>= 4.3) - restriction: || (== dnxcore50) (== netstandard13) (>= netstandard15)
    System.Runtime.InteropServices.RuntimeInformation (4.3) - restriction: || (>= net463) (>= netstandard16)
      runtime.native.System (>= 4.3) - restriction: >= netstandard11
      System.Reflection (>= 4.3) - restriction: || (== dnxcore50) (>= netstandard11)
      System.Reflection.Extensions (>= 4.3) - restriction: || (== dnxcore50) (>= netstandard11)
      System.Resources.ResourceManager (>= 4.3) - restriction: || (== dnxcore50) (>= netstandard11)
      System.Runtime (>= 4.3) - restriction: || (== dnxcore50) (>= netstandard11)
      System.Runtime.InteropServices (>= 4.3) - restriction: >= netstandard11
      System.Threading (>= 4.3) - restriction: || (== dnxcore50) (>= netstandard11)
    System.Runtime.Loader (4.3) - restriction: == netcore11
    System.Runtime.Numerics (4.3) - restriction: || (>= net46) (>= netstandard16)
      System.Globalization (>= 4.3) - restriction: || (== dnxcore50) (>= netstandard13)
      System.Resources.ResourceManager (>= 4.3) - restriction: || (== dnxcore50) (>= netstandard13)
      System.Runtime (>= 4.3) - restriction: || (== dnxcore50) (== netstandard11) (>= netstandard13)
      System.Runtime.Extensions (>= 4.3) - restriction: || (== dnxcore50) (>= netstandard13)
    System.Runtime.Serialization.Primitives (4.3) - restriction: == netcore11
    System.Security.Cryptography.Algorithms (4.3) - restriction: >= netstandard13
      Microsoft.NETCore.Platforms (>= 1.1) - restriction: || (== dnxcore50) (>= netstandard16)
      runtime.native.System.Security.Cryptography.Apple (>= 4.3) - restriction: >= netstandard16
      runtime.native.System.Security.Cryptography.OpenSsl (>= 4.3) - restriction: >= netstandard16
      System.Collections (>= 4.3) - restriction: >= netstandard16
      System.IO (>= 4.3) - restriction: || (== dnxcore50) (== netstandard13) (== netstandard14) (>= net463) (>= netstandard16)
      System.Resources.ResourceManager (>= 4.3) - restriction: || (== dnxcore50) (>= netstandard16)
      System.Runtime (>= 4.3) - restriction: || (== dnxcore50) (== netstandard13) (== netstandard14) (>= net463) (>= netstandard16)
      System.Runtime.Extensions (>= 4.3) - restriction: || (== dnxcore50) (>= netstandard16)
      System.Runtime.Handles (>= 4.3) - restriction: || (== dnxcore50) (>= netstandard16)
      System.Runtime.InteropServices (>= 4.3) - restriction: || (== dnxcore50) (>= netstandard16)
      System.Runtime.Numerics (>= 4.3) - restriction: >= netstandard16
      System.Security.Cryptography.Encoding (>= 4.3) - restriction: || (== dnxcore50) (>= net463) (>= netstandard16)
      System.Security.Cryptography.Primitives (>= 4.3) - restriction: || (== net46) (== net461) (== dnxcore50) (== netstandard13) (== netstandard14) (>= net463) (>= netstandard16)
      System.Text.Encoding (>= 4.3) - restriction: || (== dnxcore50) (>= netstandard16)
    System.Security.Cryptography.Cng (4.3) - restriction: || (>= net46) (>= netstandard16)
      Microsoft.NETCore.Platforms (>= 1.1) - restriction: || (== netstandard14) (>= netstandard16)
      System.IO (>= 4.3) - restriction: || (== netstandard13) (== netstandard14) (>= netstandard16)
      System.Resources.ResourceManager (>= 4.3) - restriction: || (== netstandard14) (>= netstandard16)
      System.Runtime (>= 4.3) - restriction: || (== netstandard13) (== netstandard14) (>= netstandard16)
      System.Runtime.Extensions (>= 4.3) - restriction: || (== netstandard14) (>= netstandard16)
      System.Runtime.Handles (>= 4.3) - restriction: || (== netstandard13) (== netstandard14) (>= netstandard16)
      System.Runtime.InteropServices (>= 4.3) - restriction: || (== netstandard14) (>= netstandard16)
      System.Security.Cryptography.Algorithms (>= 4.3) - restriction: || (== net46) (== net461) (== netstandard13) (== netstandard14) (>= net463) (>= netstandard16)
      System.Security.Cryptography.Encoding (>= 4.3) - restriction: || (== netstandard14) (>= netstandard16)
      System.Security.Cryptography.Primitives (>= 4.3) - restriction: || (== net46) (== net461) (== netstandard13) (== netstandard14) (>= net463) (>= netstandard16)
      System.Text.Encoding (>= 4.3) - restriction: || (== netstandard14) (>= netstandard16)
    System.Security.Cryptography.Csp (4.3) - restriction: >= netstandard13
      Microsoft.NETCore.Platforms (>= 1.1) - restriction: >= netstandard13
      System.IO (>= 4.3) - restriction: >= netstandard13
      System.Reflection (>= 4.3) - restriction: >= netstandard13
      System.Resources.ResourceManager (>= 4.3) - restriction: >= netstandard13
      System.Runtime (>= 4.3) - restriction: >= netstandard13
      System.Runtime.Extensions (>= 4.3) - restriction: >= netstandard13
      System.Runtime.Handles (>= 4.3) - restriction: >= netstandard13
      System.Runtime.InteropServices (>= 4.3) - restriction: >= netstandard13
      System.Security.Cryptography.Algorithms (>= 4.3) - restriction: >= netstandard13
      System.Security.Cryptography.Encoding (>= 4.3) - restriction: >= netstandard13
      System.Security.Cryptography.Primitives (>= 4.3) - restriction: >= netstandard13
      System.Text.Encoding (>= 4.3) - restriction: >= netstandard13
      System.Threading (>= 4.3) - restriction: >= netstandard13
    System.Security.Cryptography.Encoding (4.3) - restriction: >= netstandard13
      Microsoft.NETCore.Platforms (>= 1.1) - restriction: >= netstandard13
      runtime.native.System.Security.Cryptography.OpenSsl (>= 4.3) - restriction: >= netstandard13
      System.Collections (>= 4.3) - restriction: >= netstandard13
      System.Collections.Concurrent (>= 4.3) - restriction: >= netstandard13
      System.Linq (>= 4.3) - restriction: >= netstandard13
      System.Resources.ResourceManager (>= 4.3) - restriction: >= netstandard13
      System.Runtime (>= 4.3) - restriction: >= netstandard13
      System.Runtime.Extensions (>= 4.3) - restriction: >= netstandard13
      System.Runtime.Handles (>= 4.3) - restriction: >= netstandard13
      System.Runtime.InteropServices (>= 4.3) - restriction: >= netstandard13
      System.Security.Cryptography.Primitives (>= 4.3) - restriction: >= netstandard13
      System.Text.Encoding (>= 4.3) - restriction: >= netstandard13
    System.Security.Cryptography.OpenSsl (4.3) - restriction: || (>= net46) (>= netstandard16)
      runtime.native.System.Security.Cryptography.OpenSsl (>= 4.3) - restriction: || (>= net463) (>= netstandard16)
      System.Collections (>= 4.3) - restriction: >= netstandard16
      System.IO (>= 4.3) - restriction: || (>= net463) (>= netstandard16)
      System.Resources.ResourceManager (>= 4.3) - restriction: >= netstandard16
      System.Runtime (>= 4.3) - restriction: || (>= net463) (>= netstandard16)
      System.Runtime.Extensions (>= 4.3) - restriction: || (>= net463) (>= netstandard16)
      System.Runtime.Handles (>= 4.3) - restriction: >= netstandard16
      System.Runtime.InteropServices (>= 4.3) - restriction: >= netstandard16
      System.Runtime.Numerics (>= 4.3) - restriction: >= netstandard16
      System.Security.Cryptography.Algorithms (>= 4.3) - restriction: || (>= net463) (>= netstandard16)
      System.Security.Cryptography.Encoding (>= 4.3) - restriction: || (>= net463) (>= netstandard16)
      System.Security.Cryptography.Primitives (>= 4.3) - restriction: || (>= net463) (>= netstandard16)
      System.Text.Encoding (>= 4.3) - restriction: >= netstandard16
    System.Security.Cryptography.Primitives (4.3) - restriction: >= netstandard13
      System.Diagnostics.Debug (>= 4.3) - restriction: >= netstandard13
      System.Globalization (>= 4.3) - restriction: >= netstandard13
      System.IO (>= 4.3) - restriction: >= netstandard13
      System.Resources.ResourceManager (>= 4.3) - restriction: >= netstandard13
      System.Runtime (>= 4.3) - restriction: >= netstandard13
      System.Threading (>= 4.3) - restriction: >= netstandard13
      System.Threading.Tasks (>= 4.3) - restriction: >= netstandard13
    System.Security.Cryptography.X509Certificates (4.3) - restriction: || (>= net46) (>= netstandard16)
      Microsoft.NETCore.Platforms (>= 1.1) - restriction: || (== dnxcore50) (>= netstandard16)
      runtime.native.System (>= 4.3) - restriction: >= netstandard16
      runtime.native.System.Net.Http (>= 4.3) - restriction: >= netstandard16
      runtime.native.System.Security.Cryptography.OpenSsl (>= 4.3) - restriction: >= netstandard16
      System.Collections (>= 4.3) - restriction: || (== dnxcore50) (>= netstandard16)
      System.Diagnostics.Debug (>= 4.3) - restriction: >= netstandard16
      System.Globalization (>= 4.3) - restriction: || (== dnxcore50) (>= netstandard16)
      System.Globalization.Calendars (>= 4.3) - restriction: || (== dnxcore50) (>= netstandard16)
      System.IO (>= 4.3) - restriction: || (== dnxcore50) (>= netstandard16)
      System.IO.FileSystem (>= 4.3) - restriction: || (== dnxcore50) (>= netstandard16)
      System.IO.FileSystem.Primitives (>= 4.3) - restriction: >= netstandard16
      System.Resources.ResourceManager (>= 4.3) - restriction: || (== dnxcore50) (>= netstandard16)
      System.Runtime (>= 4.3) - restriction: || (== dnxcore50) (== netstandard13) (== netstandard14) (>= netstandard16)
      System.Runtime.Extensions (>= 4.3) - restriction: || (== dnxcore50) (>= netstandard16)
      System.Runtime.Handles (>= 4.3) - restriction: || (== dnxcore50) (== netstandard13) (== netstandard14) (>= netstandard16)
      System.Runtime.InteropServices (>= 4.3) - restriction: || (== dnxcore50) (>= netstandard16)
      System.Runtime.Numerics (>= 4.3) - restriction: || (== dnxcore50) (>= netstandard16)
      System.Security.Cryptography.Algorithms (>= 4.3) - restriction: || (== net46) (== dnxcore50) (== netstandard13) (== netstandard14) (>= net461) (>= netstandard16)
      System.Security.Cryptography.Cng (>= 4.3) - restriction: || (== dnxcore50) (>= netstandard16)
      System.Security.Cryptography.Csp (>= 4.3) - restriction: >= netstandard16
      System.Security.Cryptography.Encoding (>= 4.3) - restriction: || (== net46) (== dnxcore50) (== netstandard13) (== netstandard14) (>= net461) (>= netstandard16)
      System.Security.Cryptography.OpenSsl (>= 4.3) - restriction: >= netstandard16
      System.Security.Cryptography.Primitives (>= 4.3) - restriction: || (== dnxcore50) (>= netstandard16)
      System.Text.Encoding (>= 4.3) - restriction: || (== dnxcore50) (>= netstandard16)
      System.Threading (>= 4.3) - restriction: || (== dnxcore50) (>= netstandard16)
    System.Text.Encoding (4.3) - restriction: >= netstandard13
      Microsoft.NETCore.Platforms (>= 1.1) - restriction: || (== dnxcore50) (== netstandard10) (>= netstandard13)
      Microsoft.NETCore.Targets (>= 1.1) - restriction: || (== dnxcore50) (== netstandard10) (>= netstandard13)
      System.Runtime (>= 4.3) - restriction: || (== dnxcore50) (== netstandard10) (>= netstandard13)
    System.Text.Encoding.CodePages (4.3) - restriction: >= net46
    System.Text.Encoding.Extensions (4.3) - restriction: || (>= net46) (>= netstandard16)
      Microsoft.NETCore.Platforms (>= 1.1) - restriction: || (== dnxcore50) (== netstandard10) (>= netstandard13)
      Microsoft.NETCore.Targets (>= 1.1) - restriction: || (== dnxcore50) (== netstandard10) (>= netstandard13)
      System.Runtime (>= 4.3) - restriction: || (== dnxcore50) (== netstandard10) (>= netstandard13)
      System.Text.Encoding (>= 4.3) - restriction: || (== dnxcore50) (== netstandard10) (>= netstandard13)
    System.Text.RegularExpressions (4.3) - restriction: || (>= net46) (>= netstandard16)
      System.Collections (>= 4.3) - restriction: || (== dnxcore50) (>= netstandard16)
      System.Globalization (>= 4.3) - restriction: || (== dnxcore50) (>= netstandard16)
      System.Resources.ResourceManager (>= 4.3) - restriction: || (== dnxcore50) (>= netstandard16)
      System.Runtime (>= 4.3) - restriction: || (== dnxcore50) (== netstandard10) (== netstandard13) (>= netstandard16)
      System.Runtime.Extensions (>= 4.3) - restriction: || (== dnxcore50) (>= netstandard16)
      System.Threading (>= 4.3) - restriction: || (== dnxcore50) (>= netstandard16)
    System.Threading (4.3) - restriction: >= netstandard13
      System.Runtime (>= 4.3) - restriction: || (== dnxcore50) (== netstandard10) (>= netstandard13)
      System.Threading.Tasks (>= 4.3) - restriction: || (== dnxcore50) (== netstandard10) (>= netstandard13)
    System.Threading.Tasks (4.3) - restriction: >= netstandard13
      Microsoft.NETCore.Platforms (>= 1.1) - restriction: || (== dnxcore50) (== netstandard10) (>= netstandard13)
      Microsoft.NETCore.Targets (>= 1.1) - restriction: || (== dnxcore50) (== netstandard10) (>= netstandard13)
      System.Runtime (>= 4.3) - restriction: || (== dnxcore50) (== netstandard10) (>= netstandard13)
    System.Threading.Tasks.Dataflow (4.7) - restriction: == netcore11
    System.Threading.Tasks.Extensions (4.3) - restriction: || (>= net46) (>= netstandard16)
    System.Threading.Tasks.Parallel (4.3) - restriction: || (>= net46) (>= netstandard16)
      System.Collections.Concurrent (>= 4.3) - restriction: || (== dnxcore50) (== netstandard11) (>= netstandard13)
      System.Diagnostics.Debug (>= 4.3) - restriction: || (== dnxcore50) (>= netstandard13)
      System.Diagnostics.Tracing (>= 4.3) - restriction: || (== dnxcore50) (>= netstandard13)
      System.Resources.ResourceManager (>= 4.3) - restriction: || (== dnxcore50) (>= netstandard13)
      System.Runtime (>= 4.3) - restriction: || (== dnxcore50) (== netstandard11) (>= netstandard13)
      System.Runtime.Extensions (>= 4.3) - restriction: || (== dnxcore50) (>= netstandard13)
      System.Threading (>= 4.3) - restriction: || (== dnxcore50) (>= netstandard13)
      System.Threading.Tasks (>= 4.3) - restriction: || (== dnxcore50) (== netstandard11) (>= netstandard13)
    System.Threading.Thread (4.3) - restriction: || (>= net46) (>= netstandard16)
      System.Runtime (>= 4.3) - restriction: >= netstandard13
    System.Threading.ThreadPool (4.3) - restriction: || (>= net463) (>= netstandard16)
      System.Runtime (>= 4.3) - restriction: >= netstandard13
      System.Runtime.Handles (>= 4.3) - restriction: >= netstandard13
    System.Threading.Timer (4.3) - restriction: || (>= net463) (>= netstandard16)
      Microsoft.NETCore.Platforms (>= 1.1) - restriction: || (== dnxcore50) (>= netstandard12)
      Microsoft.NETCore.Targets (>= 1.1) - restriction: || (== dnxcore50) (>= netstandard12)
      System.Runtime (>= 4.3) - restriction: || (== dnxcore50) (>= netstandard12)
    System.ValueTuple (4.3.1) - restriction: || (== netcore11) (>= net46)
    System.Xml.ReaderWriter (4.3) - restriction: || (>= net46) (>= netstandard16)
      System.Collections (>= 4.3) - restriction: || (== dnxcore50) (>= netstandard13)
      System.Diagnostics.Debug (>= 4.3) - restriction: || (== dnxcore50) (>= netstandard13)
      System.Globalization (>= 4.3) - restriction: || (== dnxcore50) (>= netstandard13)
      System.IO (>= 4.3) - restriction: || (== dnxcore50) (== netstandard10) (>= netstandard13)
      System.IO.FileSystem (>= 4.3) - restriction: || (== dnxcore50) (>= netstandard13)
      System.IO.FileSystem.Primitives (>= 4.3) - restriction: || (== dnxcore50) (>= netstandard13)
      System.Resources.ResourceManager (>= 4.3) - restriction: || (== dnxcore50) (>= netstandard13)
      System.Runtime (>= 4.3) - restriction: || (== dnxcore50) (== netstandard10) (>= netstandard13)
      System.Runtime.Extensions (>= 4.3) - restriction: || (== dnxcore50) (>= netstandard13)
      System.Runtime.InteropServices (>= 4.3) - restriction: || (== dnxcore50) (>= netstandard13)
      System.Text.Encoding (>= 4.3) - restriction: || (== dnxcore50) (== netstandard10) (>= netstandard13)
      System.Text.Encoding.Extensions (>= 4.3) - restriction: || (== dnxcore50) (>= netstandard13)
      System.Text.RegularExpressions (>= 4.3) - restriction: || (== dnxcore50) (>= netstandard13)
      System.Threading.Tasks (>= 4.3) - restriction: || (== dnxcore50) (== netstandard10) (>= netstandard13)
      System.Threading.Tasks.Extensions (>= 4.3) - restriction: || (== dnxcore50) (>= netstandard13)
    System.Xml.XDocument (4.3) - restriction: || (>= net46) (>= netstandard16)
      System.Collections (>= 4.3) - restriction: || (== dnxcore50) (>= netstandard13)
      System.Diagnostics.Debug (>= 4.3) - restriction: || (== dnxcore50) (>= netstandard13)
      System.Diagnostics.Tools (>= 4.3) - restriction: || (== dnxcore50) (>= netstandard13)
      System.Globalization (>= 4.3) - restriction: || (== dnxcore50) (>= netstandard13)
      System.IO (>= 4.3) - restriction: || (== dnxcore50) (== netstandard10) (>= netstandard13)
      System.Reflection (>= 4.3) - restriction: || (== dnxcore50) (>= netstandard13)
      System.Resources.ResourceManager (>= 4.3) - restriction: || (== dnxcore50) (>= netstandard13)
      System.Runtime (>= 4.3) - restriction: || (== dnxcore50) (== netstandard10) (>= netstandard13)
      System.Runtime.Extensions (>= 4.3) - restriction: || (== dnxcore50) (>= netstandard13)
      System.Text.Encoding (>= 4.3) - restriction: || (== dnxcore50) (>= netstandard13)
      System.Threading (>= 4.3) - restriction: || (== dnxcore50) (>= netstandard13)
      System.Xml.ReaderWriter (>= 4.3) - restriction: || (== dnxcore50) (== netstandard10) (>= netstandard13)
    System.Xml.XmlDocument (4.3) - restriction: >= net46
    System.Xml.XPath (4.3) - restriction: >= net46
    System.Xml.XPath.XDocument (4.3) - restriction: >= net46
      System.Xml.XPath (>= 4.3) - restriction: >= netstandard13
    System.Xml.XPath.XmlDocument (4.3) - restriction: == netcore11
